{
  "AcquisitionMatrixPE": 120,
  "AcquisitionNumber": 1,
  "AcquisitionTime": "10:23:44.270000",
  "BandwidthPerPixelPhaseEncode": 7.862,
  "BaseResolution": 120,
  "BodyPartExamined": "HEAD",
  "ConsistencyInfo": "N4_VE11C_LATEST_20160120",
  "ConversionSoftware": "dcm2niix",
  "ConversionSoftwareVersion": "v1.0.20190410  GCC6.3.0",
  "DerivedVendorReportedEchoSpacing": 0.00105995,
  "DeviceSerialNumber": "45250",
  "DiffusionScheme": "Monopolar",
  "DwellTime": 3.9e-06,
  "EchoTime": 0.113,
  "EchoTrainLength": 90,
  "EffectiveEchoSpacing": 0.00105995,
  "FlipAngle": 90,
  "ImageOrientationPatientDICOM": [0.991531, 0.114099, -0.0620307, -0.119988, 0.987584, -0.101396],
  "ImageType": [
    "ORIGINAL",
    "PRIMARY",
    "DIFFUSION",
    "NONE",
    "ND",
    "NORM",
    "MOSAIC"
],
  "ImagingFrequency": 123.224,
  "InPlanePhaseEncodingDirectionDICOM": "COL",
  "InstitutionAddress": "Kopernikusstr._26_Graz_Graz_AT_8010",
  "InstitutionName": "KFU",
  "InstitutionalDepartmentName": "Department",
  "MRAcquisitionType": "2D",
  "MagneticFieldStrength": 3,
  "Manufacturer": "Siemens",
  "ManufacturersModelName": "Skyra",
  "Modality": "MR",
  "MultibandAccelerationFactor": 4,
  "PartialFourier": 0.75,
  "PatientPosition": "HFS",
  "PercentPhaseFOV": 100,
  "PhaseEncodingDirection": "j-",
  "PhaseEncodingSteps": 90,
  "PhaseResolution": 1,
  "PixelBandwidth": 1070,
  "ProcedureStepDescription": "KFU_MRI_Lab",
  "ProtocolName": "SMS_MS_b2000_30d",
  "PulseSequenceDetails": "%SiemensSeq%_ep2d_diff",
  "ReceiveCoilActiveElements": "HEA;HEP",
  "ReceiveCoilName": "Head_32",
  "ReconMatrixPE": 120,
  "RefLinesPE": 20,
  "RepetitionTime": 3.5,
  "SAR": 0.257172,
  "ScanOptions": "PFP_FS",
  "ScanningSequence": "EP",
  "SequenceName": "_ep_b0",
  "SequenceVariant": "SK_SP",
  "SeriesDescription": "SMS_MS_b2000_30d",
  "SeriesNumber": 8,
  "ShimSetting": [-982, -2679, -4237, 488, 764, 498, 684, -1044],
  "SliceThickness": 2,
  "SliceTiming": [1.6375, 0, 1.8425, 0.205, 2.0475, 0.41, 2.2525, 0.615, 2.4575, 0.82, 2.6625, 1.025, 2.8675, 1.23, 3.0725, 1.4325, 3.275, 1.6375, 0, 1.8425, 0.205, 2.0475, 0.41, 2.2525, 0.615, 2.4575, 0.82, 2.6625, 1.025, 2.8675, 1.23, 3.0725, 1.4325, 3.275, 1.6375, 0, 1.8425, 0.205, 2.0475, 0.41, 2.2525, 0.615, 2.4575, 0.82, 2.6625, 1.025, 2.8675, 1.23, 3.0725, 1.4325, 3.275, 1.6375, 0, 1.8425, 0.205, 2.0475, 0.41, 2.2525, 0.615, 2.4575, 0.82, 2.6625, 1.025, 2.8675, 1.23, 3.0725, 1.4325, 3.275],
  "SoftwareVersions": "syngo_MR_E11",
  "SpacingBetweenSlices": 2,
  "StationName": "FBMTMR1",
  "TotalReadoutTime": 0.126134,
  "TxRefAmp": 334.357,
  "dcmmeta_affine": [
    [-1.9830617904663086, -0.23997695744037628, -0.09938257932662964, 130.78372192382812],
    [-0.22819861769676208, 1.9751673936843872, -0.2159605622291565, -113.64582061767578],
    [-0.12406139820814133, 0.20279207825660706, 1.9858207702636719, -41.58583450317383],
    [0.0, 0.0, 0.0, 1.0]
],
  "dcmmeta_reorient_transform": [
    [0.0, -1.0, 0.0, 119.0],
    [1.0, 0.0, 0.0, 0.0],
    [0.0, 0.0, 1.0, 0.0],
    [0.0, 0.0, 0.0, 1.0]
],
  "dcmmeta_shape": [120, 120, 68, 31],
  "dcmmeta_slice_dim": 2,
  "dcmmeta_version": 0.6,
  "global": {
    "const": {
      "AcquisitionMatrix": [120, 0, 0, 120],
      "AngioFlag": "N",
      "BitsAllocated": 16,
      "BitsStored": 12,
      "BodyPartExamined": "HEAD",
      "Columns": 1080,
      "EchoNumbers": 1,
      "EchoTime": 113.0,
      "EchoTrainLength": 90,
      "FlipAngle": 90.0,
      "HighBit": 11,
      "ImageOrientationPatient": [0.99153090716708, 0.11409931028312, -0.0620306982497, -0.1199884823106, 0.98758372146149, -0.1013960414271],
      "ImagePositionPatient": [-938.90718651884, -1179.0148168852, 139.4360938472],
      "ImageType": [
        "ORIGINAL",
        "PRIMARY",
        "DIFFUSION",
        "NONE",
        "ND",
        "NORM",
        "MOSAIC"
],
      "ImagedNucleus": "1H",
      "ImagingFrequency": 123.224434,
      "InPlanePhaseEncodingDirection": "COL",
      "MRAcquisitionType": "2D",
      "MagneticFieldStrength": 3.0,
      "Manufacturer": "SIEMENS",
      "ManufacturerModelName": "Skyra",
      "Modality": "MR",
      "NumberOfAverages": 1.0,
      "NumberOfPhaseEncodingSteps": 90,
      "PercentPhaseFieldOfView": 100.0,
      "PercentSampling": 100.0,
      "PerformedProcedureStepStartTime": "101142.305000",
      "PhotometricInterpretation": "MONOCHROME2",
      "PixelBandwidth": 1070.0,
      "PixelRepresentation": 0,
      "PixelSpacing": [2.0, 2.0],
      "ProtocolName": "SMS_MS_b2000_30d",
      "RepetitionTime": 3500.0,
      "Rows": 1080,
      "SAR": 0.25717186953364,
      "SamplesPerPixel": 1,
      "ScanOptions": [
        "PFP",
        "FS"
],
      "ScanningSequence": "EP",
      "SequenceVariant": [
        "SK",
        "SP"
],
      "SeriesDescription": "SMS_MS_b2000_30d",
      "SeriesNumber": 8,
      "SeriesTime": "102511.347000",
      "SliceLocation": -35.518310967042,
      "SliceThickness": 2.0,
      "SmallestImagePixelValue": 0,
      "SoftwareVersions": "syngo MR E11",
      "SpacingBetweenSlices": 1.9999999981251,
      "SpecificCharacterSet": "ISO_IR 100",
      "StudyID": "1",
      "StudyTime": "101142.238000",
      "TransmitCoilName": "Body",
      "VariableFlipAngleFlag": "N",
      "WindowCenterWidthExplanation": "Algo1",
      "dBdt": 0.0},
    "slices": {}
  },
  "time": {
    "samples": {
      "AcquisitionNumber": [1, 2, 3, 4, 5, 6, 7, 8, 9, 10, 11, 12, 13, 14, 15, 16, 17, 18, 19, 20, 21, 22, 23, 24, 25, 26, 27, 28, 29, 30, 31],
      "AcquisitionTime": ["102344.270000", "102347.770000", "102351.270000", "102354.770000", "102358.270000", "102401.770000", "102405.270000", "102408.770000", "102412.270000", "102415.770000", "102419.270000", "102422.770000", "102426.270000", "102429.770000", "102433.270000", "102436.770000", "102440.270000", "102443.770000", "102447.270000", "102450.770000", "102454.270000", "102457.770000", "102501.270000", "102504.770000", "102508.270000", "102511.770000", "102515.270000", "102518.770000", "102522.270000", "102525.770000", "102529.270000"],
      "ContentTime": ["102511.351000", "102511.355000", "102511.358000", "102511.362000", "102511.365000", "102511.368000", "102511.371000", "102511.375000", "102511.378000", "102511.381000", "102511.385000", "102511.388000", "102511.391000", "102511.395000", "102511.398000", "102511.401000", "102511.410000", "102511.413000", "102511.416000", "102511.421000", "102511.425000", "102511.428000", "102511.431000", "102511.434000", "102532.951000", "102532.955000", "102532.959000", "102532.963000", "102532.967000", "102532.970000", "102532.973000"],
      "InstanceCreationTime": ["102511.351000", "102511.355000", "102511.358000", "102511.362000", "102511.365000", "102511.368000", "102511.371000", "102511.375000", "102511.378000", "102511.381000", "102511.385000", "102511.388000", "102511.391000", "102511.395000", "102511.398000", "102511.401000", "102511.410000", "102511.413000", "102511.416000", "102511.421000", "102511.425000", "102511.428000", "102511.431000", "102511.434000", "102532.951000", "102532.955000", "102532.959000", "102532.963000", "102532.967000", "102532.970000", "102532.973000"],
      "InstanceNumber": [1, 2, 3, 4, 5, 6, 7, 8, 9, 10, 11, 12, 13, 14, 15, 16, 17, 18, 19, 20, 21, 22, 23, 24, 25, 26, 27, 28, 29, 30, 31],
      "LargestImagePixelValue": [1595, 141, 155, 159, 153, 144, 157, 148, 153, 151, 148, 157, 137, 154, 155, 151, 159, 150, 142, 166, 149, 159, 142, 148, 145, 158, 174, 151, 135, 179, 174],
      "SequenceName": [
        "*ep_b0",
        "*ep_b2000#1",
        "*ep_b2000#2",
        "*ep_b2000#3",
        "*ep_b2000#4",
        "*ep_b2000#5",
        "*ep_b2000#6",
        "*ep_b2000#7",
        "*ep_b2000#8",
        "*ep_b2000#9",
        "*ep_b2000#10",
        "*ep_b2000#11",
        "*ep_b2000#12",
        "*ep_b2000#13",
        "*ep_b2000#14",
        "*ep_b2000#15",
        "*ep_b2000#16",
        "*ep_b2000#17",
        "*ep_b2000#18",
        "*ep_b2000#19",
        "*ep_b2000#20",
        "*ep_b2000#21",
        "*ep_b2000#22",
        "*ep_b2000#23",
        "*ep_b2000#24",
        "*ep_b2000#25",
        "*ep_b2000#26",
        "*ep_b2000#27",
        "*ep_b2000#28",
        "*ep_b2000#29",
        "*ep_b2000#30"
],
      "WindowCenter": [200.0, 50.0, 51.0, 52.0, 51.0, 50.0, 52.0, 50.0, 51.0, 52.0, 51.0, 52.0, 51.0, 52.0, 52.0, 52.0, 52.0, 52.0, 51.0, 52.0, 50.0, 52.0, 50.0, 51.0, 50.0, 51.0, 52.0, 52.0, 50.0, 53.0, 53.0],
      "WindowWidth": [483.0, 136.0, 138.0, 140.0, 138.0, 137.0, 142.0, 137.0, 138.0, 141.0, 140.0, 142.0, 139.0, 142.0, 142.0, 142.0, 141.0, 142.0, 139.0, 140.0, 137.0, 140.0, 138.0, 139.0, 137.0, 138.0, 142.0, 141.0, 137.0, 143.0, 144.0]
    },
    "slices": {}
  }
}