{
  "AcquisitionMatrixPE": 120,
  "AcquisitionNumber": 1,
  "AcquisitionTime": "13:00:37.287500",
  "BandwidthPerPixelPhaseEncode": 7.862,
  "BaseResolution": 120,
  "BodyPartExamined": "BRAIN",
  "ConsistencyInfo": "N4_VE11C_LATEST_20160120",
  "ConversionSoftware": "dcm2niix",
  "ConversionSoftwareVersion": "v1.0.20190410  GCC6.3.0",
  "DerivedVendorReportedEchoSpacing": 0.00105995,
  "DeviceSerialNumber": "45250",
  "DiffusionScheme": "Monopolar",
  "DwellTime": 3.9e-06,
  "EchoTime": 0.113,
  "EchoTrainLength": 90,
  "EffectiveEchoSpacing": 0.00105995,
  "FlipAngle": 90,
  "ImageOrientationPatientDICOM": [0.998641, -0.0182459, -0.0488283, 6.62506e-09, 0.936737, -0.350034],
  "ImageType": [
    "ORIGINAL",
    "PRIMARY",
    "DIFFUSION",
    "NONE",
    "ND",
    "NORM",
    "MOSAIC"
],
  "ImagingFrequency": 123.225,
  "InPlanePhaseEncodingDirectionDICOM": "COL",
  "InstitutionAddress": "Kopernikusstr._26_Graz_Graz_AT_8010",
  "InstitutionName": "KFU",
  "InstitutionalDepartmentName": "Department",
  "MRAcquisitionType": "2D",
  "MagneticFieldStrength": 3,
  "Manufacturer": "Siemens",
  "ManufacturersModelName": "Skyra",
  "Modality": "MR",
  "MultibandAccelerationFactor": 4,
  "PartialFourier": 0.75,
  "PatientPosition": "HFS",
  "PercentPhaseFOV": 100,
  "PhaseEncodingDirection": "j-",
  "PhaseEncodingSteps": 90,
  "PhaseResolution": 1,
  "PixelBandwidth": 1070,
  "ProcedureStepDescription": "KFU_MRI_Lab",
  "ProtocolName": "SMS_MS_b2000_30d",
  "PulseSequenceDetails": "%SiemensSeq%_ep2d_diff",
  "ReceiveCoilActiveElements": "HEA;HEP",
  "ReceiveCoilName": "Head_32",
  "ReconMatrixPE": 120,
  "RefLinesPE": 20,
  "RepetitionTime": 3.5,
  "SAR": 0.255347,
  "ScanOptions": "PFP_FS",
  "ScanningSequence": "EP",
  "SequenceName": "_ep_b0",
  "SequenceVariant": "SK_SP",
  "SeriesDescription": "SMS_MS_b2000_30d",
  "SeriesNumber": 8,
  "ShimSetting": [-993, -2496, -4198, 591, 785, 920, 332, -962],
  "SliceThickness": 2,
  "SliceTiming": [1.64, 0, 1.8425, 0.205, 2.0475, 0.41, 2.2525, 0.615, 2.4575, 0.82, 2.6625, 1.025, 2.8675, 1.23, 3.0725, 1.435, 3.2775, 1.64, 0, 1.8425, 0.205, 2.0475, 0.41, 2.2525, 0.615, 2.4575, 0.82, 2.6625, 1.025, 2.8675, 1.23, 3.0725, 1.435, 3.2775, 1.64, 0, 1.8425, 0.205, 2.0475, 0.41, 2.2525, 0.615, 2.4575, 0.82, 2.6625, 1.025, 2.8675, 1.23, 3.0725, 1.435, 3.2775, 1.64, 0, 1.8425, 0.205, 2.0475, 0.41, 2.2525, 0.615, 2.4575, 0.82, 2.6625, 1.025, 2.8675, 1.23, 3.0725, 1.435, 3.2775],
  "SoftwareVersions": "syngo_MR_E11",
  "SpacingBetweenSlices": 2,
  "StationName": "FBMTMR1",
  "TotalReadoutTime": 0.126134,
  "TxRefAmp": 342.347,
  "dcmmeta_affine": [
    [-1.9972810745239258, 1.3250113894969218e-08, -0.10425199568271637, 118.21299743652344],
    [0.03649180009961128, 1.8734736442565918, -0.6991171836853027, -116.2809829711914],
    [-0.09765667468309402, 0.7000688910484314, 1.8709267377853394, -73.85832977294922],
    [0.0, 0.0, 0.0, 1.0]
],
  "dcmmeta_reorient_transform": [
    [0.0, -1.0, 0.0, 119.0],
    [1.0, 0.0, 0.0, 0.0],
    [0.0, 0.0, 1.0, 0.0],
    [0.0, 0.0, 0.0, 1.0]
],
  "dcmmeta_shape": [120, 120, 68, 31],
  "dcmmeta_slice_dim": 2,
  "dcmmeta_version": 0.6,
  "global": {
    "const": {
      "AcquisitionMatrix": [120, 0, 0, 120],
      "AngioFlag": "N",
      "BitsAllocated": 16,
      "BitsStored": 12,
      "BodyPartExamined": "BRAIN",
      "Columns": 1080,
      "EchoNumbers": 1,
      "EchoTime": 113.0,
      "EchoTrainLength": 90,
      "FlipAngle": 90.0,
      "HighBit": 11,
      "ImageOrientationPatient": [0.99864051616181, -0.0182459004896, -0.0488283380364, 6.625057e-09, 0.9367368282577, -0.3500344477129],
      "ImagePositionPatient": [-1076.9079022241, -988.41366960656, 392.35814283778],
      "ImageType": [
        "ORIGINAL",
        "PRIMARY",
        "DIFFUSION",
        "NONE",
        "ND",
        "NORM",
        "MOSAIC"
],
      "ImagedNucleus": "1H",
      "ImagingFrequency": 123.224672,
      "InPlanePhaseEncodingDirection": "COL",
      "MRAcquisitionType": "2D",
      "MagneticFieldStrength": 3.0,
      "Manufacturer": "SIEMENS",
      "ManufacturerModelName": "Skyra",
      "Modality": "MR",
      "NumberOfAverages": 1.0,
      "NumberOfPhaseEncodingSteps": 90,
      "PercentPhaseFieldOfView": 100.0,
      "PercentSampling": 100.0,
      "PerformedProcedureStepStartTime": "124903.148000",
      "PhotometricInterpretation": "MONOCHROME2",
      "PixelBandwidth": 1070.0,
      "PixelRepresentation": 0,
      "PixelSpacing": [2.0, 2.0],
      "ProtocolName": "SMS_MS_b2000_30d",
      "RepetitionTime": 3500.0,
      "Rows": 1080,
      "SAR": 0.25534674084777,
      "SamplesPerPixel": 1,
      "ScanOptions": [
        "PFP",
        "FS"
],
      "ScanningSequence": "EP",
      "SequenceVariant": [
        "SK",
        "SP"
],
      "SeriesDescription": "SMS_MS_b2000_30d",
      "SeriesNumber": 8,
      "SeriesTime": "130201.468000",
      "SliceLocation": -34.606714602301,
      "SliceThickness": 2.0,
      "SmallestImagePixelValue": 0,
      "SoftwareVersions": "syngo MR E11",
      "SpacingBetweenSlices": 1.9999999922947,
      "SpecificCharacterSet": "ISO_IR 100",
      "StudyID": "1",
      "StudyTime": "124903.058000",
      "TransmitCoilName": "Body",
      "VariableFlipAngleFlag": "N",
      "WindowCenterWidthExplanation": "Algo1",
      "dBdt": 0.0},
    "slices": {}
  },
  "time": {
    "samples": {
      "AcquisitionNumber": [1, 2, 3, 4, 5, 6, 7, 8, 9, 10, 11, 12, 13, 14, 15, 16, 17, 18, 19, 20, 21, 22, 23, 24, 25, 26, 27, 28, 29, 30, 31],
      "AcquisitionTime": ["130037.287500", "130040.787500", "130044.287500", "130047.787500", "130051.287500", "130054.787500", "130058.287500", "130101.787500", "130105.287500", "130108.787500", "130112.287500", "130115.787500", "130119.287500", "130122.787500", "130126.287500", "130129.787500", "130133.287500", "130136.787500", "130140.287500", "130143.787500", "130147.287500", "130150.787500", "130154.287500", "130157.787500", "130201.287500", "130204.787500", "130208.287500", "130211.787500", "130215.287500", "130218.787500", "130222.287500"],
      "ContentTime": ["130201.472000", "130201.476000", "130201.487000", "130201.504000", "130201.507000", "130201.510000", "130201.513000", "130201.517000", "130201.520000", "130201.523000", "130201.526000", "130201.530000", "130201.533000", "130201.536000", "130201.539000", "130201.543000", "130201.546000", "130201.549000", "130201.553000", "130201.556000", "130201.559000", "130201.562000", "130201.566000", "130201.569000", "130225.675000", "130225.679000", "130225.682000", "130225.686000", "130225.689000", "130225.692000", "130225.695000"],
      "InstanceCreationTime": ["130201.472000", "130201.476000", "130201.487000", "130201.504000", "130201.507000", "130201.510000", "130201.513000", "130201.517000", "130201.520000", "130201.523000", "130201.526000", "130201.530000", "130201.533000", "130201.536000", "130201.539000", "130201.543000", "130201.546000", "130201.549000", "130201.553000", "130201.556000", "130201.559000", "130201.562000", "130201.566000", "130201.569000", "130225.675000", "130225.679000", "130225.682000", "130225.686000", "130225.689000", "130225.692000", "130225.695000"],
      "InstanceNumber": [1, 2, 3, 4, 5, 6, 7, 8, 9, 10, 11, 12, 13, 14, 15, 16, 17, 18, 19, 20, 21, 22, 23, 24, 25, 26, 27, 28, 29, 30, 31],
      "LargestImagePixelValue": [1757, 197, 194, 192, 190, 182, 168, 183, 196, 235, 168, 168, 176, 175, 180, 166, 160, 176, 166, 154, 171, 164, 181, 166, 173, 201, 189, 207, 202, 188, 196],
      "SequenceName": [
        "*ep_b0",
        "*ep_b2000#1",
        "*ep_b2000#2",
        "*ep_b2000#3",
        "*ep_b2000#4",
        "*ep_b2000#5",
        "*ep_b2000#6",
        "*ep_b2000#7",
        "*ep_b2000#8",
        "*ep_b2000#9",
        "*ep_b2000#10",
        "*ep_b2000#11",
        "*ep_b2000#12",
        "*ep_b2000#13",
        "*ep_b2000#14",
        "*ep_b2000#15",
        "*ep_b2000#16",
        "*ep_b2000#17",
        "*ep_b2000#18",
        "*ep_b2000#19",
        "*ep_b2000#20",
        "*ep_b2000#21",
        "*ep_b2000#22",
        "*ep_b2000#23",
        "*ep_b2000#24",
        "*ep_b2000#25",
        "*ep_b2000#26",
        "*ep_b2000#27",
        "*ep_b2000#28",
        "*ep_b2000#29",
        "*ep_b2000#30"
],
      "WindowCenter": [247.0, 61.0, 60.0, 60.0, 61.0, 61.0, 59.0, 60.0, 60.0, 62.0, 60.0, 61.0, 61.0, 61.0, 60.0, 59.0, 62.0, 63.0, 60.0, 61.0, 60.0, 60.0, 62.0, 61.0, 61.0, 60.0, 60.0, 61.0, 61.0, 61.0, 61.0],
      "WindowWidth": [578.0, 163.0, 162.0, 162.0, 165.0, 164.0, 160.0, 161.0, 163.0, 166.0, 163.0, 165.0, 165.0, 165.0, 161.0, 160.0, 166.0, 168.0, 162.0, 163.0, 160.0, 161.0, 166.0, 165.0, 164.0, 163.0, 161.0, 165.0, 165.0, 164.0, 163.0]
    },
    "slices": {}
  }
}