{
  "AcquisitionMatrixPE": 120,
  "AcquisitionNumber": 1,
  "AcquisitionTime": "14:54:46.650000",
  "BandwidthPerPixelPhaseEncode": 7.862,
  "BaseResolution": 120,
  "BodyPartExamined": "BRAIN",
  "ConsistencyInfo": "N4_VE11C_LATEST_20160120",
  "ConversionSoftware": "dcm2niix",
  "ConversionSoftwareVersion": "v1.0.20190410  GCC6.3.0",
  "DerivedVendorReportedEchoSpacing": 0.00105995,
  "DeviceSerialNumber": "45250",
  "DiffusionScheme": "Monopolar",
  "DwellTime": 3.9e-06,
  "EchoTime": 0.104,
  "EchoTrainLength": 90,
  "EffectiveEchoSpacing": 0.00105995,
  "FlipAngle": 90,
  "ImageOrientationPatientDICOM": [0.990255, 0.131811, -0.0449617, -0.139171, 0.94863, -0.284136],
  "ImageType": [
    "ORIGINAL",
    "PRIMARY",
    "DIFFUSION",
    "NONE",
    "ND",
    "NORM",
    "MOSAIC"
],
  "ImagingFrequency": 123.224,
  "InPlanePhaseEncodingDirectionDICOM": "COL",
  "InstitutionAddress": "Kopernikusstr._26_Graz_Graz_AT_8010",
  "InstitutionName": "KFU",
  "InstitutionalDepartmentName": "Department",
  "MRAcquisitionType": "2D",
  "MagneticFieldStrength": 3,
  "Manufacturer": "Siemens",
  "ManufacturersModelName": "Skyra",
  "Modality": "MR",
  "MultibandAccelerationFactor": 4,
  "PartialFourier": 0.75,
  "PatientPosition": "HFS",
  "PercentPhaseFOV": 100,
  "PhaseEncodingDirection": "j-",
  "PhaseEncodingSteps": 90,
  "PhaseResolution": 1,
  "PixelBandwidth": 1070,
  "ProcedureStepDescription": "KFU_MRI_Lab",
  "ProtocolName": "SMS_MS_b1000_20d",
  "PulseSequenceDetails": "%SiemensSeq%_ep2d_diff",
  "ReceiveCoilActiveElements": "HEA;HEP",
  "ReceiveCoilName": "Head_32",
  "ReconMatrixPE": 120,
  "RefLinesPE": 20,
  "RepetitionTime": 3.5,
  "SAR": 0.278075,
  "ScanOptions": "PFP_FS",
  "ScanningSequence": "EP",
  "SequenceName": "_ep_b0",
  "SequenceVariant": "SK_SP",
  "SeriesDescription": "SMS_MS_b1000_20d",
  "SeriesNumber": 6,
  "ShimSetting": [-951, -2662, -4451, 757, 810, 558, 827, -1140],
  "SliceThickness": 2,
  "SliceTiming": [1.6375, 0, 1.8425, 0.205, 2.045, 0.4075, 2.25, 0.6125, 2.455, 0.8175, 2.66, 1.0225, 2.865, 1.2275, 3.07, 1.4325, 3.275, 1.6375, 0, 1.8425, 0.205, 2.045, 0.4075, 2.25, 0.6125, 2.455, 0.8175, 2.66, 1.0225, 2.865, 1.2275, 3.07, 1.4325, 3.275, 1.6375, 0, 1.8425, 0.205, 2.045, 0.4075, 2.25, 0.6125, 2.455, 0.8175, 2.66, 1.0225, 2.865, 1.2275, 3.07, 1.4325, 3.275, 1.6375, 0, 1.8425, 0.205, 2.045, 0.4075, 2.25, 0.6125, 2.455, 0.8175, 2.66, 1.0225, 2.865, 1.2275, 3.07, 1.4325, 3.275],
  "SoftwareVersions": "syngo_MR_E11",
  "SpacingBetweenSlices": 2,
  "StationName": "FBMTMR1",
  "TotalReadoutTime": 0.126134,
  "TxRefAmp": 321.802,
  "dcmmeta_affine": [
    [-1.9805094003677368, -0.27834245562553406, -0.010399581864476204, 134.1578369140625],
    [-0.26362180709838867, 1.89725923538208, -0.5752485394477844, -109.11656951904297],
    [-0.08992340415716171, 0.568271815776825, 1.9154584407806396, -91.95230865478516],
    [0.0, 0.0, 0.0, 1.0]
],
  "dcmmeta_reorient_transform": [
    [0.0, -1.0, 0.0, 119.0],
    [1.0, 0.0, 0.0, 0.0],
    [0.0, 0.0, 1.0, 0.0],
    [0.0, 0.0, 0.0, 1.0]
],
  "dcmmeta_shape": [120, 120, 68, 21],
  "dcmmeta_slice_dim": 2,
  "dcmmeta_version": 0.6,
  "global": {
    "const": {
      "AcquisitionMatrix": [120, 0, 0, 120],
      "AngioFlag": "N",
      "BitsAllocated": 16,
      "BitsStored": 12,
      "BodyPartExamined": "BRAIN",
      "Columns": 1080,
      "EchoNumbers": 1,
      "EchoTime": 104.0,
      "EchoTrainLength": 90,
      "FlipAngle": 90.0,
      "HighBit": 11,
      "ImageOrientationPatient": [0.99025467937384, 0.13181090770521, -0.0449617013483, -0.139171233206, 0.94862962147437, -0.2841358990155],
      "ImagePositionPatient": [-918.0751990803, -1153.8801860724, 291.60572913261],
      "ImageType": [
        "ORIGINAL",
        "PRIMARY",
        "DIFFUSION",
        "NONE",
        "ND",
        "NORM",
        "MOSAIC"
],
      "ImagedNucleus": "1H",
      "ImagingFrequency": 123.22447,
      "InPlanePhaseEncodingDirection": "COL",
      "MRAcquisitionType": "2D",
      "MagneticFieldStrength": 3.0,
      "Manufacturer": "SIEMENS",
      "ManufacturerModelName": "Skyra",
      "Modality": "MR",
      "NumberOfAverages": 1.0,
      "NumberOfPhaseEncodingSteps": 90,
      "PercentPhaseFieldOfView": 100.0,
      "PercentSampling": 100.0,
      "PerformedProcedureStepStartTime": "144518.657000",
      "PhotometricInterpretation": "MONOCHROME2",
      "PixelBandwidth": 1070.0,
      "PixelRepresentation": 0,
      "PixelSpacing": [2.0, 2.0],
      "ProtocolName": "SMS_MS_b1000_20d",
      "RepetitionTime": 3500.0,
      "Rows": 1080,
      "SAR": 0.27807518254807,
      "SamplesPerPixel": 1,
      "ScanOptions": [
        "PFP",
        "FS"
],
      "ScanningSequence": "EP",
      "SequenceVariant": [
        "SK",
        "SP"
],
      "SeriesDescription": "SMS_MS_b1000_20d",
      "SeriesNumber": 6,
      "SeriesTime": "145559.735000",
      "SliceLocation": -57.378431625172,
      "SliceThickness": 2.0,
      "SmallestImagePixelValue": 0,
      "SoftwareVersions": "syngo MR E11",
      "SpacingBetweenSlices": 2.0000000346718,
      "SpecificCharacterSet": "ISO_IR 100",
      "StudyID": "1",
      "StudyTime": "144518.509000",
      "TransmitCoilName": "Body",
      "VariableFlipAngleFlag": "N",
      "WindowCenterWidthExplanation": "Algo1",
      "dBdt": 0.0},
    "slices": {}
  },
  "time": {
    "samples": {
      "AcquisitionNumber": [1, 2, 3, 4, 5, 6, 7, 8, 9, 10, 11, 12, 13, 14, 15, 16, 17, 18, 19, 20, 21],
      "AcquisitionTime": ["145446.650000", "145450.150000", "145453.650000", "145457.150000", "145500.650000", "145504.150000", "145507.650000", "145511.150000", "145514.650000", "145518.150000", "145521.650000", "145525.150000", "145528.650000", "145532.150000", "145535.650000", "145539.150000", "145542.650000", "145546.150000", "145549.650000", "145553.150000", "145556.650000"],
      "ContentTime": ["145559.740000", "145559.744000", "145559.748000", "145559.751000", "145559.754000", "145559.757000", "145559.761000", "145559.764000", "145559.767000", "145559.784000", "145559.790000", "145559.793000", "145559.797000", "145559.800000", "145559.804000", "145559.807000", "145559.811000", "145559.815000", "145559.819000", "145559.823000", "145559.827000"],
      "InstanceCreationTime": ["145559.740000", "145559.744000", "145559.748000", "145559.751000", "145559.754000", "145559.757000", "145559.761000", "145559.764000", "145559.767000", "145559.784000", "145559.790000", "145559.793000", "145559.797000", "145559.800000", "145559.804000", "145559.807000", "145559.811000", "145559.815000", "145559.819000", "145559.823000", "145559.827000"],
      "InstanceNumber": [1, 2, 3, 4, 5, 6, 7, 8, 9, 10, 11, 12, 13, 14, 15, 16, 17, 18, 19, 20, 21],
      "LargestImagePixelValue": [1737, 353, 350, 331, 345, 331, 327, 335, 366, 333, 324, 340, 331, 361, 345, 333, 341, 336, 359, 354, 341],
      "SequenceName": [
        "*ep_b0",
        "*ep_b1000#1",
        "*ep_b1000#2",
        "*ep_b1000#3",
        "*ep_b1000#4",
        "*ep_b1000#5",
        "*ep_b1000#6",
        "*ep_b1000#7",
        "*ep_b1000#8",
        "*ep_b1000#9",
        "*ep_b1000#10",
        "*ep_b1000#11",
        "*ep_b1000#12",
        "*ep_b1000#13",
        "*ep_b1000#14",
        "*ep_b1000#15",
        "*ep_b1000#16",
        "*ep_b1000#17",
        "*ep_b1000#18",
        "*ep_b1000#19",
        "*ep_b1000#20"
],
      "WindowCenter": [226.0, 90.0, 90.0, 88.0, 90.0, 89.0, 90.0, 89.0, 91.0, 90.0, 90.0, 89.0, 88.0, 90.0, 91.0, 90.0, 88.0, 89.0, 89.0, 91.0, 91.0],
      "WindowWidth": [531.0, 233.0, 233.0, 229.0, 234.0, 232.0, 232.0, 232.0, 235.0, 234.0, 233.0, 231.0, 229.0, 233.0, 234.0, 233.0, 230.0, 230.0, 232.0, 234.0, 235.0]
    },
    "slices": {}
  }
}