{
  "AcquisitionMatrixPE": 120,
  "AcquisitionNumber": 1,
  "AcquisitionTime": "18:42:39.092500",
  "BandwidthPerPixelPhaseEncode": 7.862,
  "BaseResolution": 120,
  "BodyPartExamined": "HEAD",
  "ConsistencyInfo": "N4_VE11C_LATEST_20160120",
  "ConversionSoftware": "dcm2niix",
  "ConversionSoftwareVersion": "v1.0.20190410  GCC6.3.0",
  "DerivedVendorReportedEchoSpacing": 0.00105995,
  "DeviceSerialNumber": "45250",
  "DiffusionScheme": "Monopolar",
  "DwellTime": 3.9e-06,
  "EchoTime": 0.125,
  "EchoTrainLength": 90,
  "EffectiveEchoSpacing": 0.00105995,
  "FlipAngle": 90,
  "ImageOrientationPatientDICOM": [0.995722, 0.0692309, 0.0611871, -0.0696277, 0.997563, 0.00437503],
  "ImageType": [
    "ORIGINAL",
    "PRIMARY",
    "DIFFUSION",
    "NONE",
    "ND",
    "NORM",
    "MOSAIC"
],
  "ImagingFrequency": 123.224,
  "InPlanePhaseEncodingDirectionDICOM": "COL",
  "InstitutionAddress": "Kopernikusstr._26_Graz_Graz_AT_8010",
  "InstitutionName": "KFU",
  "InstitutionalDepartmentName": "Department",
  "MRAcquisitionType": "2D",
  "MagneticFieldStrength": 3,
  "Manufacturer": "Siemens",
  "ManufacturersModelName": "Skyra",
  "Modality": "MR",
  "MultibandAccelerationFactor": 4,
  "PartialFourier": 0.75,
  "PatientPosition": "HFS",
  "PercentPhaseFOV": 100,
  "PhaseEncodingDirection": "j-",
  "PhaseEncodingSteps": 90,
  "PhaseResolution": 1,
  "PixelBandwidth": 1070,
  "ProcedureStepDescription": "KFU_MRI_Lab",
  "ProtocolName": "SMS_MS_b3000_64d",
  "PulseSequenceDetails": "%SiemensSeq%_ep2d_diff",
  "ReceiveCoilActiveElements": "HEA;HEP",
  "ReceiveCoilName": "Head_32",
  "ReconMatrixPE": 120,
  "RefLinesPE": 20,
  "RepetitionTime": 3.5,
  "SAR": 0.260614,
  "ScanOptions": "PFP_FS",
  "ScanningSequence": "EP",
  "SequenceName": "_ep_b0",
  "SequenceVariant": "SK_SP",
  "SeriesDescription": "SMS_MS_b3000_64d",
  "SeriesNumber": 10,
  "ShimSetting": [-988, -2593, -4168, 620, 484, 1047, 432, -947],
  "SliceThickness": 2,
  "SliceTiming": [1.6375, 0, 1.8425, 0.205, 2.0475, 0.41, 2.2525, 0.615, 2.4575, 0.82, 2.6625, 1.025, 2.865, 1.2275, 3.07, 1.4325, 3.275, 1.6375, 0, 1.8425, 0.205, 2.0475, 0.41, 2.2525, 0.615, 2.4575, 0.82, 2.6625, 1.025, 2.865, 1.2275, 3.07, 1.4325, 3.275, 1.6375, 0, 1.8425, 0.205, 2.0475, 0.41, 2.2525, 0.615, 2.4575, 0.82, 2.6625, 1.025, 2.865, 1.2275, 3.07, 1.4325, 3.275, 1.6375, 0, 1.8425, 0.205, 2.0475, 0.41, 2.2525, 0.615, 2.4575, 0.82, 2.6625, 1.025, 2.865, 1.2275, 3.07, 1.4325, 3.275],
  "SoftwareVersions": "syngo_MR_E11",
  "SpacingBetweenSlices": 2,
  "StationName": "FBMTMR1",
  "TotalReadoutTime": 0.126134,
  "TxRefAmp": 335.994,
  "dcmmeta_affine": [
    [-1.9914449453353882, -0.13925544917583466, 0.12147025018930435, 132.09104919433594],
    [-0.13846175372600555, 1.9951268434524536, 0.017233261838555336, -110.23636627197266],
    [0.12237419933080673, -0.008750054985284805, 1.9962334632873535, -18.773256301879883],
    [0.0, 0.0, 0.0, 1.0]
],
  "dcmmeta_reorient_transform": [
    [0.0, -1.0, 0.0, 119.0],
    [1.0, 0.0, 0.0, 0.0],
    [0.0, 0.0, 1.0, 0.0],
    [0.0, 0.0, 0.0, 1.0]
],
  "dcmmeta_shape": [120, 120, 68, 65],
  "dcmmeta_slice_dim": 2,
  "dcmmeta_version": 0.6,
  "global": {
    "const": {
      "AcquisitionMatrix": [120, 0, 0, 120],
      "AngioFlag": "N",
      "BitsAllocated": 16,
      "BitsStored": 12,
      "BodyPartExamined": "HEAD",
      "Columns": 1080,
      "EchoNumbers": 1,
      "EchoTime": 125.0,
      "EchoTrainLength": 90,
      "FlipAngle": 90.0,
      "HighBit": 11,
      "ImageOrientationPatient": [0.99572246383376, 0.06923087502618, 0.06118709798594, -0.0696277209674, 0.99756345141909, 0.00437502750989],
      "ImagePositionPatient": [-1004.5706017337, -1151.3062850079, -82.754154213165],
      "ImageType": [
        "ORIGINAL",
        "PRIMARY",
        "DIFFUSION",
        "NONE",
        "ND",
        "NORM",
        "MOSAIC"
],
      "ImagedNucleus": "1H",
      "ImagingFrequency": 123.224403,
      "InPlanePhaseEncodingDirection": "COL",
      "MRAcquisitionType": "2D",
      "MagneticFieldStrength": 3.0,
      "Manufacturer": "SIEMENS",
      "ManufacturerModelName": "Skyra",
      "Modality": "MR",
      "NumberOfAverages": 1.0,
      "NumberOfPhaseEncodingSteps": 90,
      "PercentPhaseFieldOfView": 100.0,
      "PercentSampling": 100.0,
      "PerformedProcedureStepStartTime": "182327.638000",
      "PhotometricInterpretation": "MONOCHROME2",
      "PixelBandwidth": 1070.0,
      "PixelRepresentation": 0,
      "PixelSpacing": [2.0, 2.0],
      "ProtocolName": "SMS_MS_b3000_64d",
      "RepetitionTime": 3500.0,
      "Rows": 1080,
      "SAR": 0.2606141835704,
      "SamplesPerPixel": 1,
      "ScanOptions": [
        "PFP",
        "FS"
],
      "ScanningSequence": "EP",
      "SequenceVariant": [
        "SK",
        "SP"
],
      "SeriesDescription": "SMS_MS_b3000_64d",
      "SeriesNumber": 10,
      "SeriesTime": "184359.691000",
      "SliceLocation": -11.665201869676,
      "SliceThickness": 2.0,
      "SmallestImagePixelValue": 0,
      "SoftwareVersions": "syngo MR E11",
      "SpacingBetweenSlices": 2.0000000042843,
      "SpecificCharacterSet": "ISO_IR 100",
      "StudyID": "1",
      "StudyTime": "182327.576000",
      "TransmitCoilName": "Body",
      "VariableFlipAngleFlag": "N",
      "WindowCenterWidthExplanation": "Algo1",
      "dBdt": 0.0},
