{
  "AcquisitionMatrixPE": 120,
  "AcquisitionNumber": 1,
  "AcquisitionTime": "11:05:6.675000",
  "BandwidthPerPixelPhaseEncode": 7.862,
  "BaseResolution": 120,
  "BodyPartExamined": "HEAD",
  "ConsistencyInfo": "N4_VE11C_LATEST_20160120",
  "ConversionSoftware": "dcm2niix",
  "ConversionSoftwareVersion": "v1.0.20190410  GCC6.3.0",
  "DerivedVendorReportedEchoSpacing": 0.00105995,
  "DeviceSerialNumber": "45250",
  "DiffusionScheme": "Monopolar",
  "DwellTime": 3.9e-06,
  "EchoTime": 0.104,
  "EchoTrainLength": 90,
  "EffectiveEchoSpacing": 0.00105995,
  "FlipAngle": 90,
  "ImageOrientationPatientDICOM": [
    0.995874,
    -0.0862772,
    0.0281434,
    0.0888793,
    0.98991,
    -0.110361
  ],
  "ImageType": [
    "ORIGINAL",
    "PRIMARY",
    "DIFFUSION",
    "NONE",
    "ND",
    "NORM"
  ],
  "ImagingFrequency": 123.224,
  "InPlanePhaseEncodingDirectionDICOM": "COL",
  "InstitutionAddress": "Kopernikusstr._26_Graz_Graz_AT_8010",
  "InstitutionName": "KFU",
  "InstitutionalDepartmentName": "Department",
  "MRAcquisitionType": "2D",
  "MagneticFieldStrength": 3,
  "Manufacturer": "Siemens",
  "ManufacturersModelName": "Skyra",
  "Modality": "MR",
  "MultibandAccelerationFactor": 4,
  "PartialFourier": 0.75,
  "PatientPosition": "HFS",
  "PercentPhaseFOV": 100,
  "PhaseEncodingDirection": "j",
  "PhaseEncodingSteps": 90,
  "PhaseResolution": 1,
  "PixelBandwidth": 1070,
  "ProcedureStepDescription": "KFU_MRI_Lab",
  "ProtocolName": "SMS_MS_b1000_20d_PA",
  "PulseSequenceDetails": "%SiemensSeq%_ep2d_diff",
  "ReceiveCoilActiveElements": "HEA;HEP",
  "ReceiveCoilName": "Head_32",
  "ReconMatrixPE": 120,
  "RefLinesPE": 20,
  "RepetitionTime": 3.5,
  "SAR": 0.168165,
  "ScanOptions": "PFP_FS",
  "ScanningSequence": "EP",
  "SequenceName": "_ep_b0",
  "SequenceVariant": "SK_SP",
  "SeriesDescription": "SMS_MS_b1000_20d_PA",
  "SeriesNumber": 7,
  "ShimSetting": [
    -899,
    -2552,
    -4185,
    570,
    783,
    993,
    467,
    -844
  ],
  "SliceThickness": 2,
  "SoftwareVersions": "syngo_MR_E11",
  "SpacingBetweenSlices": 2,
  "StationName": "FBMTMR1",
  "TotalReadoutTime": 0.126134,
  "TxRefAmp": 322.271,
  "dcmmeta_affine": [
    [
      -1.9917471408843994,
      0.17775869369506836,
      0.036675214767456055,
      103.83740234375
    ],
    [
      0.17255446314811707,
      1.9798190593719482,
      -0.22481536865234375,
      -139.36351013183594
    ],
    [
      0.05628671124577522,
      0.22072261571884155,
      1.9869918823242188,
      -45.447147369384766
    ],
    [
      0,
      0,
      0,
      1
    ]
  ],
  "dcmmeta_reorient_transform": [
    [
      0,
      -1,
      0,
      119
    ],
    [
      1,
      0,
      0,
      0
    ],
    [
      0,
      0,
      -1,
      67
    ],
    [
      0,
      0,
      0,
      1
    ]
  ],
  "dcmmeta_shape": [
    120,
    120,
    68
  ],
  "dcmmeta_slice_dim": 2,
  "dcmmeta_version": 0.6,
  "global": {
    "const": {
      "AcquisitionMatrix": [
        120,
        0,
        0,
        120
      ],
      "AcquisitionNumber": 1,
      "AngioFlag": "N",
      "BitsAllocated": 16,
      "BitsStored": 12,
      "BodyPartExamined": "HEAD",
      "Columns": 120,
      "EchoNumbers": 1,
      "EchoTime": 104,
      "EchoTrainLength": 90,
      "FlipAngle": 90,
      "HighBit": 11,
      "ImageOrientationPatient": [
        0.99587358170619,
        -0.0862772319701,
        0.02814335629009,
        0.0888793436792,
        0.98990951281494,
        -0.1103613098221
      ],
      "ImageType": [
        "ORIGINAL",
        "PRIMARY",
        "DIFFUSION",
        "NONE",
        "ND",
        "NORM"
      ],
      "ImagedNucleus": "1H",
      "ImagingFrequency": 123.224298,
      "InPlanePhaseEncodingDirection": "COL",
      "MRAcquisitionType": "2D",
      "MagneticFieldStrength": 3,
      "Manufacturer": "SIEMENS",
      "ManufacturerModelName": "Skyra",
      "Modality": "MR",
      "NumberOfAverages": 1,
      "NumberOfPhaseEncodingSteps": 90,
      "PercentPhaseFieldOfView": 100,
      "PercentSampling": 100,
      "PerformedProcedureStepStartTime": "105126.176000",
      "PhotometricInterpretation": "MONOCHROME2",
      "PixelBandwidth": 1070,
      "PixelRepresentation": 0,
      "PixelSpacing": [
        2,
        2
      ],
      "ProtocolName": "SMS_MS_b1000_20d_PA",
      "RepetitionTime": 3500,
      "Rows": 120,
      "SAR": 0.16816515393011,
      "SamplesPerPixel": 1,
      "ScanOptions": [
        "PFP",
        "FS"
      ],
      "ScanningSequence": "EP",
      "SequenceName": "*ep_b0",
      "SequenceVariant": [
        "SK",
        "SP"
      ],
      "SeriesDescription": "SMS_MS_b1000_20d_PA",
      "SeriesNumber": 7,
      "SeriesTime": "110511.762000",
      "SliceThickness": 2,
      "SmallestImagePixelValue": 0,
      "SoftwareVersions": "syngo MR E11",
      "SpacingBetweenSlices": 2,
      "SpecificCharacterSet": "ISO_IR 100",
      "StudyID": "1",
      "StudyTime": "105126.109000",
      "TransmitCoilName": "Body",
      "VariableFlipAngleFlag": "N",
      "WindowCenterWidthExplanation": "Algo1",
      "dBdt": 0
    },
