{
  "AcquisitionMatrixPE": 120,
  "AcquisitionNumber": 1,
  "AcquisitionTime": "18:10:43.645000",
  "BandwidthPerPixelPhaseEncode": 7.862,
  "BaseResolution": 120,
  "BodyPartExamined": "HEAD",
  "ConsistencyInfo": "N4_VE11C_LATEST_20160120",
  "ConversionSoftware": "dcm2niix",
  "ConversionSoftwareVersion": "v1.0.20190410  GCC6.3.0",
  "DerivedVendorReportedEchoSpacing": 0.00105995,
  "DeviceSerialNumber": "45250",
  "DiffusionScheme": "Monopolar",
  "DwellTime": 3.9e-06,
  "EchoTime": 0.104,
  "EchoTrainLength": 90,
  "EffectiveEchoSpacing": 0.00105995,
  "FlipAngle": 90,
  "ImageOrientationPatientDICOM": [0.990317, -0.0918902, 0.104063, 0.109332, 0.978172, -0.176708],
  "ImageType": [
    "ORIGINAL",
    "PRIMARY",
    "DIFFUSION",
    "NONE",
    "ND",
    "NORM",
    "MOSAIC"
],
  "ImagingFrequency": 123.224,
  "InPlanePhaseEncodingDirectionDICOM": "COL",
  "InstitutionAddress": "Kopernikusstr._26_Graz_Graz_AT_8010",
  "InstitutionName": "KFU",
  "InstitutionalDepartmentName": "Department",
  "MRAcquisitionType": "2D",
  "MagneticFieldStrength": 3,
  "Manufacturer": "Siemens",
  "ManufacturersModelName": "Skyra",
  "Modality": "MR",
  "MultibandAccelerationFactor": 4,
  "PartialFourier": 0.75,
  "PatientPosition": "HFS",
  "PercentPhaseFOV": 100,
  "PhaseEncodingDirection": "j-",
  "PhaseEncodingSteps": 90,
  "PhaseResolution": 1,
  "PixelBandwidth": 1070,
  "ProcedureStepDescription": "KFU_MRI_Lab",
  "ProtocolName": "SMS_MS_b1000_20d",
  "PulseSequenceDetails": "%SiemensSeq%_ep2d_diff",
  "ReceiveCoilActiveElements": "HEA;HEP",
  "ReceiveCoilName": "Head_32",
  "ReconMatrixPE": 120,
  "RefLinesPE": 20,
  "RepetitionTime": 3.5,
  "SAR": 0.234526,
  "ScanOptions": "PFP_FS",
  "ScanningSequence": "EP",
  "SequenceName": "_ep_b0",
  "SequenceVariant": "SK_SP",
  "SeriesDescription": "SMS_MS_b1000_20d",
  "SeriesNumber": 6,
  "ShimSetting": [-931, -2407, -4077, 531, 547, 1201, 202, -942],
  "SliceThickness": 2,
  "SliceTiming": [1.6375, 0, 1.8425, 0.205, 2.045, 0.4075, 2.25, 0.6125, 2.455, 0.8175, 2.66, 1.0225, 2.865, 1.2275, 3.07, 1.4325, 3.275, 1.6375, 0, 1.8425, 0.205, 2.045, 0.4075, 2.25, 0.6125, 2.455, 0.8175, 2.66, 1.0225, 2.865, 1.2275, 3.07, 1.4325, 3.275, 1.6375, 0, 1.8425, 0.205, 2.045, 0.4075, 2.25, 0.6125, 2.455, 0.8175, 2.66, 1.0225, 2.865, 1.2275, 3.07, 1.4325, 3.275, 1.6375, 0, 1.8425, 0.205, 2.045, 0.4075, 2.25, 0.6125, 2.455, 0.8175, 2.66, 1.0225, 2.865, 1.2275, 3.07, 1.4325, 3.275],
  "SoftwareVersions": "syngo_MR_E11",
  "SpacingBetweenSlices": 2,
  "StationName": "FBMTMR1",
  "TotalReadoutTime": 0.126134,
  "TxRefAmp": 323.301,
  "dcmmeta_affine": [
    [-1.98063325881958, 0.21866391599178314, 0.17110781371593475, 105.21251678466797],
    [0.1837804764509201, 1.9563443660736084, -0.37274840474128723, -132.81900024414062],
    [0.2081262320280075, 0.3534158170223236, 1.9574934244155884, -53.49470520019531],
    [0.0, 0.0, 0.0, 1.0]
],
  "dcmmeta_reorient_transform": [
    [0.0, -1.0, 0.0, 119.0],
    [1.0, 0.0, 0.0, 0.0],
    [0.0, 0.0, 1.0, 0.0],
    [0.0, 0.0, 0.0, 1.0]
],
  "dcmmeta_shape": [120, 120, 68, 21],
  "dcmmeta_slice_dim": 2,
  "dcmmeta_version": 0.6,
  "global": {
    "const": {
      "AcquisitionMatrix": [120, 0, 0, 120],
      "AngioFlag": "N",
      "BitsAllocated": 16,
      "BitsStored": 12,
      "BodyPartExamined": "HEAD",
      "Columns": 1080,
      "EchoNumbers": 1,
      "EchoTime": 104.0,
      "EchoTrainLength": 90,
      "FlipAngle": 90.0,
      "HighBit": 11,
      "ImageOrientationPatient": [0.99031664229425, -0.0918902411481, 0.10406311343022, 0.10933195462216, 0.97817219199772, -0.1767079129549],
      "ImagePositionPatient": [-1186.896171649, -950.81665756761, 58.300783892538],
      "ImageType": [
        "ORIGINAL",
        "PRIMARY",
        "DIFFUSION",
        "NONE",
        "ND",
        "NORM",
        "MOSAIC"
],
      "ImagedNucleus": "1H",
      "ImagingFrequency": 123.224369,
      "InPlanePhaseEncodingDirection": "COL",
      "MRAcquisitionType": "2D",
      "MagneticFieldStrength": 3.0,
      "Manufacturer": "SIEMENS",
      "ManufacturerModelName": "Skyra",
      "Modality": "MR",
      "NumberOfAverages": 1.0,
      "NumberOfPhaseEncodingSteps": 90,
      "PercentPhaseFieldOfView": 100.0,
      "PercentSampling": 100.0,
      "PerformedProcedureStepStartTime": "175538.923000",
      "PhotometricInterpretation": "MONOCHROME2",
      "PixelBandwidth": 1070.0,
      "PixelRepresentation": 0,
      "PixelSpacing": [2.0, 2.0],
      "ProtocolName": "SMS_MS_b1000_20d",
      "RepetitionTime": 3500.0,
      "Rows": 1080,
      "SAR": 0.23452588509053,
      "SamplesPerPixel": 1,
      "ScanOptions": [
        "PFP",
        "FS"
],
      "ScanningSequence": "EP",
      "SequenceVariant": [
        "SK",
        "SP"
],
      "SeriesDescription": "SMS_MS_b1000_20d",
      "SeriesNumber": 6,
      "SeriesTime": "181059.620000",
      "SliceLocation": -18.602392320148,
      "SliceThickness": 2.0,
      "SmallestImagePixelValue": 0,
      "SoftwareVersions": "syngo MR E11",
      "SpacingBetweenSlices": 1.9999999458332,
      "SpecificCharacterSet": "ISO_IR 100",
      "StudyID": "1",
      "StudyTime": "175538.866000",
      "TransmitCoilName": "Body",
      "VariableFlipAngleFlag": "N",
      "WindowCenterWidthExplanation": "Algo1",
      "dBdt": 0.0},
    "slices": {}
  },
  "time": {
    "samples": {
      "AcquisitionNumber": [1, 2, 3, 4, 5, 6, 7, 8, 9, 10, 11, 12, 13, 14, 15, 16, 17, 18, 19, 20, 21],
      "AcquisitionTime": ["181043.645000", "181047.145000", "181050.645000", "181054.145000", "181057.645000", "181101.145000", "181104.645000", "181108.145000", "181111.645000", "181115.145000", "181118.645000", "181122.145000", "181125.645000", "181129.145000", "181132.645000", "181136.145000", "181139.645000", "181143.145000", "181146.645000", "181150.145000", "181153.645000"],
      "ContentTime": ["181059.624000", "181059.628000", "181059.632000", "181059.635000", "181156.502000", "181156.505000", "181156.509000", "181156.512000", "181156.528000", "181156.532000", "181156.535000", "181156.557000", "181156.561000", "181156.564000", "181156.572000", "181156.575000", "181156.579000", "181156.582000", "181156.586000", "181156.589000", "181156.592000"],
      "InstanceCreationTime": ["181059.624000", "181059.628000", "181059.632000", "181059.635000", "181156.502000", "181156.505000", "181156.509000", "181156.512000", "181156.528000", "181156.532000", "181156.535000", "181156.557000", "181156.561000", "181156.564000", "181156.572000", "181156.575000", "181156.579000", "181156.582000", "181156.586000", "181156.589000", "181156.592000"],
      "InstanceNumber": [1, 2, 3, 4, 5, 6, 7, 8, 9, 10, 11, 12, 13, 14, 15, 16, 17, 18, 19, 20, 21],
      "LargestImagePixelValue": [2058, 387, 342, 335, 366, 385, 384, 347, 386, 378, 356, 344, 332, 380, 370, 353, 328, 322, 325, 350, 376],
      "SequenceName": [
        "*ep_b0",
        "*ep_b1000#1",
        "*ep_b1000#2",
        "*ep_b1000#3",
        "*ep_b1000#4",
        "*ep_b1000#5",
        "*ep_b1000#6",
        "*ep_b1000#7",
        "*ep_b1000#8",
        "*ep_b1000#9",
        "*ep_b1000#10",
        "*ep_b1000#11",
        "*ep_b1000#12",
        "*ep_b1000#13",
        "*ep_b1000#14",
        "*ep_b1000#15",
        "*ep_b1000#16",
        "*ep_b1000#17",
        "*ep_b1000#18",
        "*ep_b1000#19",
        "*ep_b1000#20"
],
      "WindowCenter": [262.0, 113.0, 113.0, 113.0, 114.0, 115.0, 113.0, 113.0, 114.0, 114.0, 114.0, 113.0, 114.0, 113.0, 114.0, 114.0, 112.0, 112.0, 112.0, 112.0, 115.0],
      "WindowWidth": [603.0, 284.0, 284.0, 283.0, 285.0, 288.0, 284.0, 282.0, 285.0, 286.0, 285.0, 284.0, 284.0, 282.0, 286.0, 285.0, 282.0, 280.0, 281.0, 282.0, 287.0]
    },
    "slices": {}
  }
}