{
  "AcquisitionMatrixPE": 120,
  "AcquisitionNumber": 1,
  "AcquisitionTime": "16:56:11.295000",
  "BandwidthPerPixelPhaseEncode": 7.862,
  "BaseResolution": 120,
  "BodyPartExamined": "BRAIN",
  "ConsistencyInfo": "N4_VE11C_LATEST_20160120",
  "ConversionSoftware": "dcm2niix",
  "ConversionSoftwareVersion": "v1.0.20190410  GCC6.3.0",
  "DerivedVendorReportedEchoSpacing": 0.00105995,
  "DeviceSerialNumber": "45250",
  "DiffusionScheme": "Monopolar",
  "DwellTime": 3.9e-06,
  "EchoTime": 0.113,
  "EchoTrainLength": 90,
  "EffectiveEchoSpacing": 0.00105995,
  "FlipAngle": 90,
  "ImageOrientationPatientDICOM": [0.998848, -0.0192861, -0.043928, 4.89254e-08, 0.91564, -0.402],
  "ImageType": [
    "ORIGINAL",
    "PRIMARY",
    "DIFFUSION",
    "NONE",
    "ND",
    "NORM",
    "MOSAIC"
],
  "ImagingFrequency": 123.224,
  "InPlanePhaseEncodingDirectionDICOM": "COL",
  "InstitutionAddress": "Kopernikusstr._26_Graz_Graz_AT_8010",
  "InstitutionName": "KFU",
  "InstitutionalDepartmentName": "Department",
  "MRAcquisitionType": "2D",
  "MagneticFieldStrength": 3,
  "Manufacturer": "Siemens",
  "ManufacturersModelName": "Skyra",
  "Modality": "MR",
  "MultibandAccelerationFactor": 4,
  "PartialFourier": 0.75,
  "PatientPosition": "HFS",
  "PercentPhaseFOV": 100,
  "PhaseEncodingDirection": "j-",
  "PhaseEncodingSteps": 90,
  "PhaseResolution": 1,
  "PixelBandwidth": 1070,
  "ProcedureStepDescription": "KFU_MRI_Lab",
  "ProtocolName": "SMS_MS_b2000_30d",
  "PulseSequenceDetails": "%SiemensSeq%_ep2d_diff",
  "ReceiveCoilActiveElements": "HEA;HEP",
  "ReceiveCoilName": "Head_32",
  "ReconMatrixPE": 120,
  "RefLinesPE": 20,
  "RepetitionTime": 3.5,
  "SAR": 0.201695,
  "ScanOptions": "PFP_FS",
  "ScanningSequence": "EP",
  "SequenceName": "_ep_b0",
  "SequenceVariant": "SK_SP",
  "SeriesDescription": "SMS_MS_b2000_30d",
  "SeriesNumber": 8,
  "ShimSetting": [-940, -2566, -4316, 602, 739, 596, 3, -1043],
  "SliceThickness": 2,
  "SliceTiming": [1.6375, 0, 1.8425, 0.205, 2.0475, 0.41, 2.25, 0.6125, 2.455, 0.8175, 2.66, 1.0225, 2.865, 1.2275, 3.07, 1.4325, 3.275, 1.6375, 0, 1.8425, 0.205, 2.0475, 0.41, 2.25, 0.6125, 2.455, 0.8175, 2.66, 1.0225, 2.865, 1.2275, 3.07, 1.4325, 3.275, 1.6375, 0, 1.8425, 0.205, 2.0475, 0.41, 2.25, 0.6125, 2.455, 0.8175, 2.66, 1.0225, 2.865, 1.2275, 3.07, 1.4325, 3.275, 1.6375, 0, 1.8425, 0.205, 2.0475, 0.41, 2.25, 0.6125, 2.455, 0.8175, 2.66, 1.0225, 2.865, 1.2275, 3.07, 1.4325, 3.275],
  "SoftwareVersions": "syngo_MR_E11",
  "SpacingBetweenSlices": 2,
  "StationName": "FBMTMR1",
  "TotalReadoutTime": 0.126134,
  "TxRefAmp": 332.473,
  "dcmmeta_affine": [
    [-1.9976969957351685, 9.78508012394741e-08, -0.09595052152872086, 115.16632080078125],
    [0.03857221081852913, 1.8312792778015137, -0.8030744791030884, -105.31485748291016],
    [-0.08785605430603027, 0.8040002584457397, 1.82917058467865, -92.52255249023438],
    [0.0, 0.0, 0.0, 1.0]
],
  "dcmmeta_reorient_transform": [
    [0.0, -1.0, 0.0, 119.0],
    [1.0, 0.0, 0.0, 0.0],
    [0.0, 0.0, 1.0, 0.0],
    [0.0, 0.0, 0.0, 1.0]
],
  "dcmmeta_shape": [120, 120, 68, 31],
  "dcmmeta_slice_dim": 2,
  "dcmmeta_version": 0.6,
  "global": {
    "const": {
      "AcquisitionMatrix": [120, 0, 0, 120],
      "AngioFlag": "N",
      "BitsAllocated": 16,
      "BitsStored": 12,
      "BodyPartExamined": "BRAIN",
      "Columns": 1080,
      "EchoNumbers": 1,
      "EchoTime": 113.0,
      "EchoTrainLength": 90,
      "FlipAngle": 90.0,
      "HighBit": 11,
      "ImageOrientationPatient": [0.99884852432101, -0.0192861045737, -0.043928027865, 4.8925402e-08, 0.91563961431914, -0.4020001202605],
      "ImagePositionPatient": [-1074.060965408, -973.10673814924, 431.24449744877],
      "ImageType": [
        "ORIGINAL",
        "PRIMARY",
        "DIFFUSION",
        "NONE",
        "ND",
        "NORM",
        "MOSAIC"
],
      "ImagedNucleus": "1H",
      "ImagingFrequency": 123.224461,
      "InPlanePhaseEncodingDirection": "COL",
      "MRAcquisitionType": "2D",
      "MagneticFieldStrength": 3.0,
      "Manufacturer": "SIEMENS",
      "ManufacturerModelName": "Skyra",
      "Modality": "MR",
      "NumberOfAverages": 1.0,
      "NumberOfPhaseEncodingSteps": 90,
      "PercentPhaseFieldOfView": 100.0,
      "PercentSampling": 100.0,
      "PerformedProcedureStepStartTime": "164021.219000",
      "PhotometricInterpretation": "MONOCHROME2",
      "PixelBandwidth": 1070.0,
      "PixelRepresentation": 0,
      "PixelSpacing": [2.0, 2.0],
      "ProtocolName": "SMS_MS_b2000_30d",
      "RepetitionTime": 3500.0,
      "Rows": 1080,
      "SAR": 0.20169451309941,
      "SamplesPerPixel": 1,
      "ScanOptions": [
        "PFP",
        "FS"
],
      "ScanningSequence": "EP",
      "SequenceVariant": [
        "SK",
        "SP"
],
      "SeriesDescription": "SMS_MS_b2000_30d",
      "SeriesNumber": 8,
      "SeriesTime": "165740.252000",
      "SliceLocation": -47.857063050447,
      "SliceThickness": 2.0,
      "SmallestImagePixelValue": 0,
      "SoftwareVersions": "syngo MR E11",
      "SpacingBetweenSlices": 2.0000000037227,
      "SpecificCharacterSet": "ISO_IR 100",
      "StudyID": "1",
      "StudyTime": "164021.058000",
      "TransmitCoilName": "Body",
      "VariableFlipAngleFlag": "N",
      "WindowCenterWidthExplanation": "Algo1",
      "dBdt": 0.0},
    "slices": {}
  },
  "time": {
    "samples": {
      "AcquisitionNumber": [1, 2, 3, 4, 5, 6, 7, 8, 9, 10, 11, 12, 13, 14, 15, 16, 17, 18, 19, 20, 21, 22, 23, 24, 25, 26, 27, 28, 29, 30, 31],
      "AcquisitionTime": ["165611.295000", "165614.795000", "165618.295000", "165621.795000", "165625.295000", "165628.795000", "165632.295000", "165635.795000", "165639.295000", "165642.795000", "165646.295000", "165649.795000", "165653.295000", "165656.795000", "165700.295000", "165703.795000", "165707.295000", "165710.795000", "165714.295000", "165717.795000", "165721.295000", "165724.795000", "165728.295000", "165731.795000", "165735.295000", "165738.795000", "165742.295000", "165745.795000", "165749.295000", "165752.795000", "165756.295000"],
      "ContentTime": ["165740.256000", "165740.260000", "165740.263000", "165740.267000", "165740.270000", "165740.273000", "165740.276000", "165740.285000", "165740.289000", "165740.292000", "165740.295000", "165740.303000", "165740.306000", "165740.314000", "165740.318000", "165740.321000", "165740.324000", "165740.327000", "165740.331000", "165740.334000", "165740.337000", "165740.340000", "165740.344000", "165740.347000", "165740.350000", "165759.287000", "165759.291000", "165759.294000", "165759.297000", "165759.301000", "165759.304000"],
      "InstanceCreationTime": ["165740.256000", "165740.260000", "165740.263000", "165740.267000", "165740.270000", "165740.273000", "165740.276000", "165740.285000", "165740.289000", "165740.292000", "165740.295000", "165740.303000", "165740.306000", "165740.314000", "165740.318000", "165740.321000", "165740.324000", "165740.327000", "165740.331000", "165740.334000", "165740.337000", "165740.340000", "165740.344000", "165740.347000", "165740.350000", "165759.287000", "165759.291000", "165759.294000", "165759.297000", "165759.301000", "165759.304000"],
      "InstanceNumber": [1, 2, 3, 4, 5, 6, 7, 8, 9, 10, 11, 12, 13, 14, 15, 16, 17, 18, 19, 20, 21, 22, 23, 24, 25, 26, 27, 28, 29, 30, 31],
      "LargestImagePixelValue": [2255, 152, 163, 164, 143, 158, 162, 150, 151, 163, 152, 147, 165, 171, 165, 164, 136, 147, 144, 130, 175, 145, 161, 152, 157, 153, 163, 156, 155, 159, 163],
      "SequenceName": [
        "*ep_b0",
        "*ep_b2000#1",
        "*ep_b2000#2",
        "*ep_b2000#3",
        "*ep_b2000#4",
        "*ep_b2000#5",
        "*ep_b2000#6",
        "*ep_b2000#7",
        "*ep_b2000#8",
        "*ep_b2000#9",
        "*ep_b2000#10",
        "*ep_b2000#11",
        "*ep_b2000#12",
        "*ep_b2000#13",
        "*ep_b2000#14",
        "*ep_b2000#15",
        "*ep_b2000#16",
        "*ep_b2000#17",
        "*ep_b2000#18",
        "*ep_b2000#19",
        "*ep_b2000#20",
        "*ep_b2000#21",
        "*ep_b2000#22",
        "*ep_b2000#23",
        "*ep_b2000#24",
        "*ep_b2000#25",
        "*ep_b2000#26",
        "*ep_b2000#27",
        "*ep_b2000#28",
        "*ep_b2000#29",
        "*ep_b2000#30"
],
      "WindowCenter": [247.0, 50.0, 50.0, 51.0, 49.0, 50.0, 51.0, 50.0, 51.0, 51.0, 51.0, 50.0, 51.0, 52.0, 51.0, 51.0, 51.0, 51.0, 50.0, 50.0, 52.0, 50.0, 51.0, 51.0, 50.0, 50.0, 51.0, 51.0, 51.0, 51.0, 51.0],
      "WindowWidth": [555.0, 136.0, 137.0, 139.0, 135.0, 137.0, 139.0, 137.0, 139.0, 140.0, 139.0, 136.0, 139.0, 141.0, 139.0, 140.0, 138.0, 138.0, 138.0, 138.0, 141.0, 138.0, 140.0, 139.0, 137.0, 137.0, 139.0, 139.0, 139.0, 139.0, 139.0]
    },
    "slices": {}
  }
}