{
  "AcquisitionMatrixPE": 120,
  "AcquisitionNumber": 1,
  "AcquisitionTime": "09:20:44.267500",
  "BandwidthPerPixelPhaseEncode": 7.862,
  "BaseResolution": 120,
  "BodyPartExamined": "HEAD",
  "ConsistencyInfo": "N4_VE11C_LATEST_20160120",
  "ConversionSoftware": "dcm2niix",
  "ConversionSoftwareVersion": "v1.0.20190410  GCC6.3.0",
  "DerivedVendorReportedEchoSpacing": 0.00105995,
  "DeviceSerialNumber": "45250",
  "DiffusionScheme": "Monopolar",
  "DwellTime": 3.9e-06,
  "EchoTime": 0.113,
  "EchoTrainLength": 90,
  "EffectiveEchoSpacing": 0.00105995,
  "FlipAngle": 90,
  "ImageOrientationPatientDICOM": [
    0.999849,
    -0.0122521,
    -0.0123345,
    0.0104708,
    0.990742,
    -0.135352
  ],
  "ImageType": [
    "ORIGINAL",
    "PRIMARY",
    "DIFFUSION",
    "NONE",
    "ND",
    "NORM"
  ],
  "ImagingFrequency": 123.224,
  "InPlanePhaseEncodingDirectionDICOM": "COL",
  "InstitutionAddress": "Kopernikusstr._26_Graz_Graz_AT_8010",
  "InstitutionName": "KFU",
  "InstitutionalDepartmentName": "Department",
  "MRAcquisitionType": "2D",
  "MagneticFieldStrength": 3,
  "Manufacturer": "Siemens",
  "ManufacturersModelName": "Skyra",
  "Modality": "MR",
  "MultibandAccelerationFactor": 4,
  "PartialFourier": 0.75,
  "PatientPosition": "HFS",
  "PercentPhaseFOV": 100,
  "PhaseEncodingDirection": "j",
  "PhaseEncodingSteps": 90,
  "PhaseResolution": 1,
  "PixelBandwidth": 1070,
  "ProcedureStepDescription": "KFU_MRI_Lab",
  "ProtocolName": "SMS_MS_b2000_30d_PA",
  "PulseSequenceDetails": "%SiemensSeq%_ep2d_diff",
  "ReceiveCoilActiveElements": "HEA;HEP",
  "ReceiveCoilName": "Head_32",
  "ReconMatrixPE": 120,
  "RefLinesPE": 20,
  "RepetitionTime": 3.5,
  "SAR": 0.14487,
  "ScanOptions": "PFP_FS",
  "ScanningSequence": "EP",
  "SequenceName": "_ep_b0",
  "SequenceVariant": "SK_SP",
  "SeriesDescription": "SMS_MS_b2000_30d_PA",
  "SeriesNumber": 9,
  "ShimSetting": [
    -916,
    -2607,
    -4306,
    544,
    883,
    666,
    404,
    -1022
  ],
  "SliceThickness": 2,
  "SoftwareVersions": "syngo_MR_E11",
  "SpacingBetweenSlices": 2,
  "StationName": "FBMTMR1",
  "TotalReadoutTime": 0.126134,
  "TxRefAmp": 336.802,
  "dcmmeta_affine": [
    [
      -1.9996976852416992,
      0.02094154804944992,
      -0.02775726467370987,
      120.66990661621094
    ],
    [
      0.024504229426383972,
      1.9814844131469727,
      -0.2704048156738281,
      -130.85108947753906
    ],
    [
      -0.02466893568634987,
      0.2707042694091797,
      1.9814376831054688,
      -47.84675979614258
    ],
    [
      0,
      0,
      0,
      1
    ]
  ],
  "dcmmeta_reorient_transform": [
    [
      0,
      -1,
      0,
      119
    ],
    [
      1,
      0,
      0,
      0
    ],
    [
      0,
      0,
      -1,
      67
    ],
    [
      0,
      0,
      0,
      1
    ]
  ],
  "dcmmeta_shape": [
    120,
    120,
    68
  ],
  "dcmmeta_slice_dim": 2,
  "dcmmeta_version": 0.6,
  "global": {
    "const": {
      "AcquisitionMatrix": [
        120,
        0,
        0,
        120
      ],
      "AcquisitionNumber": 1,
      "AngioFlag": "N",
      "BitsAllocated": 16,
      "BitsStored": 12,
      "BodyPartExamined": "HEAD",
      "Columns": 120,
      "EchoNumbers": 1,
      "EchoTime": 113,
      "EchoTrainLength": 90,
      "FlipAngle": 90,
      "HighBit": 11,
      "ImageOrientationPatient": [
        0.99984886186799,
        -0.0122521151274,
        -0.0123344678113,
        0.01047077392336,
        0.99074222905423,
        -0.13535212766
      ],
      "ImageType": [
        "ORIGINAL",
        "PRIMARY",
        "DIFFUSION",
        "NONE",
        "ND",
        "NORM"
      ],
      "ImagedNucleus": "1H",
      "ImagingFrequency": 123.224316,
      "InPlanePhaseEncodingDirection": "COL",
      "MRAcquisitionType": "2D",
      "MagneticFieldStrength": 3,
      "Manufacturer": "SIEMENS",
      "ManufacturerModelName": "Skyra",
      "Modality": "MR",
      "NumberOfAverages": 1,
      "NumberOfPhaseEncodingSteps": 90,
      "PercentPhaseFieldOfView": 100,
      "PercentSampling": 100,
      "PerformedProcedureStepStartTime": "090439.758000",
      "PhotometricInterpretation": "MONOCHROME2",
      "PixelBandwidth": 1070,
      "PixelRepresentation": 0,
      "PixelSpacing": [
        2,
        2
      ],
      "ProtocolName": "SMS_MS_b2000_30d_PA",
      "RepetitionTime": 3500,
      "Rows": 120,
      "SAR": 0.14487043962272,
      "SamplesPerPixel": 1,
      "ScanOptions": [
        "PFP",
        "FS"
      ],
      "ScanningSequence": "EP",
      "SequenceName": "*ep_b0",
      "SequenceVariant": [
        "SK",
        "SP"
      ],
      "SeriesDescription": "SMS_MS_b2000_30d_PA",
      "SeriesNumber": 9,
      "SeriesTime": "092049.472000",
      "SliceThickness": 2,
      "SmallestImagePixelValue": 0,
      "SoftwareVersions": "syngo MR E11",
      "SpacingBetweenSlices": 2,
      "SpecificCharacterSet": "ISO_IR 100",
      "StudyID": "1",
      "StudyTime": "090438.901000",
      "TransmitCoilName": "Body",
      "VariableFlipAngleFlag": "N",
      "WindowCenterWidthExplanation": "Algo1",
      "dBdt": 0
    },
