{
  "AcquisitionMatrixPE": 120,
  "AcquisitionNumber": 1,
  "AcquisitionTime": "18:40:4.262500",
  "BandwidthPerPixelPhaseEncode": 7.862,
  "BaseResolution": 120,
  "BodyPartExamined": "HEAD",
  "ConsistencyInfo": "N4_VE11C_LATEST_20160120",
  "ConversionSoftware": "dcm2niix",
  "ConversionSoftwareVersion": "v1.0.20190410  GCC6.3.0",
  "DerivedVendorReportedEchoSpacing": 0.00105995,
  "DeviceSerialNumber": "45250",
  "DiffusionScheme": "Monopolar",
  "DwellTime": 3.9e-06,
  "EchoTime": 0.113,
  "EchoTrainLength": 90,
  "EffectiveEchoSpacing": 0.00105995,
  "FlipAngle": 90,
  "ImageOrientationPatientDICOM": [0.995722, 0.0692309, 0.0611871, -0.0696277, 0.997563, 0.00437503],
  "ImageType": [
    "ORIGINAL",
    "PRIMARY",
    "DIFFUSION",
    "NONE",
    "ND",
    "NORM",
    "MOSAIC"
],
  "ImagingFrequency": 123.224,
  "InPlanePhaseEncodingDirectionDICOM": "COL",
  "InstitutionAddress": "Kopernikusstr._26_Graz_Graz_AT_8010",
  "InstitutionName": "KFU",
  "InstitutionalDepartmentName": "Department",
  "MRAcquisitionType": "2D",
  "MagneticFieldStrength": 3,
  "Manufacturer": "Siemens",
  "ManufacturersModelName": "Skyra",
  "Modality": "MR",
  "MultibandAccelerationFactor": 4,
  "PartialFourier": 0.75,
  "PatientPosition": "HFS",
  "PercentPhaseFOV": 100,
  "PhaseEncodingDirection": "j-",
  "PhaseEncodingSteps": 90,
  "PhaseResolution": 1,
  "PixelBandwidth": 1070,
  "ProcedureStepDescription": "KFU_MRI_Lab",
  "ProtocolName": "SMS_MS_b2000_30d",
  "PulseSequenceDetails": "%SiemensSeq%_ep2d_diff",
  "ReceiveCoilActiveElements": "HEA;HEP",
  "ReceiveCoilName": "Head_32",
  "ReconMatrixPE": 120,
  "RefLinesPE": 20,
  "RepetitionTime": 3.5,
  "SAR": 0.251671,
  "ScanOptions": "PFP_FS",
  "ScanningSequence": "EP",
  "SequenceName": "_ep_b0",
  "SequenceVariant": "SK_SP",
  "SeriesDescription": "SMS_MS_b2000_30d",
  "SeriesNumber": 8,
  "ShimSetting": [-988, -2593, -4168, 620, 484, 1047, 432, -947],
  "SliceThickness": 2,
  "SliceTiming": [1.6375, 0, 1.8425, 0.205, 2.0475, 0.41, 2.2525, 0.615, 2.4575, 0.82, 2.6625, 1.0225, 2.865, 1.2275, 3.07, 1.4325, 3.275, 1.6375, 0, 1.8425, 0.205, 2.0475, 0.41, 2.2525, 0.615, 2.4575, 0.82, 2.6625, 1.0225, 2.865, 1.2275, 3.07, 1.4325, 3.275, 1.6375, 0, 1.8425, 0.205, 2.0475, 0.41, 2.2525, 0.615, 2.4575, 0.82, 2.6625, 1.0225, 2.865, 1.2275, 3.07, 1.4325, 3.275, 1.6375, 0, 1.8425, 0.205, 2.0475, 0.41, 2.2525, 0.615, 2.4575, 0.82, 2.6625, 1.0225, 2.865, 1.2275, 3.07, 1.4325, 3.275],
  "SoftwareVersions": "syngo_MR_E11",
  "SpacingBetweenSlices": 2,
  "StationName": "FBMTMR1",
  "TotalReadoutTime": 0.126134,
  "TxRefAmp": 335.994,
  "dcmmeta_affine": [
    [-1.9914449453353882, -0.13925544917583466, 0.12147025018930435, 132.09104919433594],
    [-0.13846175372600555, 1.9951268434524536, 0.017233261838555336, -110.23636627197266],
    [0.12237419933080673, -0.008750054985284805, 1.9962334632873535, -18.773256301879883],
    [0.0, 0.0, 0.0, 1.0]
],
  "dcmmeta_reorient_transform": [
    [0.0, -1.0, 0.0, 119.0],
    [1.0, 0.0, 0.0, 0.0],
    [0.0, 0.0, 1.0, 0.0],
    [0.0, 0.0, 0.0, 1.0]
],
  "dcmmeta_shape": [120, 120, 68, 31],
  "dcmmeta_slice_dim": 2,
  "dcmmeta_version": 0.6,
  "global": {
    "const": {
      "AcquisitionMatrix": [120, 0, 0, 120],
      "AngioFlag": "N",
      "BitsAllocated": 16,
      "BitsStored": 12,
      "BodyPartExamined": "HEAD",
      "Columns": 1080,
      "EchoNumbers": 1,
      "EchoTime": 113.0,
      "EchoTrainLength": 90,
      "FlipAngle": 90.0,
      "HighBit": 11,
      "ImageOrientationPatient": [0.99572246383376, 0.06923087502618, 0.06118709798594, -0.0696277209674, 0.99756345141909, 0.00437502750989],
      "ImagePositionPatient": [-1004.5706017337, -1151.3062850079, -82.754154213165],
      "ImageType": [
        "ORIGINAL",
        "PRIMARY",
        "DIFFUSION",
        "NONE",
        "ND",
        "NORM",
        "MOSAIC"
],
      "ImagedNucleus": "1H",
      "ImagingFrequency": 123.224399,
      "InPlanePhaseEncodingDirection": "COL",
      "MRAcquisitionType": "2D",
      "MagneticFieldStrength": 3.0,
      "Manufacturer": "SIEMENS",
      "ManufacturerModelName": "Skyra",
      "Modality": "MR",
      "NumberOfAverages": 1.0,
      "NumberOfPhaseEncodingSteps": 90,
      "PercentPhaseFieldOfView": 100.0,
      "PercentSampling": 100.0,
      "PerformedProcedureStepStartTime": "182327.638000",
      "PhotometricInterpretation": "MONOCHROME2",
      "PixelBandwidth": 1070.0,
      "PixelRepresentation": 0,
      "PixelSpacing": [2.0, 2.0],
      "ProtocolName": "SMS_MS_b2000_30d",
      "RepetitionTime": 3500.0,
      "Rows": 1080,
      "SAR": 0.25167088509444,
      "SamplesPerPixel": 1,
      "ScanOptions": [
        "PFP",
        "FS"
],
      "ScanningSequence": "EP",
      "SequenceVariant": [
        "SK",
        "SP"
],
      "SeriesDescription": "SMS_MS_b2000_30d",
      "SeriesNumber": 8,
      "SeriesTime": "184059.759000",
      "SliceLocation": -11.665201869676,
      "SliceThickness": 2.0,
      "SmallestImagePixelValue": 0,
      "SoftwareVersions": "syngo MR E11",
      "SpacingBetweenSlices": 2.0000000042843,
      "SpecificCharacterSet": "ISO_IR 100",
      "StudyID": "1",
      "StudyTime": "182327.576000",
      "TransmitCoilName": "Body",
      "VariableFlipAngleFlag": "N",
      "WindowCenterWidthExplanation": "Algo1",
      "dBdt": 0.0},
    "slices": {}
  },
  "time": {
    "samples": {
      "AcquisitionNumber": [1, 2, 3, 4, 5, 6, 7, 8, 9, 10, 11, 12, 13, 14, 15, 16, 17, 18, 19, 20, 21, 22, 23, 24, 25, 26, 27, 28, 29, 30, 31],
      "AcquisitionTime": ["184004.262500", "184007.762500", "184011.262500", "184014.762500", "184018.262500", "184021.762500", "184025.262500", "184028.762500", "184032.262500", "184035.762500", "184039.262500", "184042.762500", "184046.262500", "184049.762500", "184053.262500", "184056.762500", "184100.262500", "184103.762500", "184107.262500", "184110.762500", "184114.262500", "184117.762500", "184121.262500", "184124.762500", "184128.262500", "184131.762500", "184135.262500", "184138.762500", "184142.262500", "184145.762500", "184149.262500"],
      "ContentTime": ["184059.763000", "184059.777000", "184059.780000", "184059.783000", "184059.786000", "184059.790000", "184059.793000", "184059.796000", "184059.800000", "184059.806000", "184059.809000", "184059.812000", "184059.816000", "184059.819000", "184059.822000", "184152.501000", "184152.505000", "184152.508000", "184152.511000", "184152.538000", "184152.542000", "184152.545000", "184152.549000", "184152.552000", "184152.555000", "184152.559000", "184152.562000", "184152.565000", "184152.569000", "184152.580000", "184152.583000"],
      "InstanceCreationTime": ["184059.763000", "184059.777000", "184059.780000", "184059.783000", "184059.786000", "184059.790000", "184059.793000", "184059.796000", "184059.800000", "184059.806000", "184059.809000", "184059.812000", "184059.816000", "184059.819000", "184059.822000", "184152.501000", "184152.505000", "184152.508000", "184152.511000", "184152.538000", "184152.542000", "184152.545000", "184152.549000", "184152.552000", "184152.555000", "184152.559000", "184152.562000", "184152.565000", "184152.569000", "184152.580000", "184152.583000"],
      "InstanceNumber": [1, 2, 3, 4, 5, 6, 7, 8, 9, 10, 11, 12, 13, 14, 15, 16, 17, 18, 19, 20, 21, 22, 23, 24, 25, 26, 27, 28, 29, 30, 31],
      "LargestImagePixelValue": [1907, 227, 226, 215, 254, 232, 227, 235, 246, 226, 216, 239, 215, 221, 222, 221, 217, 209, 229, 221, 205, 235, 208, 232, 231, 220, 239, 256, 217, 263, 229],
      "SequenceName": [
        "*ep_b0",
        "*ep_b2000#1",
        "*ep_b2000#2",
        "*ep_b2000#3",
        "*ep_b2000#4",
        "*ep_b2000#5",
        "*ep_b2000#6",
        "*ep_b2000#7",
        "*ep_b2000#8",
        "*ep_b2000#9",
        "*ep_b2000#10",
        "*ep_b2000#11",
        "*ep_b2000#12",
        "*ep_b2000#13",
        "*ep_b2000#14",
        "*ep_b2000#15",
        "*ep_b2000#16",
        "*ep_b2000#17",
        "*ep_b2000#18",
        "*ep_b2000#19",
        "*ep_b2000#20",
        "*ep_b2000#21",
        "*ep_b2000#22",
        "*ep_b2000#23",
        "*ep_b2000#24",
        "*ep_b2000#25",
        "*ep_b2000#26",
        "*ep_b2000#27",
        "*ep_b2000#28",
        "*ep_b2000#29",
        "*ep_b2000#30"
],
      "WindowCenter": [245.0, 63.0, 63.0, 64.0, 64.0, 64.0, 65.0, 64.0, 64.0, 64.0, 65.0, 65.0, 64.0, 65.0, 66.0, 65.0, 65.0, 65.0, 65.0, 64.0, 64.0, 64.0, 64.0, 66.0, 65.0, 64.0, 65.0, 65.0, 65.0, 67.0, 66.0],
      "WindowWidth": [576.0, 170.0, 170.0, 172.0, 172.0, 173.0, 174.0, 173.0, 171.0, 171.0, 174.0, 173.0, 173.0, 173.0, 176.0, 174.0, 174.0, 174.0, 173.0, 172.0, 171.0, 173.0, 172.0, 176.0, 173.0, 171.0, 175.0, 175.0, 174.0, 178.0, 176.0]
    },
    "slices": {}
  }
}