{
  "AcquisitionMatrixPE": 120,
  "AcquisitionNumber": 1,
  "AcquisitionTime": "11:15:52.300000",
  "BandwidthPerPixelPhaseEncode": 7.862,
  "BaseResolution": 120,
  "BodyPartExamined": "HEAD",
  "ConsistencyInfo": "N4_VE11C_LATEST_20160120",
  "ConversionSoftware": "dcm2niix",
  "ConversionSoftwareVersion": "v1.0.20190410  GCC6.3.0",
  "DerivedVendorReportedEchoSpacing": 0.00105995,
  "DeviceSerialNumber": "45250",
  "DiffusionScheme": "Monopolar",
  "DwellTime": 3.9e-06,
  "EchoTime": 0.113,
  "EchoTrainLength": 90,
  "EffectiveEchoSpacing": 0.00105995,
  "FlipAngle": 90,
  "ImageOrientationPatientDICOM": [0.999643, -0.0188778, -0.0189078, 0.0191941, 0.999677, 0.016687],
  "ImageType": [
    "ORIGINAL",
    "PRIMARY",
    "DIFFUSION",
    "NONE",
    "ND",
    "NORM",
    "MOSAIC"
],
  "ImagingFrequency": 123.224,
  "InPlanePhaseEncodingDirectionDICOM": "COL",
  "InstitutionAddress": "Kopernikusstr._26_Graz_Graz_AT_8010",
  "InstitutionName": "KFU",
  "InstitutionalDepartmentName": "Department",
  "MRAcquisitionType": "2D",
  "MagneticFieldStrength": 3,
  "Manufacturer": "Siemens",
  "ManufacturersModelName": "Skyra",
  "Modality": "MR",
  "MultibandAccelerationFactor": 4,
  "PartialFourier": 0.75,
  "PatientPosition": "HFS",
  "PercentPhaseFOV": 100,
  "PhaseEncodingDirection": "j-",
  "PhaseEncodingSteps": 90,
  "PhaseResolution": 1,
  "PixelBandwidth": 1070,
  "ProcedureStepDescription": "KFU_MRI_Lab",
  "ProtocolName": "SMS_MS_b2000_30d",
  "PulseSequenceDetails": "%SiemensSeq%_ep2d_diff",
  "ReceiveCoilActiveElements": "HEA;HEP",
  "ReceiveCoilName": "Head_32",
  "ReconMatrixPE": 120,
  "RefLinesPE": 20,
  "RepetitionTime": 3.5,
  "SAR": 0.317621,
  "ScanOptions": "PFP_FS",
  "ScanningSequence": "EP",
  "SequenceName": "_ep_b0",
  "SequenceVariant": "SK_SP",
  "SeriesDescription": "SMS_MS_b2000_30d",
  "SeriesNumber": 8,
  "ShimSetting": [-917, -2529, -3987, 803, 901, 1052, 228, -879],
  "SliceThickness": 2,
  "SliceTiming": [1.6375, 0, 1.8425, 0.205, 2.0475, 0.41, 2.2525, 0.615, 2.4575, 0.82, 2.6625, 1.0225, 2.865, 1.2275, 3.07, 1.4325, 3.275, 1.6375, 0, 1.8425, 0.205, 2.0475, 0.41, 2.2525, 0.615, 2.4575, 0.82, 2.6625, 1.0225, 2.865, 1.2275, 3.07, 1.4325, 3.275, 1.6375, 0, 1.8425, 0.205, 2.0475, 0.41, 2.2525, 0.615, 2.4575, 0.82, 2.6625, 1.0225, 2.865, 1.2275, 3.07, 1.4325, 3.275, 1.6375, 0, 1.8425, 0.205, 2.0475, 0.41, 2.2525, 0.615, 2.4575, 0.82, 2.6625, 1.0225, 2.865, 1.2275, 3.07, 1.4325, 3.275],
  "SoftwareVersions": "syngo_MR_E11",
  "SpacingBetweenSlices": 2,
  "StationName": "FBMTMR1",
  "TotalReadoutTime": 0.126134,
  "TxRefAmp": 359.827,
  "dcmmeta_affine": [
    [-1.9992859363555908, 0.03838815167546272, -0.03717335686087608, 118.06852722167969],
    [0.037755630910396576, 1.999353051185608, 0.0340878888964653, -140.6696014404297],
    [-0.03781561926007271, -0.03337397053837776, 1.999363899230957, -16.317630767822266],
    [0.0, 0.0, 0.0, 1.0]
],
  "dcmmeta_reorient_transform": [
    [0.0, -1.0, 0.0, 119.0],
    [1.0, 0.0, 0.0, 0.0],
    [0.0, 0.0, 1.0, 0.0],
    [0.0, 0.0, 0.0, 1.0]
],
  "dcmmeta_shape": [120, 120, 68, 31],
  "dcmmeta_slice_dim": 2,
  "dcmmeta_version": 0.6,
  "global": {
    "const": {
      "AcquisitionMatrix": [120, 0, 0, 120],
      "AngioFlag": "N",
      "BitsAllocated": 16,
      "BitsStored": 12,
      "BodyPartExamined": "HEAD",
      "Columns": 1080,
      "EchoNumbers": 1,
      "EchoTime": 113.0,
      "EchoTrainLength": 90,
      "FlipAngle": 90.0,
      "HighBit": 11,
      "ImageOrientationPatient": [0.99964299769889, -0.0188778149716, -0.018907809325, 0.01919407491911, 0.99967651368562, 0.01668698514932],
      "ImagePositionPatient": [-1100.7203035658, -1038.8201564856, -18.157141527795],
      "ImageType": [
        "ORIGINAL",
        "PRIMARY",
        "DIFFUSION",
        "NONE",
        "ND",
        "NORM",
        "MOSAIC"
],
      "ImagedNucleus": "1H",
      "ImagingFrequency": 123.224308,
      "InPlanePhaseEncodingDirection": "COL",
      "MRAcquisitionType": "2D",
      "MagneticFieldStrength": 3.0,
      "Manufacturer": "SIEMENS",
      "ManufacturerModelName": "Skyra",
      "Modality": "MR",
      "NumberOfAverages": 1.0,
      "NumberOfPhaseEncodingSteps": 90,
      "PercentPhaseFieldOfView": 100.0,
      "PercentSampling": 100.0,
      "PerformedProcedureStepStartTime": "110408.021000",
      "PhotometricInterpretation": "MONOCHROME2",
      "PixelBandwidth": 1070.0,
      "PixelRepresentation": 0,
      "PixelSpacing": [2.0, 2.0],
      "ProtocolName": "SMS_MS_b2000_30d",
      "RepetitionTime": 3500.0,
      "Rows": 1080,
      "SAR": 0.3176207439339,
      "SamplesPerPixel": 1,
      "ScanOptions": [
        "PFP",
        "FS"
],
      "ScanningSequence": "EP",
      "SequenceVariant": [
        "SK",
        "SP"
],
      "SeriesDescription": "SMS_MS_b2000_30d",
      "SeriesNumber": 8,
      "SeriesTime": "111711.347000",
      "SliceLocation": -20.904507636935,
      "SliceThickness": 2.0,
      "SmallestImagePixelValue": 0,
      "SoftwareVersions": "syngo MR E11",
      "SpacingBetweenSlices": 1.9999999471436,
      "SpecificCharacterSet": "ISO_IR 100",
      "StudyID": "1",
      "StudyTime": "110407.961000",
      "TransmitCoilName": "Body",
      "VariableFlipAngleFlag": "N",
      "WindowCenterWidthExplanation": "Algo1",
      "dBdt": 0.0},
    "slices": {}
  },
  "time": {
    "samples": {
      "AcquisitionNumber": [1, 2, 3, 4, 5, 6, 7, 8, 9, 10, 11, 12, 13, 14, 15, 16, 17, 18, 19, 20, 21, 22, 23, 24, 25, 26, 27, 28, 29, 30, 31],
      "AcquisitionTime": ["111552.300000", "111555.800000", "111559.300000", "111602.800000", "111606.300000", "111609.800000", "111613.300000", "111616.800000", "111620.300000", "111623.800000", "111627.300000", "111630.800000", "111634.300000", "111637.800000", "111641.300000", "111644.800000", "111648.300000", "111651.800000", "111655.300000", "111658.800000", "111702.300000", "111705.800000", "111709.300000", "111712.800000", "111716.300000", "111719.800000", "111723.300000", "111726.800000", "111730.300000", "111733.800000", "111737.300000"],
      "ContentTime": ["111711.351000", "111711.355000", "111711.358000", "111711.362000", "111711.365000", "111711.368000", "111711.371000", "111711.375000", "111711.383000", "111711.386000", "111711.389000", "111711.393000", "111711.396000", "111711.399000", "111711.403000", "111711.406000", "111711.412000", "111711.415000", "111711.418000", "111711.422000", "111711.425000", "111711.428000", "111740.855000", "111740.859000", "111740.865000", "111740.869000", "111740.873000", "111740.878000", "111740.882000", "111740.886000", "111740.890000"],
      "InstanceCreationTime": ["111711.351000", "111711.355000", "111711.358000", "111711.362000", "111711.365000", "111711.368000", "111711.371000", "111711.375000", "111711.383000", "111711.386000", "111711.389000", "111711.393000", "111711.396000", "111711.399000", "111711.403000", "111711.406000", "111711.412000", "111711.415000", "111711.418000", "111711.422000", "111711.425000", "111711.428000", "111740.855000", "111740.859000", "111740.865000", "111740.869000", "111740.873000", "111740.878000", "111740.882000", "111740.886000", "111740.890000"],
      "InstanceNumber": [1, 2, 3, 4, 5, 6, 7, 8, 9, 10, 11, 12, 13, 14, 15, 16, 17, 18, 19, 20, 21, 22, 23, 24, 25, 26, 27, 28, 29, 30, 31],
      "LargestImagePixelValue": [2303, 208, 194, 196, 201, 197, 198, 190, 211, 221, 193, 188, 211, 201, 205, 217, 191, 206, 208, 208, 222, 216, 199, 188, 200, 200, 197, 204, 187, 232, 202],
      "SequenceName": [
        "*ep_b0",
        "*ep_b2000#1",
        "*ep_b2000#2",
        "*ep_b2000#3",
        "*ep_b2000#4",
        "*ep_b2000#5",
        "*ep_b2000#6",
        "*ep_b2000#7",
        "*ep_b2000#8",
        "*ep_b2000#9",
        "*ep_b2000#10",
        "*ep_b2000#11",
        "*ep_b2000#12",
        "*ep_b2000#13",
        "*ep_b2000#14",
        "*ep_b2000#15",
        "*ep_b2000#16",
        "*ep_b2000#17",
        "*ep_b2000#18",
        "*ep_b2000#19",
        "*ep_b2000#20",
        "*ep_b2000#21",
        "*ep_b2000#22",
        "*ep_b2000#23",
        "*ep_b2000#24",
        "*ep_b2000#25",
        "*ep_b2000#26",
        "*ep_b2000#27",
        "*ep_b2000#28",
        "*ep_b2000#29",
        "*ep_b2000#30"
],
      "WindowCenter": [279.0, 62.0, 62.0, 62.0, 62.0, 63.0, 62.0, 62.0, 61.0, 62.0, 62.0, 62.0, 62.0, 62.0, 62.0, 62.0, 63.0, 63.0, 62.0, 62.0, 61.0, 62.0, 63.0, 63.0, 63.0, 62.0, 62.0, 62.0, 62.0, 63.0, 63.0],
      "WindowWidth": [635.0, 166.0, 166.0, 167.0, 167.0, 169.0, 167.0, 167.0, 164.0, 167.0, 167.0, 168.0, 166.0, 167.0, 167.0, 167.0, 168.0, 170.0, 168.0, 167.0, 164.0, 166.0, 170.0, 168.0, 169.0, 167.0, 167.0, 168.0, 168.0, 170.0, 168.0]
    },
    "slices": {}
  }
}