{
  "AcquisitionMatrixPE": 120,
  "AcquisitionNumber": 1,
  "AcquisitionTime": "14:42:52.637500",
  "BandwidthPerPixelPhaseEncode": 7.862,
  "BaseResolution": 120,
  "BodyPartExamined": "HEAD",
  "ConsistencyInfo": "N4_VE11C_LATEST_20160120",
  "ConversionSoftware": "dcm2niix",
  "ConversionSoftwareVersion": "v1.0.20190410  GCC6.3.0",
  "DerivedVendorReportedEchoSpacing": 0.00105995,
  "DeviceSerialNumber": "45250",
  "DiffusionScheme": "Monopolar",
  "DwellTime": 3.9e-06,
  "EchoTime": 0.104,
  "EchoTrainLength": 90,
  "EffectiveEchoSpacing": 0.00105995,
  "FlipAngle": 90,
  "ImageOrientationPatientDICOM": [0.992455, -0.10504, -0.0632424, 0.0920673, 0.979093, -0.181387],
  "ImageType": [
    "ORIGINAL",
    "PRIMARY",
    "DIFFUSION",
    "NONE",
    "ND",
    "NORM",
    "MOSAIC"
],
  "ImagingFrequency": 123.224,
  "InPlanePhaseEncodingDirectionDICOM": "COL",
  "InstitutionAddress": "Kopernikusstr._26_Graz_Graz_AT_8010",
  "InstitutionName": "KFU",
  "InstitutionalDepartmentName": "Department",
  "MRAcquisitionType": "2D",
  "MagneticFieldStrength": 3,
  "Manufacturer": "Siemens",
  "ManufacturersModelName": "Skyra",
  "Modality": "MR",
  "MultibandAccelerationFactor": 4,
  "PartialFourier": 0.75,
  "PatientPosition": "HFS",
  "PercentPhaseFOV": 100,
  "PhaseEncodingDirection": "j-",
  "PhaseEncodingSteps": 90,
  "PhaseResolution": 1,
  "PixelBandwidth": 1070,
  "ProcedureStepDescription": "KFU_MRI_Lab",
  "ProtocolName": "SMS_MS_b1000_20d",
  "PulseSequenceDetails": "%SiemensSeq%_ep2d_diff",
  "ReceiveCoilActiveElements": "HEA;HEP",
  "ReceiveCoilName": "Head_32",
  "ReconMatrixPE": 120,
  "RefLinesPE": 20,
  "RepetitionTime": 3.5,
  "SAR": 0.211746,
  "ScanOptions": "PFP_FS",
  "ScanningSequence": "EP",
  "SequenceName": "_ep_b0",
  "SequenceVariant": "SK_SP",
  "SeriesDescription": "SMS_MS_b1000_20d",
  "SeriesNumber": 12,
  "ShimSetting": [-940, -2549, -4168, 508, 979, 617, 366, -989],
  "SliceThickness": 2,
  "SliceTiming": [1.6375, 0, 1.84, 0.2025, 2.045, 0.4075, 2.25, 0.6125, 2.455, 0.8175, 2.66, 1.0225, 2.865, 1.2275, 3.07, 1.4325, 3.275, 1.6375, 0, 1.84, 0.2025, 2.045, 0.4075, 2.25, 0.6125, 2.455, 0.8175, 2.66, 1.0225, 2.865, 1.2275, 3.07, 1.4325, 3.275, 1.6375, 0, 1.84, 0.2025, 2.045, 0.4075, 2.25, 0.6125, 2.455, 0.8175, 2.66, 1.0225, 2.865, 1.2275, 3.07, 1.4325, 3.275, 1.6375, 0, 1.84, 0.2025, 2.045, 0.4075, 2.25, 0.6125, 2.455, 0.8175, 2.66, 1.0225, 2.865, 1.2275, 3.07, 1.4325, 3.275],
  "SoftwareVersions": "syngo_MR_E11",
  "SpacingBetweenSlices": 2,
  "StationName": "FBMTMR1",
  "TotalReadoutTime": 0.126134,
  "TxRefAmp": 334.915,
  "dcmmeta_affine": [
    [-1.984910011291504, 0.1841346025466919, -0.16194622218608856, 107.12666320800781],
    [0.21008025109767914, 1.9581851959228516, -0.3483918309211731, -145.76181030273438],
    [-0.12648485600948334, 0.3627740740776062, 1.9627522230148315, -50.28617477416992],
    [0.0, 0.0, 0.0, 1.0]
],
  "dcmmeta_reorient_transform": [
    [0.0, -1.0, 0.0, 119.0],
    [1.0, 0.0, 0.0, 0.0],
    [0.0, 0.0, 1.0, 0.0],
    [0.0, 0.0, 0.0, 1.0]
],
  "dcmmeta_shape": [120, 120, 68, 21],
  "dcmmeta_slice_dim": 2,
  "dcmmeta_version": 0.6,
  "global": {
    "const": {
      "AcquisitionMatrix": [120, 0, 0, 120],
      "AngioFlag": "N",
      "BitsAllocated": 16,
      "BitsStored": 12,
      "BodyPartExamined": "HEAD",
      "Columns": 1080,
      "EchoNumbers": 1,
      "EchoTime": 104.0,
      "EchoTrainLength": 90,
      "FlipAngle": 90.0,
      "HighBit": 11,
      "ImageOrientationPatient": [0.99245502005347, -0.1050401273185, -0.0632424289822, 0.09206730259855, 0.97909261844215, -0.1813870345541],
      "ImagePositionPatient": [-1170.1801143331, -926.35263073637, 227.72822485508],
      "ImageType": [
        "ORIGINAL",
        "PRIMARY",
        "DIFFUSION",
        "NONE",
        "ND",
        "NORM",
        "MOSAIC"
],
      "ImagedNucleus": "1H",
      "ImagingFrequency": 123.224345,
      "InPlanePhaseEncodingDirection": "COL",
      "MRAcquisitionType": "2D",
      "MagneticFieldStrength": 3.0,
      "Manufacturer": "SIEMENS",
      "ManufacturerModelName": "Skyra",
      "Modality": "MR",
      "NumberOfAverages": 1.0,
      "NumberOfPhaseEncodingSteps": 90,
      "PercentPhaseFieldOfView": 100.0,
      "PercentSampling": 100.0,
      "PerformedProcedureStepStartTime": "141651.761000",
      "PhotometricInterpretation": "MONOCHROME2",
      "PixelBandwidth": 1070.0,
      "PixelRepresentation": 0,
      "PixelSpacing": [2.0, 2.0],
      "ProtocolName": "SMS_MS_b1000_20d",
      "RepetitionTime": 3500.0,
      "Rows": 1080,
      "SAR": 0.2117464145578,
      "SamplesPerPixel": 1,
      "ScanOptions": [
        "PFP",
        "FS"
],
      "ScanningSequence": "EP",
      "SequenceVariant": [
        "SK",
        "SP"
],
      "SeriesDescription": "SMS_MS_b1000_20d",
      "SeriesNumber": 12,
      "SeriesTime": "144405.392000",
      "SliceLocation": -32.632921059408,
      "SliceThickness": 2.0,
      "SmallestImagePixelValue": 0,
      "SoftwareVersions": "syngo MR E11",
      "SpacingBetweenSlices": 1.9999999817788,
      "SpecificCharacterSet": "ISO_IR 100",
      "StudyID": "1",
      "StudyTime": "141651.615000",
      "TransmitCoilName": "Body",
      "VariableFlipAngleFlag": "N",
      "WindowCenterWidthExplanation": "Algo1",
      "dBdt": 0.0},
    "slices": {}
  },
  "time": {
    "samples": {
      "AcquisitionNumber": [1, 2, 3, 4, 5, 6, 7, 8, 9, 10, 11, 12, 13, 14, 15, 16, 17, 18, 19, 20, 21],
      "AcquisitionTime": ["144252.637500", "144256.137500", "144259.637500", "144303.137500", "144306.637500", "144310.137500", "144313.637500", "144317.137500", "144320.637500", "144324.137500", "144327.637500", "144331.137500", "144334.637500", "144338.137500", "144341.637500", "144345.137500", "144348.637500", "144352.137500", "144355.637500", "144359.137500", "144402.637500"],
      "ContentTime": ["144405.397000", "144405.403000", "144405.407000", "144405.411000", "144405.416000", "144405.420000", "144405.425000", "144405.430000", "144405.454000", "144405.463000", "144405.467000", "144405.471000", "144405.483000", "144405.487000", "144405.490000", "144405.494000", "144405.501000", "144405.504000", "144405.508000", "144405.511000", "144405.590000"],
      "InstanceCreationTime": ["144405.397000", "144405.403000", "144405.407000", "144405.411000", "144405.416000", "144405.420000", "144405.425000", "144405.430000", "144405.454000", "144405.463000", "144405.467000", "144405.471000", "144405.483000", "144405.487000", "144405.490000", "144405.494000", "144405.501000", "144405.504000", "144405.508000", "144405.511000", "144405.590000"],
      "InstanceNumber": [1, 2, 3, 4, 5, 6, 7, 8, 9, 10, 11, 12, 13, 14, 15, 16, 17, 18, 19, 20, 21],
      "LargestImagePixelValue": [1780, 449, 440, 485, 443, 505, 464, 439, 503, 469, 474, 458, 462, 509, 475, 416, 434, 456, 448, 501, 457],
      "SequenceName": [
        "*ep_b0",
        "*ep_b1000#1",
        "*ep_b1000#2",
        "*ep_b1000#3",
        "*ep_b1000#4",
        "*ep_b1000#5",
        "*ep_b1000#6",
        "*ep_b1000#7",
        "*ep_b1000#8",
        "*ep_b1000#9",
        "*ep_b1000#10",
        "*ep_b1000#11",
        "*ep_b1000#12",
        "*ep_b1000#13",
        "*ep_b1000#14",
        "*ep_b1000#15",
        "*ep_b1000#16",
        "*ep_b1000#17",
        "*ep_b1000#18",
        "*ep_b1000#19",
        "*ep_b1000#20"
],
      "WindowCenter": [219.0, 92.0, 92.0, 92.0, 93.0, 94.0, 92.0, 92.0, 93.0, 93.0, 92.0, 92.0, 92.0, 91.0, 92.0, 91.0, 91.0, 91.0, 91.0, 92.0, 93.0],
      "WindowWidth": [518.0, 237.0, 237.0, 237.0, 238.0, 240.0, 237.0, 236.0, 240.0, 239.0, 238.0, 236.0, 237.0, 236.0, 237.0, 234.0, 234.0, 235.0, 236.0, 238.0, 238.0]
    },
    "slices": {}
  }
}