{
  "AcquisitionMatrixPE": 120,
  "AcquisitionNumber": 1,
  "AcquisitionTime": "14:06:50.652500",
  "BandwidthPerPixelPhaseEncode": 7.862,
  "BaseResolution": 120,
  "BodyPartExamined": "HEAD",
  "ConsistencyInfo": "N4_VE11C_LATEST_20160120",
  "ConversionSoftware": "dcm2niix",
  "ConversionSoftwareVersion": "v1.0.20190410  GCC6.3.0",
  "DerivedVendorReportedEchoSpacing": 0.00105995,
  "DeviceSerialNumber": "45250",
  "DiffusionScheme": "Monopolar",
  "DwellTime": 3.9e-06,
  "EchoTime": 0.104,
  "EchoTrainLength": 90,
  "EffectiveEchoSpacing": 0.00105995,
  "FlipAngle": 90,
  "ImageOrientationPatientDICOM": [0.997482, 0.0667499, -0.0239754, -0.0645043, 0.994322, 0.0846308],
  "ImageType": [
    "ORIGINAL",
    "PRIMARY",
    "DIFFUSION",
    "NONE",
    "ND",
    "NORM",
    "MOSAIC"
],
  "ImagingFrequency": 123.224,
  "InPlanePhaseEncodingDirectionDICOM": "COL",
  "InstitutionAddress": "Kopernikusstr._26_Graz_Graz_AT_8010",
  "InstitutionName": "KFU",
  "InstitutionalDepartmentName": "Department",
  "MRAcquisitionType": "2D",
  "MagneticFieldStrength": 3,
  "Manufacturer": "Siemens",
  "ManufacturersModelName": "Skyra",
  "Modality": "MR",
  "MultibandAccelerationFactor": 4,
  "PartialFourier": 0.75,
  "PatientPosition": "HFS",
  "PercentPhaseFOV": 100,
  "PhaseEncodingDirection": "j-",
  "PhaseEncodingSteps": 90,
  "PhaseResolution": 1,
  "PixelBandwidth": 1070,
  "ProcedureStepDescription": "KFU_MRI_Lab",
  "ProtocolName": "SMS_MS_b1000_20d",
  "PulseSequenceDetails": "%SiemensSeq%_ep2d_diff",
  "ReceiveCoilActiveElements": "HEA;HEP",
  "ReceiveCoilName": "Head_32",
  "ReconMatrixPE": 120,
  "RefLinesPE": 20,
  "RepetitionTime": 3.5,
  "SAR": 0.270087,
  "ScanOptions": "PFP_FS",
  "ScanningSequence": "EP",
  "SequenceName": "_ep_b0",
  "SequenceVariant": "SK_SP",
  "SeriesDescription": "SMS_MS_b1000_20d",
  "SeriesNumber": 6,
  "ShimSetting": [-952, -2569, -4115, 657, 733, 923, 692, -950],
  "SliceThickness": 2,
  "SliceTiming": [1.6375, 0, 1.8425, 0.205, 2.0475, 0.41, 2.2525, 0.615, 2.4575, 0.82, 2.66, 1.0225, 2.865, 1.2275, 3.07, 1.4325, 3.275, 1.6375, 0, 1.8425, 0.205, 2.0475, 0.41, 2.2525, 0.615, 2.4575, 0.82, 2.66, 1.0225, 2.865, 1.2275, 3.07, 1.4325, 3.275, 1.6375, 0, 1.8425, 0.205, 2.0475, 0.41, 2.2525, 0.615, 2.4575, 0.82, 2.66, 1.0225, 2.865, 1.2275, 3.07, 1.4325, 3.275, 1.6375, 0, 1.8425, 0.205, 2.0475, 0.41, 2.2525, 0.615, 2.4575, 0.82, 2.66, 1.0225, 2.865, 1.2275, 3.07, 1.4325, 3.275],
  "SoftwareVersions": "syngo_MR_E11",
  "SpacingBetweenSlices": 2,
  "StationName": "FBMTMR1",
  "TotalReadoutTime": 0.126134,
  "TxRefAmp": 324.868,
  "dcmmeta_affine": [
    [-1.99496328830719, -0.12900853157043457, -0.05897664278745651, 129.39393615722656],
    [-0.13349972665309906, 1.9886445999145508, 0.16574230790138245, -132.44790649414062],
    [-0.04795070365071297, -0.16926158964633942, 1.9922478199005127, -5.831994533538818],
    [0.0, 0.0, 0.0, 1.0]
],
  "dcmmeta_reorient_transform": [
    [0.0, -1.0, 0.0, 119.0],
    [1.0, 0.0, 0.0, 0.0],
    [0.0, 0.0, 1.0, 0.0],
    [0.0, 0.0, 0.0, 1.0]
],
  "dcmmeta_shape": [120, 120, 68, 21],
  "dcmmeta_slice_dim": 2,
  "dcmmeta_version": 0.6,
  "global": {
    "const": {
      "AcquisitionMatrix": [120, 0, 0, 120],
      "AngioFlag": "N",
      "BitsAllocated": 16,
      "BitsStored": 12,
      "BodyPartExamined": "HEAD",
      "Columns": 1080,
      "EchoNumbers": 1,
      "EchoTime": 104.0,
      "EchoTrainLength": 90,
      "FlipAngle": 90.0,
      "HighBit": 11,
      "ImageOrientationPatient": [0.99748164807942, 0.06674986297664, -0.0239753527058, -0.0645042682808, 0.99432229577575, 0.08463079520367],
      "ImagePositionPatient": [-1009.7002063939, -1122.8300704296, -84.203348707586],
      "ImageType": [
        "ORIGINAL",
        "PRIMARY",
        "DIFFUSION",
        "NONE",
        "ND",
        "NORM",
        "MOSAIC"
],
      "ImagedNucleus": "1H",
      "ImagingFrequency": 123.224094,
      "InPlanePhaseEncodingDirection": "COL",
      "MRAcquisitionType": "2D",
      "MagneticFieldStrength": 3.0,
      "Manufacturer": "SIEMENS",
      "ManufacturerModelName": "Skyra",
      "Modality": "MR",
      "NumberOfAverages": 1.0,
      "NumberOfPhaseEncodingSteps": 90,
      "PercentPhaseFieldOfView": 100.0,
      "PercentSampling": 100.0,
      "PerformedProcedureStepStartTime": "135237.769000",
      "PhotometricInterpretation": "MONOCHROME2",
      "PixelBandwidth": 1070.0,
      "PixelRepresentation": 0,
      "PixelSpacing": [2.0, 2.0],
      "ProtocolName": "SMS_MS_b1000_20d",
      "RepetitionTime": 3500.0,
      "Rows": 1080,
      "SAR": 0.27008676464098,
      "SamplesPerPixel": 1,
      "ScanOptions": [
        "PFP",
        "FS"
],
      "ScanningSequence": "EP",
      "SequenceVariant": [
        "SK",
        "SP"
],
      "SeriesDescription": "SMS_MS_b1000_20d",
      "SeriesNumber": 6,
      "SeriesTime": "140804.111000",
      "SliceLocation": -20.6011100928,
      "SliceThickness": 2.0,
      "SmallestImagePixelValue": 0,
      "SoftwareVersions": "syngo MR E11",
      "SpacingBetweenSlices": 2.0000000351898,
      "SpecificCharacterSet": "ISO_IR 100",
      "StudyID": "1",
      "StudyTime": "135237.708000",
      "TransmitCoilName": "Body",
      "VariableFlipAngleFlag": "N",
      "WindowCenterWidthExplanation": "Algo1",
      "dBdt": 0.0},
    "slices": {}
  },
  "time": {
    "samples": {
      "AcquisitionNumber": [1, 2, 3, 4, 5, 6, 7, 8, 9, 10, 11, 12, 13, 14, 15, 16, 17, 18, 19, 20, 21],
      "AcquisitionTime": ["140650.652500", "140654.152500", "140657.652500", "140701.152500", "140704.652500", "140708.152500", "140711.652500", "140715.152500", "140718.652500", "140722.152500", "140725.652500", "140729.152500", "140732.652500", "140736.152500", "140739.652500", "140743.152500", "140746.652500", "140750.152500", "140753.652500", "140757.152500", "140800.652500"],
      "ContentTime": ["140804.116000", "140804.122000", "140804.126000", "140804.129000", "140804.132000", "140804.136000", "140804.139000", "140804.142000", "140804.145000", "140804.153000", "140804.158000", "140804.162000", "140804.165000", "140804.168000", "140804.171000", "140804.175000", "140804.178000", "140804.181000", "140804.184000", "140804.188000", "140804.191000"],
      "InstanceCreationTime": ["140804.116000", "140804.122000", "140804.126000", "140804.129000", "140804.132000", "140804.136000", "140804.139000", "140804.142000", "140804.145000", "140804.153000", "140804.158000", "140804.162000", "140804.165000", "140804.168000", "140804.171000", "140804.175000", "140804.178000", "140804.181000", "140804.184000", "140804.188000", "140804.191000"],
      "InstanceNumber": [1, 2, 3, 4, 5, 6, 7, 8, 9, 10, 11, 12, 13, 14, 15, 16, 17, 18, 19, 20, 21],
      "LargestImagePixelValue": [1730, 417, 369, 354, 408, 375, 364, 353, 419, 428, 398, 367, 375, 420, 409, 385, 360, 376, 382, 439, 381],
      "SequenceName": [
        "*ep_b0",
        "*ep_b1000#1",
        "*ep_b1000#2",
        "*ep_b1000#3",
        "*ep_b1000#4",
        "*ep_b1000#5",
        "*ep_b1000#6",
        "*ep_b1000#7",
        "*ep_b1000#8",
        "*ep_b1000#9",
        "*ep_b1000#10",
        "*ep_b1000#11",
        "*ep_b1000#12",
        "*ep_b1000#13",
        "*ep_b1000#14",
        "*ep_b1000#15",
        "*ep_b1000#16",
        "*ep_b1000#17",
        "*ep_b1000#18",
        "*ep_b1000#19",
        "*ep_b1000#20"
],
      "WindowCenter": [251.0, 109.0, 108.0, 106.0, 109.0, 108.0, 108.0, 108.0, 108.0, 108.0, 108.0, 106.0, 106.0, 107.0, 108.0, 108.0, 106.0, 107.0, 106.0, 107.0, 108.0],
      "WindowWidth": [583.0, 275.0, 273.0, 269.0, 274.0, 272.0, 273.0, 272.0, 273.0, 273.0, 273.0, 270.0, 268.0, 270.0, 273.0, 273.0, 270.0, 270.0, 269.0, 271.0, 274.0]
    },
    "slices": {}
  }
}