{
  "AcquisitionMatrixPE": 120,
  "AcquisitionNumber": 1,
  "AcquisitionTime": "15:41:17.647500",
  "BandwidthPerPixelPhaseEncode": 7.862,
  "BaseResolution": 120,
  "BodyPartExamined": "BRAIN",
  "ConsistencyInfo": "N4_VE11C_LATEST_20160120",
  "ConversionSoftware": "dcm2niix",
  "ConversionSoftwareVersion": "v1.0.20190410  GCC6.3.0",
  "DerivedVendorReportedEchoSpacing": 0.00105995,
  "DeviceSerialNumber": "45250",
  "DiffusionScheme": "Monopolar",
  "DwellTime": 3.9e-06,
  "EchoTime": 0.104,
  "EchoTrainLength": 90,
  "EffectiveEchoSpacing": 0.00105995,
  "FlipAngle": 90,
  "ImageOrientationPatientDICOM": [0.999628, 0.00448836, 0.0269093, -2.6746e-11, 0.986373, -0.164523],
  "ImageType": [
    "ORIGINAL",
    "PRIMARY",
    "DIFFUSION",
    "NONE",
    "ND",
    "NORM",
    "MOSAIC"
],
  "ImagingFrequency": 123.224,
  "InPlanePhaseEncodingDirectionDICOM": "COL",
  "InstitutionAddress": "Kopernikusstr._26_Graz_Graz_AT_8010",
  "InstitutionName": "KFU",
  "InstitutionalDepartmentName": "Department",
  "MRAcquisitionType": "2D",
  "MagneticFieldStrength": 3,
  "Manufacturer": "Siemens",
  "ManufacturersModelName": "Skyra",
  "Modality": "MR",
  "MultibandAccelerationFactor": 4,
  "PartialFourier": 0.75,
  "PatientPosition": "HFS",
  "PercentPhaseFOV": 100,
  "PhaseEncodingDirection": "j-",
  "PhaseEncodingSteps": 90,
  "PhaseResolution": 1,
  "PixelBandwidth": 1070,
  "ProcedureStepDescription": "KFU_MRI_Lab",
  "ProtocolName": "SMS_MS_b1000_20d",
  "PulseSequenceDetails": "%SiemensSeq%_ep2d_diff",
  "ReceiveCoilActiveElements": "HEA;HEP",
  "ReceiveCoilName": "Head_32",
  "ReconMatrixPE": 120,
  "RefLinesPE": 20,
  "RepetitionTime": 3.5,
  "SAR": 0.228376,
  "ScanOptions": "PFP_FS",
  "ScanningSequence": "EP",
  "SequenceName": "_ep_b0",
  "SequenceVariant": "SK_SP",
  "SeriesDescription": "SMS_MS_b1000_20d",
  "SeriesNumber": 6,
  "ShimSetting": [-916, -2615, -4312, 568, 849, 663, 525, -955],
  "SliceThickness": 2,
  "SliceTiming": [1.6375, 0, 1.8425, 0.205, 2.0475, 0.4075, 2.25, 0.6125, 2.455, 0.8175, 2.66, 1.0225, 2.865, 1.2275, 3.07, 1.4325, 3.275, 1.6375, 0, 1.8425, 0.205, 2.0475, 0.4075, 2.25, 0.6125, 2.455, 0.8175, 2.66, 1.0225, 2.865, 1.2275, 3.07, 1.4325, 3.275, 1.6375, 0, 1.8425, 0.205, 2.0475, 0.4075, 2.25, 0.6125, 2.455, 0.8175, 2.66, 1.0225, 2.865, 1.2275, 3.07, 1.4325, 3.275, 1.6375, 0, 1.8425, 0.205, 2.0475, 0.4075, 2.25, 0.6125, 2.455, 0.8175, 2.66, 1.0225, 2.865, 1.2275, 3.07, 1.4325, 3.275],
  "SoftwareVersions": "syngo_MR_E11",
  "SpacingBetweenSlices": 2,
  "StationName": "FBMTMR1",
  "TotalReadoutTime": 0.126134,
  "TxRefAmp": 330.624,
  "dcmmeta_affine": [
    [-1.999255657196045, -5.349199902471291e-11, 0.054562050849199295, 111.45112609863281],
    [-0.00897672213613987, 1.97274649143219, -0.32892388105392456, -130.9502716064453],
    [0.05381854623556137, 0.3290463387966156, 1.9720121622085571, -76.63377380371094],
    [0.0, 0.0, 0.0, 1.0]
],
  "dcmmeta_reorient_transform": [
    [0.0, -1.0, 0.0, 119.0],
    [1.0, 0.0, 0.0, 0.0],
    [0.0, 0.0, 1.0, 0.0],
    [0.0, 0.0, 0.0, 1.0]
],
  "dcmmeta_shape": [120, 120, 68, 21],
  "dcmmeta_slice_dim": 2,
  "dcmmeta_version": 0.6,
  "global": {
    "const": {
      "AcquisitionMatrix": [120, 0, 0, 120],
      "AngioFlag": "N",
      "BitsAllocated": 16,
      "BitsStored": 12,
      "BodyPartExamined": "BRAIN",
      "Columns": 1080,
      "EchoNumbers": 1,
      "EchoTime": 104.0,
      "EchoTrainLength": 90,
      "FlipAngle": 90.0,
      "HighBit": 11,
      "ImageOrientationPatient": [0.99962780353529, 0.00448836114611, 0.02690927374392, -2.6746e-11, 0.98637321756748, -0.1645231766821],
      "ImagePositionPatient": [-1071.0938163634, -1055.0336708279, 94.632090338036],
      "ImageType": [
        "ORIGINAL",
        "PRIMARY",
        "DIFFUSION",
        "NONE",
        "ND",
        "NORM",
        "MOSAIC"
],
      "ImagedNucleus": "1H",
      "ImagingFrequency": 123.22443,
      "InPlanePhaseEncodingDirection": "COL",
      "MRAcquisitionType": "2D",
      "MagneticFieldStrength": 3.0,
      "Manufacturer": "SIEMENS",
      "ManufacturerModelName": "Skyra",
      "Modality": "MR",
      "NumberOfAverages": 1.0,
      "NumberOfPhaseEncodingSteps": 90,
      "PercentPhaseFieldOfView": 100.0,
      "PercentSampling": 100.0,
      "PerformedProcedureStepStartTime": "153151.837000",
      "PhotometricInterpretation": "MONOCHROME2",
      "PixelBandwidth": 1070.0,
      "PixelRepresentation": 0,
      "PixelSpacing": [2.0, 2.0],
      "ProtocolName": "SMS_MS_b1000_20d",
      "RepetitionTime": 3500.0,
      "Rows": 1080,
      "SAR": 0.22837562091759,
      "SamplesPerPixel": 1,
      "ScanOptions": [
        "PFP",
        "FS"
],
      "ScanningSequence": "EP",
      "SequenceVariant": [
        "SK",
        "SP"
],
      "SeriesDescription": "SMS_MS_b1000_20d",
      "SeriesNumber": 6,
      "SeriesTime": "154227.225000",
      "SliceLocation": -50.984529803447,
      "SliceThickness": 2.0,
      "SmallestImagePixelValue": 0,
      "SoftwareVersions": "syngo MR E11",
      "SpacingBetweenSlices": 1.999999951843,
      "SpecificCharacterSet": "ISO_IR 100",
      "StudyID": "1",
      "StudyTime": "153151.780000",
      "TransmitCoilName": "Body",
      "VariableFlipAngleFlag": "N",
      "WindowCenterWidthExplanation": "Algo1",
      "dBdt": 0.0},
    "slices": {}
  },
  "time": {
    "samples": {
      "AcquisitionNumber": [1, 2, 3, 4, 5, 6, 7, 8, 9, 10, 11, 12, 13, 14, 15, 16, 17, 18, 19, 20, 21],
      "AcquisitionTime": ["154117.647500", "154121.147500", "154124.647500", "154128.147500", "154131.647500", "154135.147500", "154138.647500", "154142.147500", "154145.647500", "154149.147500", "154152.647500", "154156.147500", "154159.647500", "154203.147500", "154206.647500", "154210.147500", "154213.647500", "154217.147500", "154220.647500", "154224.147500", "154227.647500"],
      "ContentTime": ["154227.229000", "154227.233000", "154227.236000", "154227.239000", "154227.242000", "154227.245000", "154227.252000", "154227.255000", "154227.264000", "154227.267000", "154227.270000", "154227.273000", "154227.276000", "154227.280000", "154227.283000", "154227.287000", "154227.290000", "154227.293000", "154227.296000", "154227.300000", "154230.453000"],
      "InstanceCreationTime": ["154227.229000", "154227.233000", "154227.236000", "154227.239000", "154227.242000", "154227.245000", "154227.252000", "154227.255000", "154227.264000", "154227.267000", "154227.270000", "154227.273000", "154227.276000", "154227.280000", "154227.283000", "154227.287000", "154227.290000", "154227.293000", "154227.296000", "154227.300000", "154230.453000"],
      "InstanceNumber": [1, 2, 3, 4, 5, 6, 7, 8, 9, 10, 11, 12, 13, 14, 15, 16, 17, 18, 19, 20, 21],
      "LargestImagePixelValue": [1678, 299, 282, 292, 312, 301, 298, 297, 299, 292, 305, 281, 296, 319, 307, 285, 282, 282, 319, 324, 292],
      "SequenceName": [
        "*ep_b0",
        "*ep_b1000#1",
        "*ep_b1000#2",
        "*ep_b1000#3",
        "*ep_b1000#4",
        "*ep_b1000#5",
        "*ep_b1000#6",
        "*ep_b1000#7",
        "*ep_b1000#8",
        "*ep_b1000#9",
        "*ep_b1000#10",
        "*ep_b1000#11",
        "*ep_b1000#12",
        "*ep_b1000#13",
        "*ep_b1000#14",
        "*ep_b1000#15",
        "*ep_b1000#16",
        "*ep_b1000#17",
        "*ep_b1000#18",
        "*ep_b1000#19",
        "*ep_b1000#20"
],
      "WindowCenter": [225.0, 94.0, 93.0, 93.0, 94.0, 94.0, 94.0, 93.0, 95.0, 95.0, 94.0, 93.0, 93.0, 94.0, 95.0, 94.0, 92.0, 92.0, 94.0, 95.0, 95.0],
      "WindowWidth": [535.0, 242.0, 239.0, 238.0, 241.0, 241.0, 242.0, 239.0, 243.0, 243.0, 241.0, 239.0, 239.0, 242.0, 244.0, 241.0, 237.0, 238.0, 241.0, 244.0, 243.0]
    },
    "slices": {}
  }
}