{
  "AcquisitionMatrixPE": 120,
  "AcquisitionNumber": 1,
  "AcquisitionTime": "12:51:37.257500",
  "BandwidthPerPixelPhaseEncode": 7.862,
  "BaseResolution": 120,
  "BodyPartExamined": "BRAIN",
  "ConsistencyInfo": "N4_VE11C_LATEST_20160120",
  "ConversionSoftware": "dcm2niix",
  "ConversionSoftwareVersion": "v1.0.20190410  GCC6.3.0",
  "DerivedVendorReportedEchoSpacing": 0.00105995,
  "DeviceSerialNumber": "45250",
  "DiffusionScheme": "Monopolar",
  "DwellTime": 3.9e-06,
  "EchoTime": 0.113,
  "EchoTrainLength": 90,
  "EffectiveEchoSpacing": 0.00105995,
  "FlipAngle": 90,
  "ImageOrientationPatientDICOM": [0.998423, 0.0476748, -0.0296519, -0.0523252, 0.981602, -0.183628],
  "ImageType": [
    "ORIGINAL",
    "PRIMARY",
    "DIFFUSION",
    "NONE",
    "ND",
    "NORM",
    "MOSAIC"
],
  "ImagingFrequency": 123.224,
  "InPlanePhaseEncodingDirectionDICOM": "COL",
  "InstitutionAddress": "Kopernikusstr._26_Graz_Graz_AT_8010",
  "InstitutionName": "KFU",
  "InstitutionalDepartmentName": "Department",
  "MRAcquisitionType": "2D",
  "MagneticFieldStrength": 3,
  "Manufacturer": "Siemens",
  "ManufacturersModelName": "Skyra",
  "Modality": "MR",
  "MultibandAccelerationFactor": 4,
  "PartialFourier": 0.75,
  "PatientPosition": "HFS",
  "PercentPhaseFOV": 100,
  "PhaseEncodingDirection": "j-",
  "PhaseEncodingSteps": 90,
  "PhaseResolution": 1,
  "PixelBandwidth": 1070,
  "ProcedureStepDescription": "KFU_MRI_Lab",
  "ProtocolName": "SMS_MS_b2000_30d",
  "PulseSequenceDetails": "%SiemensSeq%_ep2d_diff",
  "ReceiveCoilActiveElements": "HEA;HEP",
  "ReceiveCoilName": "Head_32",
  "ReconMatrixPE": 120,
  "RefLinesPE": 20,
  "RepetitionTime": 3.5,
  "SAR": 0.229042,
  "ScanOptions": "PFP_FS",
  "ScanningSequence": "EP",
  "SequenceName": "_ep_b0",
  "SequenceVariant": "SK_SP",
  "SeriesDescription": "SMS_MS_b2000_30d",
  "SeriesNumber": 8,
  "ShimSetting": [-953, -2486, -4303, 621, 869, 1119, 555, -1010],
  "SliceThickness": 2,
  "SliceTiming": [1.6375, 0, 1.8425, 0.205, 2.045, 0.4075, 2.25, 0.6125, 2.455, 0.8175, 2.66, 1.0225, 2.865, 1.2275, 3.07, 1.4325, 3.275, 1.6375, 0, 1.8425, 0.205, 2.045, 0.4075, 2.25, 0.6125, 2.455, 0.8175, 2.66, 1.0225, 2.865, 1.2275, 3.07, 1.4325, 3.275, 1.6375, 0, 1.8425, 0.205, 2.045, 0.4075, 2.25, 0.6125, 2.455, 0.8175, 2.66, 1.0225, 2.865, 1.2275, 3.07, 1.4325, 3.275, 1.6375, 0, 1.8425, 0.205, 2.045, 0.4075, 2.25, 0.6125, 2.455, 0.8175, 2.66, 1.0225, 2.865, 1.2275, 3.07, 1.4325, 3.275],
  "SoftwareVersions": "syngo_MR_E11",
  "SpacingBetweenSlices": 2,
  "StationName": "FBMTMR1",
  "TotalReadoutTime": 0.126134,
  "TxRefAmp": 324.017,
  "dcmmeta_affine": [
    [-1.9968453645706177, -0.10465037077665329, -0.04070392623543739, 124.86747741699219],
    [-0.09534969180822372, 1.9632043838500977, -0.36977943778038025, -113.98194122314453],
    [-0.05930384621024132, 0.36725562810897827, 1.9650969505310059, -61.34989547729492],
    [0.0, 0.0, 0.0, 1.0]
],
  "dcmmeta_reorient_transform": [
    [0.0, -1.0, 0.0, 119.0],
    [1.0, 0.0, 0.0, 0.0],
    [0.0, 0.0, 1.0, 0.0],
    [0.0, 0.0, 0.0, 1.0]
],
  "dcmmeta_shape": [120, 120, 68, 31],
  "dcmmeta_slice_dim": 2,
  "dcmmeta_version": 0.6,
  "global": {
    "const": {
      "AcquisitionMatrix": [120, 0, 0, 120],
      "AngioFlag": "N",
      "BitsAllocated": 16,
      "BitsStored": 12,
      "BodyPartExamined": "BRAIN",
      "Columns": 1080,
      "EchoNumbers": 1,
      "EchoTime": 113.0,
      "EchoTrainLength": 90,
      "FlipAngle": 90.0,
      "HighBit": 11,
      "ImageOrientationPatient": [0.9984226922677, 0.04767484736672, -0.0296519222562, -0.052325186212, 0.98160221074649, -0.1836278158273],
      "ImagePositionPatient": [-1020.6676865489, -1107.7453626415, 187.10207348997],
      "ImageType": [
        "ORIGINAL",
        "PRIMARY",
        "DIFFUSION",
        "NONE",
        "ND",
        "NORM",
        "MOSAIC"
],
      "ImagedNucleus": "1H",
      "ImagingFrequency": 123.224343,
      "InPlanePhaseEncodingDirection": "COL",
      "MRAcquisitionType": "2D",
      "MagneticFieldStrength": 3.0,
      "Manufacturer": "SIEMENS",
      "ManufacturerModelName": "Skyra",
      "Modality": "MR",
      "NumberOfAverages": 1.0,
      "NumberOfPhaseEncodingSteps": 90,
      "PercentPhaseFieldOfView": 100.0,
      "PercentSampling": 100.0,
      "PerformedProcedureStepStartTime": "123944.455000",
      "PhotometricInterpretation": "MONOCHROME2",
      "PixelBandwidth": 1070.0,
      "PixelRepresentation": 0,
      "PixelSpacing": [2.0, 2.0],
      "ProtocolName": "SMS_MS_b2000_30d",
      "RepetitionTime": 3500.0,
      "Rows": 1080,
      "SAR": 0.2290423939009,
      "SamplesPerPixel": 1,
      "ScanOptions": [
        "PFP",
        "FS"
],
      "ScanningSequence": "EP",
      "SequenceVariant": [
        "SK",
        "SP"
],
      "SeriesDescription": "SMS_MS_b2000_30d",
      "SeriesNumber": 8,
      "SeriesTime": "125156.648000",
      "SliceLocation": -41.746458087062,
      "SliceThickness": 2.0,
      "SmallestImagePixelValue": 0,
      "SoftwareVersions": "syngo MR E11",
      "SpacingBetweenSlices": 1.9999999653052,
      "SpecificCharacterSet": "ISO_IR 100",
      "StudyID": "1",
      "StudyTime": "123944.268000",
      "TransmitCoilName": "Body",
      "VariableFlipAngleFlag": "N",
      "WindowCenterWidthExplanation": "Algo1",
      "dBdt": 0.0},
    "slices": {}
  },
  "time": {
    "samples": {
      "AcquisitionNumber": [1, 2, 3, 4, 5, 6, 7, 8, 9, 10, 11, 12, 13, 14, 15, 16, 17, 18, 19, 20, 21, 22, 23, 24, 25, 26, 27, 28, 29, 30, 31],
      "AcquisitionTime": ["125137.257500", "125140.757500", "125144.257500", "125147.757500", "125151.257500", "125154.757500", "125158.257500", "125201.757500", "125205.257500", "125208.757500", "125212.257500", "125215.757500", "125219.257500", "125222.757500", "125226.257500", "125229.757500", "125233.257500", "125236.757500", "125240.257500", "125243.757500", "125247.257500", "125250.757500", "125254.257500", "125257.757500", "125301.257500", "125304.757500", "125308.257500", "125311.757500", "125315.257500", "125318.757500", "125322.257500"],
      "ContentTime": ["125156.652000", "125156.656000", "125156.659000", "125156.667000", "125156.671000", "125316.648000", "125316.652000", "125316.655000", "125316.658000", "125316.661000", "125316.669000", "125316.672000", "125316.675000", "125316.679000", "125316.682000", "125316.685000", "125316.688000", "125316.691000", "125316.695000", "125316.698000", "125316.701000", "125316.704000", "125316.715000", "125316.718000", "125316.721000", "125316.725000", "125316.728000", "125316.731000", "125325.711000", "125325.749000", "125325.752000"],
      "InstanceCreationTime": ["125156.652000", "125156.656000", "125156.659000", "125156.667000", "125156.671000", "125316.648000", "125316.652000", "125316.655000", "125316.658000", "125316.661000", "125316.669000", "125316.672000", "125316.675000", "125316.679000", "125316.682000", "125316.685000", "125316.688000", "125316.691000", "125316.695000", "125316.698000", "125316.701000", "125316.704000", "125316.715000", "125316.718000", "125316.721000", "125316.725000", "125316.728000", "125316.731000", "125325.711000", "125325.749000", "125325.752000"],
      "InstanceNumber": [1, 2, 3, 4, 5, 6, 7, 8, 9, 10, 11, 12, 13, 14, 15, 16, 17, 18, 19, 20, 21, 22, 23, 24, 25, 26, 27, 28, 29, 30, 31],
      "LargestImagePixelValue": [2238, 158, 159, 160, 162, 152, 166, 164, 182, 175, 168, 163, 167, 169, 158, 178, 179, 160, 157, 177, 178, 177, 159, 155, 187, 161, 156, 147, 162, 165, 184],
      "SequenceName": [
        "*ep_b0",
        "*ep_b2000#1",
        "*ep_b2000#2",
        "*ep_b2000#3",
        "*ep_b2000#4",
        "*ep_b2000#5",
        "*ep_b2000#6",
        "*ep_b2000#7",
        "*ep_b2000#8",
        "*ep_b2000#9",
        "*ep_b2000#10",
        "*ep_b2000#11",
        "*ep_b2000#12",
        "*ep_b2000#13",
        "*ep_b2000#14",
        "*ep_b2000#15",
        "*ep_b2000#16",
        "*ep_b2000#17",
        "*ep_b2000#18",
        "*ep_b2000#19",
        "*ep_b2000#20",
        "*ep_b2000#21",
        "*ep_b2000#22",
        "*ep_b2000#23",
        "*ep_b2000#24",
        "*ep_b2000#25",
        "*ep_b2000#26",
        "*ep_b2000#27",
        "*ep_b2000#28",
        "*ep_b2000#29",
        "*ep_b2000#30"
],
      "WindowCenter": [266.0, 54.0, 54.0, 55.0, 55.0, 55.0, 56.0, 55.0, 56.0, 57.0, 56.0, 56.0, 56.0, 56.0, 56.0, 57.0, 57.0, 56.0, 56.0, 57.0, 56.0, 57.0, 56.0, 56.0, 56.0, 55.0, 56.0, 54.0, 56.0, 56.0, 57.0],
      "WindowWidth": [606.0, 147.0, 147.0, 149.0, 149.0, 150.0, 153.0, 150.0, 152.0, 154.0, 153.0, 153.0, 152.0, 153.0, 153.0, 155.0, 154.0, 153.0, 153.0, 154.0, 152.0, 154.0, 153.0, 153.0, 152.0, 149.0, 152.0, 148.0, 152.0, 153.0, 155.0]
    },
    "slices": {}
  }
}