{
  "AcquisitionMatrixPE": 120,
  "AcquisitionNumber": 1,
  "AcquisitionTime": "14:40:14.350000",
  "BandwidthPerPixelPhaseEncode": 7.862,
  "BaseResolution": 120,
  "BodyPartExamined": "BRAIN",
  "ConsistencyInfo": "N4_VE11C_LATEST_20160120",
  "ConversionSoftware": "dcm2niix",
  "ConversionSoftwareVersion": "v1.0.20190410  GCC6.3.0",
  "DerivedVendorReportedEchoSpacing": 0.00105995,
  "DeviceSerialNumber": "45250",
  "DiffusionScheme": "Monopolar",
  "DwellTime": 3.9e-06,
  "EchoTime": 0.113,
  "EchoTrainLength": 90,
  "EffectiveEchoSpacing": 0.00105995,
  "FlipAngle": 90,
  "ImageOrientationPatientDICOM": [0.999127, -0.0357053, 0.0217048, 0.040129, 0.964703, -0.260264],
  "ImageType": [
    "ORIGINAL",
    "PRIMARY",
    "DIFFUSION",
    "NONE",
    "ND",
    "NORM",
    "MOSAIC"
],
  "ImagingFrequency": 123.225,
  "InPlanePhaseEncodingDirectionDICOM": "COL",
  "InstitutionAddress": "Kopernikusstr._26_Graz_Graz_AT_8010",
  "InstitutionName": "KFU",
  "InstitutionalDepartmentName": "Department",
  "MRAcquisitionType": "2D",
  "MagneticFieldStrength": 3,
  "Manufacturer": "Siemens",
  "ManufacturersModelName": "Skyra",
  "Modality": "MR",
  "MultibandAccelerationFactor": 4,
  "PartialFourier": 0.75,
  "PatientPosition": "HFS",
  "PercentPhaseFOV": 100,
  "PhaseEncodingDirection": "j-",
  "PhaseEncodingSteps": 90,
  "PhaseResolution": 1,
  "PixelBandwidth": 1070,
  "ProcedureStepDescription": "KFU_MRI_Lab",
  "ProtocolName": "SMS_MS_b2000_30d",
  "PulseSequenceDetails": "%SiemensSeq%_ep2d_diff",
  "ReceiveCoilActiveElements": "HEA;HEP",
  "ReceiveCoilName": "Head_32",
  "ReconMatrixPE": 120,
  "RefLinesPE": 20,
  "RepetitionTime": 3.5,
  "SAR": 0.202741,
  "ScanOptions": "PFP_FS",
  "ScanningSequence": "EP",
  "SequenceName": "_ep_b0",
  "SequenceVariant": "SK_SP",
  "SeriesDescription": "SMS_MS_b2000_30d",
  "SeriesNumber": 11,
  "ShimSetting": [-1027, -1670, -4635, 91, 362, 4176, 460, -756],
  "SliceThickness": 2,
  "SliceTiming": [1.64, 0, 1.8425, 0.205, 2.0475, 0.41, 2.2525, 0.615, 2.4575, 0.82, 2.6625, 1.025, 2.8675, 1.23, 3.0725, 1.435, 3.2775, 1.64, 0, 1.8425, 0.205, 2.0475, 0.41, 2.2525, 0.615, 2.4575, 0.82, 2.6625, 1.025, 2.8675, 1.23, 3.0725, 1.435, 3.2775, 1.64, 0, 1.8425, 0.205, 2.0475, 0.41, 2.2525, 0.615, 2.4575, 0.82, 2.6625, 1.025, 2.8675, 1.23, 3.0725, 1.435, 3.2775, 1.64, 0, 1.8425, 0.205, 2.0475, 0.41, 2.2525, 0.615, 2.4575, 0.82, 2.6625, 1.025, 2.8675, 1.23, 3.0725, 1.435, 3.2775],
  "SoftwareVersions": "syngo_MR_E11",
  "SpacingBetweenSlices": 2,
  "StationName": "FBMTMR1",
  "TotalReadoutTime": 0.126134,
  "TxRefAmp": 331.655,
  "dcmmeta_affine": [
    [-1.9982532262802124, 0.08025806397199631, 0.023291779682040215, 107.9835205078125],
    [0.07141058146953583, 1.9294064044952393, -0.5218153595924377, -131.58975219726562],
    [0.04340960085391998, 0.5205280184745789, 1.9305870532989502, -81.88969421386719],
    [0.0, 0.0, 0.0, 1.0]
],
  "dcmmeta_reorient_transform": [
    [0.0, -1.0, 0.0, 119.0],
    [1.0, 0.0, 0.0, 0.0],
    [0.0, 0.0, 1.0, 0.0],
    [0.0, 0.0, 0.0, 1.0]
],
  "dcmmeta_shape": [120, 120, 68, 31],
  "dcmmeta_slice_dim": 2,
  "dcmmeta_version": 0.6,
  "global": {
    "const": {
      "AcquisitionMatrix": [120, 0, 0, 120],
      "AngioFlag": "N",
      "BitsAllocated": 16,
      "BitsStored": 12,
      "BodyPartExamined": "BRAIN",
      "Columns": 1080,
      "EchoNumbers": 1,
      "EchoTime": 113.0,
      "EchoTrainLength": 90,
      "FlipAngle": 90.0,
      "HighBit": 11,
      "ImageOrientationPatient": [0.99912663559002, -0.0357052889918, 0.02170480114135, 0.04012903310412, 0.96470322308568, -0.2602640045612],
      "ImagePositionPatient": [-1115.2196743213, -989.84763694736, 209.06997652815],
      "ImageType": [
        "ORIGINAL",
        "PRIMARY",
        "DIFFUSION",
        "NONE",
        "ND",
        "NORM",
        "MOSAIC"
],
      "ImagedNucleus": "1H",
      "ImagingFrequency": 123.224695,
      "InPlanePhaseEncodingDirection": "COL",
      "MRAcquisitionType": "2D",
      "MagneticFieldStrength": 3.0,
      "Manufacturer": "SIEMENS",
      "ManufacturerModelName": "Skyra",
      "Modality": "MR",
      "NumberOfAverages": 1.0,
      "NumberOfPhaseEncodingSteps": 90,
      "PercentPhaseFieldOfView": 100.0,
      "PercentSampling": 100.0,
      "PerformedProcedureStepStartTime": "142100.759000",
      "PhotometricInterpretation": "MONOCHROME2",
      "PixelBandwidth": 1070.0,
      "PixelRepresentation": 0,
      "PixelSpacing": [2.0, 2.0],
      "ProtocolName": "SMS_MS_b2000_30d",
      "RepetitionTime": 3500.0,
      "Rows": 1080,
      "SAR": 0.20274094887744,
      "SamplesPerPixel": 1,
      "ScanOptions": [
        "PFP",
        "FS"
],
      "ScanningSequence": "EP",
      "SequenceVariant": [
        "SK",
        "SP"
],
      "SeriesDescription": "SMS_MS_b2000_30d",
      "SeriesNumber": 11,
      "SeriesTime": "144140.252000",
      "SliceLocation": -43.45724623003,
      "SliceThickness": 2.0,
      "SmallestImagePixelValue": 0,
      "SoftwareVersions": "syngo MR E11",
      "SpacingBetweenSlices": 2.0000000193252,
      "SpecificCharacterSet": "ISO_IR 100",
      "StudyID": "1",
      "StudyTime": "142100.671000",
      "TransmitCoilName": "Body",
      "VariableFlipAngleFlag": "N",
      "WindowCenterWidthExplanation": "Algo1",
      "dBdt": 0.0},
    "slices": {}
  },
  "time": {
    "samples": {
      "AcquisitionNumber": [1, 2, 3, 4, 5, 6, 7, 8, 9, 10, 11, 12, 13, 14, 15, 16, 17, 18, 19, 20, 21, 22, 23, 24, 25, 26, 27, 28, 29, 30, 31],
      "AcquisitionTime": ["144014.350000", "144017.850000", "144021.350000", "144024.850000", "144028.350000", "144031.850000", "144035.350000", "144038.850000", "144042.350000", "144045.850000", "144049.350000", "144052.850000", "144056.350000", "144059.850000", "144103.350000", "144106.850000", "144110.350000", "144113.850000", "144117.350000", "144120.850000", "144124.350000", "144127.850000", "144131.350000", "144134.850000", "144138.350000", "144141.850000", "144145.350000", "144148.850000", "144152.350000", "144155.850000", "144159.350000"],
      "ContentTime": ["144140.256000", "144140.260000", "144140.263000", "144140.267000", "144140.270000", "144140.284000", "144140.287000", "144140.290000", "144140.294000", "144140.297000", "144140.300000", "144140.305000", "144140.308000", "144140.311000", "144140.315000", "144140.318000", "144140.321000", "144140.331000", "144140.335000", "144140.338000", "144140.341000", "144140.344000", "144140.348000", "144140.351000", "144202.974000", "144202.977000", "144202.980000", "144202.984000", "144202.987000", "144202.990000", "144202.993000"],
      "InstanceCreationTime": ["144140.256000", "144140.260000", "144140.263000", "144140.267000", "144140.270000", "144140.284000", "144140.287000", "144140.290000", "144140.294000", "144140.297000", "144140.300000", "144140.305000", "144140.308000", "144140.311000", "144140.315000", "144140.318000", "144140.321000", "144140.331000", "144140.335000", "144140.338000", "144140.341000", "144140.344000", "144140.348000", "144140.351000", "144202.974000", "144202.977000", "144202.980000", "144202.984000", "144202.987000", "144202.990000", "144202.993000"],
      "InstanceNumber": [1, 2, 3, 4, 5, 6, 7, 8, 9, 10, 11, 12, 13, 14, 15, 16, 17, 18, 19, 20, 21, 22, 23, 24, 25, 26, 27, 28, 29, 30, 31],
      "LargestImagePixelValue": [1710, 198, 203, 153, 189, 163, 172, 165, 180, 174, 178, 158, 164, 170, 180, 167, 158, 161, 177, 163, 173, 184, 164, 154, 164, 193, 163, 186, 174, 180, 185],
      "SequenceName": [
        "*ep_b0",
        "*ep_b2000#1",
        "*ep_b2000#2",
        "*ep_b2000#3",
        "*ep_b2000#4",
        "*ep_b2000#5",
        "*ep_b2000#6",
        "*ep_b2000#7",
        "*ep_b2000#8",
        "*ep_b2000#9",
        "*ep_b2000#10",
        "*ep_b2000#11",
        "*ep_b2000#12",
        "*ep_b2000#13",
        "*ep_b2000#14",
        "*ep_b2000#15",
        "*ep_b2000#16",
        "*ep_b2000#17",
        "*ep_b2000#18",
        "*ep_b2000#19",
        "*ep_b2000#20",
        "*ep_b2000#21",
        "*ep_b2000#22",
        "*ep_b2000#23",
        "*ep_b2000#24",
        "*ep_b2000#25",
        "*ep_b2000#26",
        "*ep_b2000#27",
        "*ep_b2000#28",
        "*ep_b2000#29",
        "*ep_b2000#30"
],
      "WindowCenter": [216.0, 53.0, 53.0, 53.0, 52.0, 51.0, 53.0, 52.0, 54.0, 53.0, 53.0, 52.0, 53.0, 54.0, 54.0, 53.0, 53.0, 53.0, 54.0, 53.0, 54.0, 54.0, 52.0, 52.0, 51.0, 53.0, 53.0, 53.0, 53.0, 54.0, 54.0],
      "WindowWidth": [508.0, 145.0, 145.0, 144.0, 142.0, 141.0, 144.0, 141.0, 146.0, 145.0, 144.0, 141.0, 144.0, 146.0, 146.0, 145.0, 144.0, 144.0, 146.0, 144.0, 146.0, 146.0, 142.0, 141.0, 141.0, 144.0, 144.0, 144.0, 144.0, 146.0, 146.0]
    },
    "slices": {}
  }
}