{
  "AcquisitionMatrixPE": 120,
  "AcquisitionNumber": 1,
  "AcquisitionTime": "15:31:42.782500",
  "BandwidthPerPixelPhaseEncode": 7.862,
  "BaseResolution": 120,
  "BodyPartExamined": "BRAIN",
  "ConsistencyInfo": "N4_VE11C_LATEST_20160120",
  "ConversionSoftware": "dcm2niix",
  "ConversionSoftwareVersion": "v1.0.20190410  GCC6.3.0",
  "DerivedVendorReportedEchoSpacing": 0.00105995,
  "DeviceSerialNumber": "45250",
  "DiffusionScheme": "Monopolar",
  "DwellTime": 3.9e-06,
  "EchoTime": 0.104,
  "EchoTrainLength": 90,
  "EffectiveEchoSpacing": 0.00105995,
  "FlipAngle": 90,
  "ImageOrientationPatientDICOM": [
    0.999869,
    0.0054732,
    0.0152634,
    4.145e-08,
    0.94131,
    -0.337542
  ],
  "ImageType": [
    "ORIGINAL",
    "PRIMARY",
    "DIFFUSION",
    "NONE",
    "ND",
    "NORM"
  ],
  "ImagingFrequency": 123.224,
  "InPlanePhaseEncodingDirectionDICOM": "COL",
  "InstitutionAddress": "Kopernikusstr._26_Graz_Graz_AT_8010",
  "InstitutionName": "KFU",
  "InstitutionalDepartmentName": "Department",
  "MRAcquisitionType": "2D",
  "MagneticFieldStrength": 3,
  "Manufacturer": "Siemens",
  "ManufacturersModelName": "Skyra",
  "Modality": "MR",
  "MultibandAccelerationFactor": 4,
  "PartialFourier": 0.75,
  "PatientPosition": "HFS",
  "PercentPhaseFOV": 100,
  "PhaseEncodingDirection": "j",
  "PhaseEncodingSteps": 90,
  "PhaseResolution": 1,
  "PixelBandwidth": 1070,
  "ProcedureStepDescription": "KFU_MRI_Lab",
  "ProtocolName": "SMS_MS_b1000_20d_PA",
  "PulseSequenceDetails": "%SiemensSeq%_ep2d_diff",
  "ReceiveCoilActiveElements": "HEA;HEP",
  "ReceiveCoilName": "Head_32",
  "ReconMatrixPE": 120,
  "RefLinesPE": 20,
  "RepetitionTime": 3.5,
  "SAR": 0.133004,
  "ScanOptions": "PFP_FS",
  "ScanningSequence": "EP",
  "SequenceName": "_ep_b0",
  "SequenceVariant": "SK_SP",
  "SeriesDescription": "SMS_MS_b1000_20d_PA",
  "SeriesNumber": 7,
  "ShimSetting": [
    -920,
    -2569,
    -4207,
    626,
    906,
    817,
    465,
    -888
  ],
  "SliceThickness": 2,
  "SoftwareVersions": "syngo_MR_E11",
  "SpacingBetweenSlices": 2,
  "StationName": "FBMTMR1",
  "TotalReadoutTime": 0.126134,
  "TxRefAmp": 337.194,
  "dcmmeta_affine": [
    [
      -1.999737024307251,
      8.289996600296945e-08,
      0.03242993354797363,
      114.28424072265625
    ],
    [
      -0.010946406051516533,
      1.882620930671692,
      -0.6749954223632812,
      -100.0748062133789
    ],
    [
      0.030526725575327873,
      0.6750838756561279,
      1.8823699951171875,
      -72.77055358886719
    ],
    [
      0,
      0,
      0,
      1
    ]
  ],
  "dcmmeta_reorient_transform": [
    [
      0,
      -1,
      0,
      119
    ],
    [
      1,
      0,
      0,
      0
    ],
    [
      0,
      0,
      -1,
      67
    ],
    [
      0,
      0,
      0,
      1
    ]
  ],
  "dcmmeta_shape": [
    120,
    120,
    68
  ],
  "dcmmeta_slice_dim": 2,
  "dcmmeta_version": 0.6,
  "global": {
    "const": {
      "AcquisitionMatrix": [
        120,
        0,
        0,
        120
      ],
      "AcquisitionNumber": 1,
      "AngioFlag": "N",
      "BitsAllocated": 16,
      "BitsStored": 12,
      "BodyPartExamined": "BRAIN",
      "Columns": 120,
      "EchoNumbers": 1,
      "EchoTime": 104,
      "EchoTrainLength": 90,
      "FlipAngle": 90,
      "HighBit": 11,
      "ImageOrientationPatient": [
        0.99986852826187,
        0.00547320317592,
        0.01526336261878,
        4.1449983e-08,
        0.94131049051799,
        -0.337541938788
      ],
      "ImageType": [
        "ORIGINAL",
        "PRIMARY",
        "DIFFUSION",
        "NONE",
        "ND",
        "NORM"
      ],
      "ImagedNucleus": "1H",
      "ImagingFrequency": 123.22448,
      "InPlanePhaseEncodingDirection": "COL",
      "MRAcquisitionType": "2D",
      "MagneticFieldStrength": 3,
      "Manufacturer": "SIEMENS",
      "ManufacturerModelName": "Skyra",
      "Modality": "MR",
      "NumberOfAverages": 1,
      "NumberOfPhaseEncodingSteps": 90,
      "PercentPhaseFieldOfView": 100,
      "PercentSampling": 100,
      "PerformedProcedureStepStartTime": "152010.190000",
      "PhotometricInterpretation": "MONOCHROME2",
      "PixelBandwidth": 1070,
      "PixelRepresentation": 0,
      "PixelSpacing": [
        2,
        2
      ],
      "ProtocolName": "SMS_MS_b1000_20d_PA",
      "RepetitionTime": 3500,
      "Rows": 120,
      "SAR": 0.1330037078023,
      "SamplesPerPixel": 1,
      "ScanOptions": [
        "PFP",
        "FS"
      ],
      "ScanningSequence": "EP",
      "SequenceName": "*ep_b0",
      "SequenceVariant": [
        "SK",
        "SP"
      ],
      "SeriesDescription": "SMS_MS_b1000_20d_PA",
      "SeriesNumber": 7,
      "SeriesTime": "153148.273000",
      "SliceThickness": 2,
      "SmallestImagePixelValue": 0,
      "SoftwareVersions": "syngo MR E11",
      "SpacingBetweenSlices": 2,
      "SpecificCharacterSet": "ISO_IR 100",
      "StudyID": "1",
      "StudyTime": "152010.108000",
      "TransmitCoilName": "Body",
      "VariableFlipAngleFlag": "N",
      "WindowCenterWidthExplanation": "Algo1",
      "dBdt": 0
    },
