{
  "AcquisitionMatrixPE": 288,
  "AcquisitionNumber": 1,
  "AcquisitionTime": "12:02:28.787500",
  "BaseResolution": 288,
  "BodyPartExamined": "HEAD",
  "ConsistencyInfo": "N4_VE11C_LATEST_20160120",
  "ConversionSoftware": "dcm2niix",
  "ConversionSoftwareVersion": "v1.0.20190410  GCC6.3.0",
  "DeviceSerialNumber": "45250",
  "DwellTime": 8.2e-06,
  "EchoTime": 0.00226,
  "FlipAngle": 8,
  "ImageOrientationPatientDICOM": [0.0128639, 0.999843, 0.0121958, 0.0590746, 0.0114156, -0.998188],
  "ImageType": [
    "ORIGINAL",
    "PRIMARY",
    "M",
    "NORM",
    "DIS3D",
    "DIS2D"
],
  "ImagingFrequency": 123.224,
  "InPlanePhaseEncodingDirectionDICOM": "ROW",
  "InstitutionAddress": "Kopernikusstr._26_Graz_Graz_AT_8010",
  "InstitutionName": "KFU",
  "InstitutionalDepartmentName": "Department",
  "InversionTime": 1,
  "MRAcquisitionType": "3D",
  "MagneticFieldStrength": 3,
  "Manufacturer": "Siemens",
  "ManufacturersModelName": "Skyra",
  "Modality": "MR",
  "PartialFourier": 1,
  "PatientPosition": "HFS",
  "PercentPhaseFOV": 100,
  "PhaseEncodingSteps": 331,
  "PhaseOversampling": 0.15,
  "PhaseResolution": 1,
  "PixelBandwidth": 210,
  "ProcedureStepDescription": "KFU_MRI_Lab",
  "ProtocolName": "T1_Pat4_08mm_Pat2_224Sl",
  "PulseSequenceDetails": "%SiemensSeq%_tfl",
  "ReceiveCoilActiveElements": "HEA;HEP",
  "ReceiveCoilName": "Head_32",
  "ReconMatrixPE": 288,
  "RefLinesPE": 24,
  "RepetitionTime": 2.4,
  "SAR": 0.0469552,
  "ScanOptions": "IR_WE",
  "ScanningSequence": "GR_IR",
  "SequenceName": "_tfl3d1_16ns",
  "SequenceVariant": "SK_SP_MP_OSP",
  "SeriesDescription": "T1_Pat4_08mm_Pat2_224Sl",
  "SeriesNumber": 5,
  "ShimSetting": [-939, -2474, -4257, 403, 654, 754, 210, -912],
  "SliceThickness": 0.8,
  "SoftwareVersions": "syngo_MR_E11",
  "StationName": "FBMTMR1",
  "TxRefAmp": 317.81,
  "dcmmeta_affine": [
    [0.7985365390777588, 0.010005283169448376, 0.045946940779685974, -96.00765991210938],
    [-0.010848872363567352, 0.7776556015014648, 0.008878769353032112, -117.2276611328125],
    [-0.04713480547070503, -0.009485618211328983, 0.7763686776161194, -110.4950180053711],
    [0.0, 0.0, 0.0, 1.0]
],
  "dcmmeta_reorient_transform": [
    [0.0, 0.0, -1.0, 287.0],
    [0.0, -1.0, 0.0, 287.0],
    [-1.0, 0.0, 0.0, 223.0],
    [0.0, 0.0, 0.0, 1.0]
],
  "dcmmeta_shape": [224, 288, 288],
  "dcmmeta_slice_dim": 0,
  "dcmmeta_version": 0.6,
  "global": {
    "const": {
      "AcquisitionMatrix": [0, 288, 288, 0],
      "AcquisitionNumber": 1,
      "AcquisitionTime": "120228.787500",
      "AngioFlag": "N",
      "BitsAllocated": 16,
      "BitsStored": 12,
      "BodyPartExamined": "HEAD",
      "Columns": 288,
      "EchoNumbers": 1,
      "EchoTime": 2.26,
      "EchoTrainLength": 1,
      "FlipAngle": 8.0,
      "HighBit": 11,
      "ImageOrientationPatient": [0.01286393475486, 0.99984287854935, 0.01219579422449, 0.05907463820396, 0.01141556037994, -0.9981882949135],
      "ImageType": [
        "ORIGINAL",
        "PRIMARY",
        "M",
        "NORM",
        "DIS3D",
        "DIS2D"
],
      "ImagedNucleus": "1H",
      "ImagingFrequency": 123.22438,
      "InPlanePhaseEncodingDirection": "ROW",
      "InversionTime": 1000.0,
      "MRAcquisitionType": "3D",
      "MagneticFieldStrength": 3.0,
      "Manufacturer": "SIEMENS",
      "ManufacturerModelName": "Skyra",
      "Modality": "MR",
      "NumberOfAverages": 1.0,
      "NumberOfPhaseEncodingSteps": 331,
      "PercentPhaseFieldOfView": 100.0,
      "PercentSampling": 100.0,
      "PerformedProcedureStepStartTime": "115744.133000",
      "PhotometricInterpretation": "MONOCHROME2",
      "PixelBandwidth": 210.0,
      "PixelRepresentation": 0,
      "PixelSpacing": [0.77777779102325, 0.77777779102325],
      "ProtocolName": "T1_Pat4_08mm_Pat2_224Sl",
      "RepetitionTime": 2400.0,
      "Rows": 288,
      "SAR": 0.04695516103351,
      "SamplesPerPixel": 1,
      "ScanOptions": [
        "IR",
        "WE"
],
      "ScanningSequence": [
        "GR",
        "IR"
],
      "SequenceName": "*tfl3d1_16ns",
      "SequenceVariant": [
        "SK",
        "SP",
        "MP",
        "OSP"
],
      "SeriesDescription": "T1_Pat4_08mm_Pat2_224Sl",
      "SeriesNumber": 5,
      "SeriesTime": "120953.069000",
      "SliceThickness": 0.80000001192093,
      "SmallestImagePixelValue": 0,
      "SoftwareVersions": "syngo MR E11",
      "SpecificCharacterSet": "ISO_IR 100",
      "StudyID": "1",
      "StudyTime": "115744.069000",
      "TransmitCoilName": "Body",
      "VariableFlipAngleFlag": "N",
      "WindowCenterWidthExplanation": "Algo1",
      "dBdt": 0.0},
