{
  "AcquisitionMatrixPE": 120,
  "AcquisitionNumber": 1,
  "AcquisitionTime": "10:51:22.265000",
  "BandwidthPerPixelPhaseEncode": 7.862,
  "BaseResolution": 120,
  "BodyPartExamined": "HEAD",
  "ConsistencyInfo": "N4_VE11C_LATEST_20160120",
  "ConversionSoftware": "dcm2niix",
  "ConversionSoftwareVersion": "v1.0.20190410  GCC6.3.0",
  "DerivedVendorReportedEchoSpacing": 0.00105995,
  "DeviceSerialNumber": "45250",
  "DiffusionScheme": "Monopolar",
  "DwellTime": 3.9e-06,
  "EchoTime": 0.113,
  "EchoTrainLength": 90,
  "EffectiveEchoSpacing": 0.00105995,
  "FlipAngle": 90,
  "ImageOrientationPatientDICOM": [0.995449, 0.0898458, -0.0317748, -0.0905929, 0.995625, -0.0229075],
  "ImageType": [
    "ORIGINAL",
    "PRIMARY",
    "DIFFUSION",
    "NONE",
    "ND",
    "NORM",
    "MOSAIC"
],
  "ImagingFrequency": 123.224,
  "InPlanePhaseEncodingDirectionDICOM": "COL",
  "InstitutionAddress": "Kopernikusstr._26_Graz_Graz_AT_8010",
  "InstitutionName": "KFU",
  "InstitutionalDepartmentName": "Department",
  "MRAcquisitionType": "2D",
  "MagneticFieldStrength": 3,
  "Manufacturer": "Siemens",
  "ManufacturersModelName": "Skyra",
  "Modality": "MR",
  "MultibandAccelerationFactor": 4,
  "PartialFourier": 0.75,
  "PatientPosition": "HFS",
  "PercentPhaseFOV": 100,
  "PhaseEncodingDirection": "j-",
  "PhaseEncodingSteps": 90,
  "PhaseResolution": 1,
  "PixelBandwidth": 1070,
  "ProcedureStepDescription": "KFU_MRI_Lab",
  "ProtocolName": "SMS_MS_b2000_30d",
  "PulseSequenceDetails": "%SiemensSeq%_ep2d_diff",
  "ReceiveCoilActiveElements": "HEA;HEP",
  "ReceiveCoilName": "Head_32",
  "ReconMatrixPE": 120,
  "RefLinesPE": 20,
  "RepetitionTime": 3.5,
  "SAR": 0.240596,
  "ScanOptions": "PFP_FS",
  "ScanningSequence": "EP",
  "SequenceName": "_ep_b0",
  "SequenceVariant": "SK_SP",
  "SeriesDescription": "SMS_MS_b2000_30d",
  "SeriesNumber": 8,
  "ShimSetting": [-974, -2564, -4107, 671, 767, 876, 470, -1035],
  "SliceThickness": 2,
  "SliceTiming": [1.6375, 0, 1.8425, 0.2025, 2.045, 0.4075, 2.25, 0.6125, 2.455, 0.8175, 2.66, 1.0225, 2.865, 1.2275, 3.07, 1.4325, 3.275, 1.6375, 0, 1.8425, 0.2025, 2.045, 0.4075, 2.25, 0.6125, 2.455, 0.8175, 2.66, 1.0225, 2.865, 1.2275, 3.07, 1.4325, 3.275, 1.6375, 0, 1.8425, 0.2025, 2.045, 0.4075, 2.25, 0.6125, 2.455, 0.8175, 2.66, 1.0225, 2.865, 1.2275, 3.07, 1.4325, 3.275, 1.6375, 0, 1.8425, 0.2025, 2.045, 0.4075, 2.25, 0.6125, 2.455, 0.8175, 2.66, 1.0225, 2.865, 1.2275, 3.07, 1.4325, 3.275],
  "SoftwareVersions": "syngo_MR_E11",
  "SpacingBetweenSlices": 2,
  "StationName": "FBMTMR1",
  "TotalReadoutTime": 0.126134,
  "TxRefAmp": 324.487,
  "dcmmeta_affine": [
    [-1.9908974170684814, -0.181185781955719, -0.05915534496307373, 127.80289459228516],
    [-0.1796916127204895, 1.9912490844726562, -0.051363565027713776, -128.0935821533203],
    [-0.06354968249797821, 0.04581493139266968, 1.9984650611877441, -30.976587295532227],
    [0.0, 0.0, 0.0, 1.0]
],
  "dcmmeta_reorient_transform": [
    [0.0, -1.0, 0.0, 119.0],
    [1.0, 0.0, 0.0, 0.0],
    [0.0, 0.0, 1.0, 0.0],
    [0.0, 0.0, 0.0, 1.0]
],
  "dcmmeta_shape": [120, 120, 68, 31],
  "dcmmeta_slice_dim": 2,
  "dcmmeta_version": 0.6,
  "global": {
    "const": {
      "AcquisitionMatrix": [120, 0, 0, 120],
      "AngioFlag": "N",
      "BitsAllocated": 16,
      "BitsStored": 12,
      "BodyPartExamined": "HEAD",
      "Columns": 1080,
      "EchoNumbers": 1,
      "EchoTime": 113.0,
      "EchoTrainLength": 90,
      "FlipAngle": 90.0,
      "HighBit": 11,
      "ImageOrientationPatient": [0.99544868772203, 0.08984580951554, -0.031774842643, -0.0905928882614, 0.99562451586244, -0.0229074662533],
      "ImagePositionPatient": [-974.90335751275, -1150.9165577467, 26.97040679161],
      "ImageType": [
        "ORIGINAL",
        "PRIMARY",
        "DIFFUSION",
        "NONE",
        "ND",
        "NORM",
        "MOSAIC"
],
      "ImagedNucleus": "1H",
      "ImagingFrequency": 123.224434,
      "InPlanePhaseEncodingDirection": "COL",
      "MRAcquisitionType": "2D",
      "MagneticFieldStrength": 3.0,
      "Manufacturer": "SIEMENS",
      "ManufacturerModelName": "Skyra",
      "Modality": "MR",
      "NumberOfAverages": 1.0,
      "NumberOfPhaseEncodingSteps": 90,
      "PercentPhaseFieldOfView": 100.0,
      "PercentSampling": 100.0,
      "PerformedProcedureStepStartTime": "103538.766000",
      "PhotometricInterpretation": "MONOCHROME2",
      "PixelBandwidth": 1070.0,
      "PixelRepresentation": 0,
      "PixelSpacing": [2.0, 2.0],
      "ProtocolName": "SMS_MS_b2000_30d",
      "RepetitionTime": 3500.0,
      "Rows": 1080,
      "SAR": 0.24059571992923,
      "SamplesPerPixel": 1,
      "ScanOptions": [
        "PFP",
        "FS"
],
      "ScanningSequence": "EP",
      "SequenceVariant": [
        "SK",
        "SP"
],
      "SeriesDescription": "SMS_MS_b2000_30d",
      "SeriesNumber": 8,
      "SeriesTime": "105233.242000",
      "SliceLocation": -31.44325307511,
      "SliceThickness": 2.0,
      "SmallestImagePixelValue": 0,
      "SoftwareVersions": "syngo MR E11",
      "SpacingBetweenSlices": 1.9999999930202,
      "SpecificCharacterSet": "ISO_IR 100",
      "StudyID": "1",
      "StudyTime": "103538.626000",
      "TransmitCoilName": "Body",
      "VariableFlipAngleFlag": "N",
      "WindowCenterWidthExplanation": "Algo1",
      "dBdt": 0.0},
    "slices": {}
  },
  "time": {
    "samples": {
      "AcquisitionNumber": [1, 2, 3, 4, 5, 6, 7, 8, 9, 10, 11, 12, 13, 14, 15, 16, 17, 18, 19, 20, 21, 22, 23, 24, 25, 26, 27, 28, 29, 30, 31],
      "AcquisitionTime": ["105122.265000", "105125.765000", "105129.265000", "105132.765000", "105136.265000", "105139.765000", "105143.265000", "105146.765000", "105150.265000", "105153.765000", "105157.265000", "105200.765000", "105204.265000", "105207.765000", "105211.265000", "105214.765000", "105218.265000", "105221.765000", "105225.265000", "105228.765000", "105232.265000", "105235.765000", "105239.265000", "105242.765000", "105246.265000", "105249.765000", "105253.265000", "105256.765000", "105300.265000", "105303.765000", "105307.265000"],
      "ContentTime": ["105233.246000", "105233.250000", "105233.253000", "105233.256000", "105233.259000", "105233.263000", "105233.266000", "105233.269000", "105233.279000", "105233.282000", "105233.285000", "105233.288000", "105233.292000", "105233.295000", "105233.298000", "105233.301000", "105233.304000", "105233.308000", "105233.311000", "105233.314000", "105310.527000", "105310.531000", "105310.534000", "105310.537000", "105310.541000", "105310.544000", "105310.547000", "105310.551000", "105310.554000", "105310.557000", "105310.560000"],
      "InstanceCreationTime": ["105233.246000", "105233.250000", "105233.253000", "105233.256000", "105233.259000", "105233.263000", "105233.266000", "105233.269000", "105233.279000", "105233.282000", "105233.285000", "105233.288000", "105233.292000", "105233.295000", "105233.298000", "105233.301000", "105233.304000", "105233.308000", "105233.311000", "105233.314000", "105310.527000", "105310.531000", "105310.534000", "105310.537000", "105310.541000", "105310.544000", "105310.547000", "105310.551000", "105310.554000", "105310.557000", "105310.560000"],
      "InstanceNumber": [1, 2, 3, 4, 5, 6, 7, 8, 9, 10, 11, 12, 13, 14, 15, 16, 17, 18, 19, 20, 21, 22, 23, 24, 25, 26, 27, 28, 29, 30, 31],
      "LargestImagePixelValue": [1546, 190, 196, 194, 190, 186, 166, 189, 204, 174, 168, 178, 190, 182, 161, 185, 205, 198, 216, 208, 178, 198, 207, 196, 183, 209, 206, 196, 221, 215, 202],
      "SequenceName": [
        "*ep_b0",
        "*ep_b2000#1",
        "*ep_b2000#2",
        "*ep_b2000#3",
        "*ep_b2000#4",
        "*ep_b2000#5",
        "*ep_b2000#6",
        "*ep_b2000#7",
        "*ep_b2000#8",
        "*ep_b2000#9",
        "*ep_b2000#10",
        "*ep_b2000#11",
        "*ep_b2000#12",
        "*ep_b2000#13",
        "*ep_b2000#14",
        "*ep_b2000#15",
        "*ep_b2000#16",
        "*ep_b2000#17",
        "*ep_b2000#18",
        "*ep_b2000#19",
        "*ep_b2000#20",
        "*ep_b2000#21",
        "*ep_b2000#22",
        "*ep_b2000#23",
        "*ep_b2000#24",
        "*ep_b2000#25",
        "*ep_b2000#26",
        "*ep_b2000#27",
        "*ep_b2000#28",
        "*ep_b2000#29",
        "*ep_b2000#30"
],
      "WindowCenter": [191.0, 54.0, 54.0, 54.0, 55.0, 54.0, 54.0, 54.0, 55.0, 55.0, 54.0, 54.0, 54.0, 55.0, 54.0, 55.0, 55.0, 55.0, 55.0, 54.0, 53.0, 54.0, 55.0, 55.0, 54.0, 54.0, 55.0, 55.0, 56.0, 56.0, 56.0],
      "WindowWidth": [460.0, 147.0, 146.0, 147.0, 149.0, 147.0, 146.0, 148.0, 149.0, 148.0, 147.0, 148.0, 147.0, 148.0, 147.0, 149.0, 149.0, 150.0, 149.0, 147.0, 145.0, 147.0, 149.0, 150.0, 148.0, 147.0, 149.0, 149.0, 152.0, 152.0, 153.0]
    },
    "slices": {}
  }
}