{
  "AcquisitionMatrixPE": 288,
  "AcquisitionNumber": 1,
  "AcquisitionTime": "11:46:49.115000",
  "BaseResolution": 288,
  "BodyPartExamined": "HEAD",
  "ConsistencyInfo": "N4_VE11C_LATEST_20160120",
  "ConversionSoftware": "dcm2niix",
  "ConversionSoftwareVersion": "v1.0.20190410  GCC6.3.0",
  "DeviceSerialNumber": "45250",
  "DwellTime": 8.2e-06,
  "EchoTime": 0.00226,
  "FlipAngle": 8,
  "ImageOrientationPatientDICOM": [0.0812703, 0.996018, -0.0366416, 0.00765742, -0.0373861, -0.999272],
  "ImageType": [
    "ORIGINAL",
    "PRIMARY",
    "M",
    "NORM",
    "DIS3D",
    "DIS2D"
],
  "ImagingFrequency": 123.225,
  "InPlanePhaseEncodingDirectionDICOM": "ROW",
  "InstitutionAddress": "Kopernikusstr._26_Graz_Graz_AT_8010",
  "InstitutionName": "KFU",
  "InstitutionalDepartmentName": "Department",
  "InversionTime": 1,
  "MRAcquisitionType": "3D",
  "MagneticFieldStrength": 3,
  "Manufacturer": "Siemens",
  "ManufacturersModelName": "Skyra",
  "Modality": "MR",
  "PartialFourier": 1,
  "PatientPosition": "HFS",
  "PercentPhaseFOV": 100,
  "PhaseEncodingSteps": 331,
  "PhaseOversampling": 0.15,
  "PhaseResolution": 1,
  "PixelBandwidth": 210,
  "ProcedureStepDescription": "KFU_MRI_Lab",
  "ProtocolName": "T1_Pat4_08mm_Pat2_224Sl",
  "PulseSequenceDetails": "%SiemensSeq%_tfl",
  "ReceiveCoilActiveElements": "HEA;HEP",
  "ReceiveCoilName": "Head_32",
  "ReconMatrixPE": 288,
  "RefLinesPE": 24,
  "RepetitionTime": 2.4,
  "SAR": 0.0485052,
  "ScanOptions": "IR_WE",
  "ScanningSequence": "GR_IR",
  "SequenceName": "_tfl3d1_16ns",
  "SequenceVariant": "SK_SP_MP_OSP",
  "SeriesDescription": "T1_Pat4_08mm_Pat2_224Sl",
  "SeriesNumber": 5,
  "ShimSetting": [-934, -2616, -4375, 268, 860, -75, 513, -1082],
  "SliceThickness": 0.8,
  "SoftwareVersions": "syngo_MR_E11",
  "StationName": "FBMTMR1",
  "TxRefAmp": 327.616,
  "dcmmeta_affine": [
    [0.7973301410675049, 0.06321024149656296, 0.005955768749117851, -94.527587890625],
    [-0.06474442034959793, 0.7746809720993042, -0.029078073799610138, -111.70758819580078],
    [-0.008532245643436909, 0.028499027714133263, 0.7772112488746643, -119.17633056640625],
    [0.0, 0.0, 0.0, 1.0]
],
  "dcmmeta_reorient_transform": [
    [0.0, 0.0, -1.0, 287.0],
    [0.0, -1.0, 0.0, 287.0],
    [-1.0, 0.0, 0.0, 223.0],
    [0.0, 0.0, 0.0, 1.0]
],
  "dcmmeta_shape": [224, 288, 288],
  "dcmmeta_slice_dim": 0,
  "dcmmeta_version": 0.6,
  "global": {
    "const": {
      "AcquisitionMatrix": [0, 288, 288, 0],
      "AcquisitionNumber": 1,
      "AcquisitionTime": "114649.115000",
      "AngioFlag": "N",
      "BitsAllocated": 16,
      "BitsStored": 12,
      "BodyPartExamined": "HEAD",
      "Columns": 288,
      "EchoNumbers": 1,
      "EchoTime": 2.26,
      "EchoTrainLength": 1,
      "FlipAngle": 8.0,
      "HighBit": 11,
      "ImageOrientationPatient": [0.08127030738224, 0.99601833806023, -0.0366416073027, 0.00765741703119, -0.0373860953948, -0.9992715566029],
      "ImageType": [
        "ORIGINAL",
        "PRIMARY",
        "M",
        "NORM",
        "DIS3D",
        "DIS2D"
],
      "ImagedNucleus": "1H",
      "ImagingFrequency": 123.22451,
      "InPlanePhaseEncodingDirection": "ROW",
      "InversionTime": 1000.0,
      "MRAcquisitionType": "3D",
      "MagneticFieldStrength": 3.0,
      "Manufacturer": "SIEMENS",
      "ManufacturerModelName": "Skyra",
      "Modality": "MR",
      "NumberOfAverages": 1.0,
      "NumberOfPhaseEncodingSteps": 331,
      "PercentPhaseFieldOfView": 100.0,
      "PercentSampling": 100.0,
      "PerformedProcedureStepStartTime": "113723.027000",
      "PhotometricInterpretation": "MONOCHROME2",
      "PixelBandwidth": 210.0,
      "PixelRepresentation": 0,
      "PixelSpacing": [0.77777779102325, 0.77777779102325],
      "ProtocolName": "T1_Pat4_08mm_Pat2_224Sl",
      "RepetitionTime": 2400.0,
      "Rows": 288,
      "SAR": 0.04850519482847,
      "SamplesPerPixel": 1,
      "ScanOptions": [
        "IR",
        "WE"
],
      "ScanningSequence": [
        "GR",
        "IR"
],
      "SequenceName": "*tfl3d1_16ns",
      "SequenceVariant": [
        "SK",
        "SP",
        "MP",
        "OSP"
],
      "SeriesDescription": "T1_Pat4_08mm_Pat2_224Sl",
      "SeriesNumber": 5,
      "SeriesTime": "115413.708000",
      "SliceThickness": 0.80000001192093,
      "SmallestImagePixelValue": 0,
      "SoftwareVersions": "syngo MR E11",
      "SpecificCharacterSet": "ISO_IR 100",
      "StudyID": "1",
      "StudyTime": "113722.949000",
      "TransmitCoilName": "Body",
      "VariableFlipAngleFlag": "N",
      "WindowCenterWidthExplanation": "Algo1",
      "dBdt": 0.0},
