{
  "AcquisitionMatrixPE": 120,
  "AcquisitionNumber": 1,
  "AcquisitionTime": "08:56:1.280000",
  "BandwidthPerPixelPhaseEncode": 7.862,
  "BaseResolution": 120,
  "BodyPartExamined": "HEAD",
  "ConsistencyInfo": "N4_VE11C_LATEST_20160120",
  "ConversionSoftware": "dcm2niix",
  "ConversionSoftwareVersion": "v1.0.20190410  GCC6.3.0",
  "DerivedVendorReportedEchoSpacing": 0.00105995,
  "DeviceSerialNumber": "45250",
  "DiffusionScheme": "Monopolar",
  "DwellTime": 3.9e-06,
  "EchoTime": 0.113,
  "EchoTrainLength": 90,
  "EffectiveEchoSpacing": 0.00105995,
  "FlipAngle": 90,
  "ImageOrientationPatientDICOM": [0.99799, -0.0374031, 0.0511578, 0.0453185, 0.985493, -0.163551],
  "ImageType": [
    "ORIGINAL",
    "PRIMARY",
    "DIFFUSION",
    "NONE",
    "ND",
    "NORM",
    "MOSAIC"
],
  "ImagingFrequency": 123.224,
  "InPlanePhaseEncodingDirectionDICOM": "COL",
  "InstitutionAddress": "Kopernikusstr._26_Graz_Graz_AT_8010",
  "InstitutionName": "KFU",
  "InstitutionalDepartmentName": "Department",
  "MRAcquisitionType": "2D",
  "MagneticFieldStrength": 3,
  "Manufacturer": "Siemens",
  "ManufacturersModelName": "Skyra",
  "Modality": "MR",
  "MultibandAccelerationFactor": 4,
  "PartialFourier": 0.75,
  "PatientPosition": "HFS",
  "PercentPhaseFOV": 100,
  "PhaseEncodingDirection": "j-",
  "PhaseEncodingSteps": 90,
  "PhaseResolution": 1,
  "PixelBandwidth": 1070,
  "ProcedureStepDescription": "KFU_MRI_Lab",
  "ProtocolName": "SMS_MS_b2000_30d",
  "PulseSequenceDetails": "%SiemensSeq%_ep2d_diff",
  "ReceiveCoilActiveElements": "HEA;HEP",
  "ReceiveCoilName": "Head_32",
  "ReconMatrixPE": 120,
  "RefLinesPE": 20,
  "RepetitionTime": 3.5,
  "SAR": 0.259615,
  "ScanOptions": "PFP_FS",
  "ScanningSequence": "EP",
  "SequenceName": "_ep_b0",
  "SequenceVariant": "SK_SP",
  "SeriesDescription": "SMS_MS_b2000_30d",
  "SeriesNumber": 8,
  "ShimSetting": [-962, -2572, -4021, 798, 816, 980, 405, -1106],
  "SliceThickness": 2,
  "SliceTiming": [1.6375, 0, 1.8425, 0.2025, 2.045, 0.4075, 2.25, 0.6125, 2.455, 0.8175, 2.66, 1.0225, 2.865, 1.2275, 3.07, 1.4325, 3.275, 1.6375, 0, 1.8425, 0.2025, 2.045, 0.4075, 2.25, 0.6125, 2.455, 0.8175, 2.66, 1.0225, 2.865, 1.2275, 3.07, 1.4325, 3.275, 1.6375, 0, 1.8425, 0.2025, 2.045, 0.4075, 2.25, 0.6125, 2.455, 0.8175, 2.66, 1.0225, 2.865, 1.2275, 3.07, 1.4325, 3.275, 1.6375, 0, 1.8425, 0.2025, 2.045, 0.4075, 2.25, 0.6125, 2.455, 0.8175, 2.66, 1.0225, 2.865, 1.2275, 3.07, 1.4325, 3.275],
  "SoftwareVersions": "syngo_MR_E11",
  "SpacingBetweenSlices": 2,
  "StationName": "FBMTMR1",
  "TotalReadoutTime": 0.126134,
  "TxRefAmp": 327.518,
  "dcmmeta_affine": [
    [-1.995979905128479, 0.09063690155744553, 0.08859676122665405, 113.95146179199219],
    [0.0748061090707779, 1.9709869623184204, -0.33108067512512207, -128.14962768554688],
    [0.10231558978557587, 0.32710137963294983, 1.9704152345657349, -46.76386260986328],
    [0.0, 0.0, 0.0, 1.0]
],
  "dcmmeta_reorient_transform": [
    [0.0, -1.0, 0.0, 119.0],
    [1.0, 0.0, 0.0, 0.0],
    [0.0, 0.0, 1.0, 0.0],
    [0.0, 0.0, 0.0, 1.0]
],
  "dcmmeta_shape": [120, 120, 68, 31],
  "dcmmeta_slice_dim": 2,
  "dcmmeta_version": 0.6,
  "global": {
    "const": {
      "AcquisitionMatrix": [120, 0, 0, 120],
      "AngioFlag": "N",
      "BitsAllocated": 16,
      "BitsStored": 12,
      "BodyPartExamined": "HEAD",
      "Columns": 1080,
      "EchoNumbers": 1,
      "EchoTime": 113.0,
      "EchoTrainLength": 90,
      "FlipAngle": 90.0,
      "HighBit": 11,
      "ImageOrientationPatient": [0.99798992554423, -0.0374030533177, 0.05115779622644, 0.04531845200345, 0.98549348429504, -0.1635506964829],
      "ImagePositionPatient": [-1126.3132965925, -1016.5646309783, 100.05838928381],
      "ImageType": [
        "ORIGINAL",
        "PRIMARY",
        "DIFFUSION",
        "NONE",
        "ND",
        "NORM",
        "MOSAIC"
],
      "ImagedNucleus": "1H",
      "ImagingFrequency": 123.224282,
      "InPlanePhaseEncodingDirection": "COL",
      "MRAcquisitionType": "2D",
      "MagneticFieldStrength": 3.0,
      "Manufacturer": "SIEMENS",
      "ManufacturerModelName": "Skyra",
      "Modality": "MR",
      "NumberOfAverages": 1.0,
      "NumberOfPhaseEncodingSteps": 90,
      "PercentPhaseFieldOfView": 100.0,
      "PercentSampling": 100.0,
      "PerformedProcedureStepStartTime": "084419.753000",
      "PhotometricInterpretation": "MONOCHROME2",
      "PixelBandwidth": 1070.0,
      "PixelRepresentation": 0,
      "PixelSpacing": [2.0, 2.0],
      "ProtocolName": "SMS_MS_b2000_30d",
      "RepetitionTime": 3500.0,
      "Rows": 1080,
      "SAR": 0.25961480701323,
      "SamplesPerPixel": 1,
      "ScanOptions": [
        "PFP",
        "FS"
],
      "ScanningSequence": "EP",
      "SequenceVariant": [
        "SK",
        "SP"
],
      "SeriesDescription": "SMS_MS_b2000_30d",
      "SeriesNumber": 8,
      "SeriesTime": "085729.312000",
      "SliceLocation": -19.810313087568,
      "SliceThickness": 2.0,
      "SmallestImagePixelValue": 0,
      "SoftwareVersions": "syngo MR E11",
      "SpacingBetweenSlices": 2.0000000245935,
      "SpecificCharacterSet": "ISO_IR 100",
      "StudyID": "1",
      "StudyTime": "084419.616000",
      "TransmitCoilName": "Body",
      "VariableFlipAngleFlag": "N",
      "WindowCenterWidthExplanation": "Algo1",
      "dBdt": 0.0},
    "slices": {}
  },
  "time": {
    "samples": {
      "AcquisitionNumber": [1, 2, 3, 4, 5, 6, 7, 8, 9, 10, 11, 12, 13, 14, 15, 16, 17, 18, 19, 20, 21, 22, 23, 24, 25, 26, 27, 28, 29, 30, 31],
      "AcquisitionTime": ["085601.280000", "085604.780000", "085608.280000", "085611.780000", "085615.280000", "085618.780000", "085622.280000", "085625.780000", "085629.280000", "085632.780000", "085636.280000", "085639.780000", "085643.280000", "085646.780000", "085650.280000", "085653.780000", "085657.280000", "085700.780000", "085704.280000", "085707.780000", "085711.280000", "085714.780000", "085718.280000", "085721.780000", "085725.280000", "085728.780000", "085732.280000", "085735.780000", "085739.280000", "085742.780000", "085746.280000"],
      "ContentTime": ["085729.316000", "085729.320000", "085729.327000", "085729.331000", "085729.334000", "085729.337000", "085729.340000", "085729.344000", "085729.347000", "085729.350000", "085729.353000", "085729.357000", "085729.364000", "085729.367000", "085729.379000", "085729.383000", "085729.386000", "085729.389000", "085729.393000", "085729.396000", "085729.399000", "085729.402000", "085729.406000", "085729.409000", "085729.412000", "085749.659000", "085749.663000", "085749.666000", "085749.670000", "085749.673000", "085749.676000"],
      "InstanceCreationTime": ["085729.316000", "085729.320000", "085729.327000", "085729.331000", "085729.334000", "085729.337000", "085729.340000", "085729.344000", "085729.347000", "085729.350000", "085729.353000", "085729.357000", "085729.364000", "085729.367000", "085729.379000", "085729.383000", "085729.386000", "085729.389000", "085729.393000", "085729.396000", "085729.399000", "085729.402000", "085729.406000", "085729.409000", "085729.412000", "085749.659000", "085749.663000", "085749.666000", "085749.670000", "085749.673000", "085749.676000"],
      "InstanceNumber": [1, 2, 3, 4, 5, 6, 7, 8, 9, 10, 11, 12, 13, 14, 15, 16, 17, 18, 19, 20, 21, 22, 23, 24, 25, 26, 27, 28, 29, 30, 31],
      "LargestImagePixelValue": [1912, 176, 193, 152, 177, 181, 196, 196, 163, 167, 191, 201, 159, 166, 200, 189, 198, 187, 173, 207, 165, 151, 197, 174, 171, 168, 171, 208, 174, 176, 198],
      "SequenceName": [
        "*ep_b0",
        "*ep_b2000#1",
        "*ep_b2000#2",
        "*ep_b2000#3",
        "*ep_b2000#4",
        "*ep_b2000#5",
        "*ep_b2000#6",
        "*ep_b2000#7",
        "*ep_b2000#8",
        "*ep_b2000#9",
        "*ep_b2000#10",
        "*ep_b2000#11",
        "*ep_b2000#12",
        "*ep_b2000#13",
        "*ep_b2000#14",
        "*ep_b2000#15",
        "*ep_b2000#16",
        "*ep_b2000#17",
        "*ep_b2000#18",
        "*ep_b2000#19",
        "*ep_b2000#20",
        "*ep_b2000#21",
        "*ep_b2000#22",
        "*ep_b2000#23",
        "*ep_b2000#24",
        "*ep_b2000#25",
        "*ep_b2000#26",
        "*ep_b2000#27",
        "*ep_b2000#28",
        "*ep_b2000#29",
        "*ep_b2000#30"
],
      "WindowCenter": [230.0, 59.0, 60.0, 59.0, 59.0, 60.0, 61.0, 60.0, 58.0, 58.0, 61.0, 61.0, 59.0, 59.0, 60.0, 60.0, 61.0, 60.0, 59.0, 60.0, 57.0, 58.0, 61.0, 60.0, 60.0, 58.0, 60.0, 61.0, 60.0, 59.0, 61.0],
      "WindowWidth": [540.0, 158.0, 160.0, 159.0, 159.0, 161.0, 163.0, 161.0, 156.0, 157.0, 164.0, 164.0, 159.0, 160.0, 162.0, 162.0, 163.0, 163.0, 159.0, 160.0, 154.0, 156.0, 163.0, 162.0, 161.0, 158.0, 162.0, 164.0, 162.0, 160.0, 164.0]
    },
    "slices": {}
  }
}