{
  "AcquisitionMatrixPE": 120,
  "AcquisitionNumber": 1,
  "AcquisitionTime": "20:01:0.652500",
  "BandwidthPerPixelPhaseEncode": 7.862,
  "BaseResolution": 120,
  "BodyPartExamined": "BRAIN",
  "ConsistencyInfo": "N4_VE11C_LATEST_20160120",
  "ConversionSoftware": "dcm2niix",
  "ConversionSoftwareVersion": "v1.0.20190410  GCC6.3.0",
  "DerivedVendorReportedEchoSpacing": 0.00105995,
  "DeviceSerialNumber": "45250",
  "DiffusionScheme": "Monopolar",
  "DwellTime": 3.9e-06,
  "EchoTime": 0.104,
  "EchoTrainLength": 90,
  "EffectiveEchoSpacing": 0.00105995,
  "FlipAngle": 90,
  "ImageOrientationPatientDICOM": [0.999976, 0.00242386, 0.00643759, -3.22993e-08, 0.935863, -0.352364],
  "ImageType": [
    "ORIGINAL",
    "PRIMARY",
    "DIFFUSION",
    "NONE",
    "ND",
    "NORM",
    "MOSAIC"
],
  "ImagingFrequency": 123.224,
  "InPlanePhaseEncodingDirectionDICOM": "COL",
  "InstitutionAddress": "Kopernikusstr._26_Graz_Graz_AT_8010",
  "InstitutionName": "KFU",
  "InstitutionalDepartmentName": "Department",
  "MRAcquisitionType": "2D",
  "MagneticFieldStrength": 3,
  "Manufacturer": "Siemens",
  "ManufacturersModelName": "Skyra",
  "Modality": "MR",
  "MultibandAccelerationFactor": 4,
  "PartialFourier": 0.75,
  "PatientPosition": "HFS",
  "PercentPhaseFOV": 100,
  "PhaseEncodingDirection": "j-",
  "PhaseEncodingSteps": 90,
  "PhaseResolution": 1,
  "PixelBandwidth": 1070,
  "ProcedureStepDescription": "KFU_MRI_Lab",
  "ProtocolName": "SMS_MS_b1000_20d",
  "PulseSequenceDetails": "%SiemensSeq%_ep2d_diff",
  "ReceiveCoilActiveElements": "HEA;HEP",
  "ReceiveCoilName": "Head_32",
  "ReconMatrixPE": 120,
  "RefLinesPE": 20,
  "RepetitionTime": 3.5,
  "SAR": 0.210542,
  "ScanOptions": "PFP_FS",
  "ScanningSequence": "EP",
  "SequenceName": "_ep_b0",
  "SequenceVariant": "SK_SP",
  "SeriesDescription": "SMS_MS_b1000_20d",
  "SeriesNumber": 6,
  "ShimSetting": [-960, -2515, -4324, 502, 674, 563, 377, -986],
  "SliceThickness": 2,
  "SliceTiming": [1.6375, 0, 1.8425, 0.205, 2.045, 0.4075, 2.25, 0.6125, 2.455, 0.8175, 2.66, 1.0225, 2.865, 1.2275, 3.07, 1.4325, 3.275, 1.6375, 0, 1.8425, 0.205, 2.045, 0.4075, 2.25, 0.6125, 2.455, 0.8175, 2.66, 1.0225, 2.865, 1.2275, 3.07, 1.4325, 3.275, 1.6375, 0, 1.8425, 0.205, 2.045, 0.4075, 2.25, 0.6125, 2.455, 0.8175, 2.66, 1.0225, 2.865, 1.2275, 3.07, 1.4325, 3.275, 1.6375, 0, 1.8425, 0.205, 2.045, 0.4075, 2.25, 0.6125, 2.455, 0.8175, 2.66, 1.0225, 2.865, 1.2275, 3.07, 1.4325, 3.275],
  "SoftwareVersions": "syngo_MR_E11",
  "SpacingBetweenSlices": 2,
  "StationName": "FBMTMR1",
  "TotalReadoutTime": 0.126134,
  "TxRefAmp": 338.619,
  "dcmmeta_affine": [
    [-1.9999526739120483, -6.459863044483427e-08, 0.013757569715380669, 117.89311981201172],
    [-0.004847727250307798, 1.871726393699646, -0.7047104835510254, -109.2563247680664],
    [0.012875180691480637, 0.7047271728515625, 1.871682047843933, -87.45574951171875],
    [0.0, 0.0, 0.0, 1.0]
],
  "dcmmeta_reorient_transform": [
    [0.0, -1.0, 0.0, 119.0],
    [1.0, 0.0, 0.0, 0.0],
    [0.0, 0.0, 1.0, 0.0],
    [0.0, 0.0, 0.0, 1.0]
],
  "dcmmeta_shape": [120, 120, 68, 21],
  "dcmmeta_slice_dim": 2,
  "dcmmeta_version": 0.6,
  "global": {
    "const": {
      "AcquisitionMatrix": [120, 0, 0, 120],
      "AngioFlag": "N",
      "BitsAllocated": 16,
      "BitsStored": 12,
      "BodyPartExamined": "BRAIN",
      "Columns": 1080,
      "EchoNumbers": 1,
      "EchoTime": 104.0,
      "EchoTrainLength": 90,
      "FlipAngle": 90.0,
      "HighBit": 11,
      "ImageOrientationPatient": [0.99997634087788, 0.00242386358788, 0.00643759037149, -3.2299315e-08, 0.93586318756113, -0.352363582352],
      "ImagePositionPatient": [-1077.8703669201, -1014.2346847236, 328.49573555402],
      "ImageType": [
        "ORIGINAL",
        "PRIMARY",
        "DIFFUSION",
        "NONE",
        "ND",
        "NORM",
        "MOSAIC"
],
      "ImagedNucleus": "1H",
      "ImagingFrequency": 123.224313,
      "InPlanePhaseEncodingDirection": "COL",
      "MRAcquisitionType": "2D",
      "MagneticFieldStrength": 3.0,
      "Manufacturer": "SIEMENS",
      "ManufacturerModelName": "Skyra",
      "Modality": "MR",
      "NumberOfAverages": 1.0,
      "NumberOfPhaseEncodingSteps": 90,
      "PercentPhaseFieldOfView": 100.0,
      "PercentSampling": 100.0,
      "PerformedProcedureStepStartTime": "195123.112000",
      "PhotometricInterpretation": "MONOCHROME2",
      "PixelBandwidth": 1070.0,
      "PixelRepresentation": 0,
      "PixelSpacing": [2.0, 2.0],
      "ProtocolName": "SMS_MS_b1000_20d",
      "RepetitionTime": 3500.0,
      "Rows": 1080,
      "SAR": 0.2105421693628,
      "SamplesPerPixel": 1,
      "ScanOptions": [
        "PFP",
        "FS"
],
      "ScanningSequence": "EP",
      "SequenceVariant": [
        "SK",
        "SP"
],
      "SeriesDescription": "SMS_MS_b1000_20d",
      "SeriesNumber": 6,
      "SeriesTime": "200214.134000",
      "SliceLocation": -42.536679992734,
      "SliceThickness": 2.0,
      "SmallestImagePixelValue": 0,
      "SoftwareVersions": "syngo MR E11",
      "SpacingBetweenSlices": 1.9999999727623,
      "SpecificCharacterSet": "ISO_IR 100",
      "StudyID": "1",
      "StudyTime": "195123.044000",
      "TransmitCoilName": "Body",
      "VariableFlipAngleFlag": "N",
      "WindowCenterWidthExplanation": "Algo1",
      "dBdt": 0.0},
    "slices": {}
  },
  "time": {
    "samples": {
      "AcquisitionNumber": [1, 2, 3, 4, 5, 6, 7, 8, 9, 10, 11, 12, 13, 14, 15, 16, 17, 18, 19, 20, 21],
      "AcquisitionTime": ["200100.652500", "200104.152500", "200107.652500", "200111.152500", "200114.652500", "200118.152500", "200121.652500", "200125.152500", "200128.652500", "200132.152500", "200135.652500", "200139.152500", "200142.652500", "200146.152500", "200149.652500", "200153.152500", "200156.652500", "200200.152500", "200203.652500", "200207.152500", "200210.652500"],
      "ContentTime": ["200214.139000", "200214.143000", "200214.147000", "200214.151000", "200214.154000", "200214.158000", "200214.162000", "200214.165000", "200214.169000", "200214.180000", "200214.184000", "200214.188000", "200214.192000", "200214.199000", "200214.203000", "200214.206000", "200214.210000", "200214.213000", "200214.222000", "200214.226000", "200214.229000"],
      "InstanceCreationTime": ["200214.139000", "200214.143000", "200214.147000", "200214.151000", "200214.154000", "200214.158000", "200214.162000", "200214.165000", "200214.169000", "200214.180000", "200214.184000", "200214.188000", "200214.192000", "200214.199000", "200214.203000", "200214.206000", "200214.210000", "200214.213000", "200214.222000", "200214.226000", "200214.229000"],
      "InstanceNumber": [1, 2, 3, 4, 5, 6, 7, 8, 9, 10, 11, 12, 13, 14, 15, 16, 17, 18, 19, 20, 21],
      "LargestImagePixelValue": [2216, 394, 366, 366, 364, 390, 405, 364, 391, 409, 403, 401, 399, 421, 368, 375, 399, 373, 427, 430, 402],
      "SequenceName": [
        "*ep_b0",
        "*ep_b1000#1",
        "*ep_b1000#2",
        "*ep_b1000#3",
        "*ep_b1000#4",
        "*ep_b1000#5",
        "*ep_b1000#6",
        "*ep_b1000#7",
        "*ep_b1000#8",
        "*ep_b1000#9",
        "*ep_b1000#10",
        "*ep_b1000#11",
        "*ep_b1000#12",
        "*ep_b1000#13",
        "*ep_b1000#14",
        "*ep_b1000#15",
        "*ep_b1000#16",
        "*ep_b1000#17",
        "*ep_b1000#18",
        "*ep_b1000#19",
        "*ep_b1000#20"
],
      "WindowCenter": [273.0, 100.0, 99.0, 97.0, 98.0, 98.0, 99.0, 98.0, 99.0, 99.0, 100.0, 98.0, 98.0, 98.0, 98.0, 99.0, 98.0, 97.0, 97.0, 99.0, 100.0],
      "WindowWidth": [626.0, 254.0, 252.0, 248.0, 251.0, 250.0, 252.0, 250.0, 253.0, 253.0, 254.0, 250.0, 250.0, 251.0, 251.0, 252.0, 250.0, 249.0, 250.0, 253.0, 254.0]
    },
    "slices": {}
  }
}