{
  "AcquisitionMatrixPE": 120,
  "AcquisitionNumber": 1,
  "AcquisitionTime": "13:27:1.680000",
  "BandwidthPerPixelPhaseEncode": 7.862,
  "BaseResolution": 120,
  "BodyPartExamined": "BRAIN",
  "ConsistencyInfo": "N4_VE11C_LATEST_20160120",
  "ConversionSoftware": "dcm2niix",
  "ConversionSoftwareVersion": "v1.0.20190410  GCC6.3.0",
  "DerivedVendorReportedEchoSpacing": 0.00105995,
  "DeviceSerialNumber": "45250",
  "DiffusionScheme": "Monopolar",
  "DwellTime": 3.9e-06,
  "EchoTime": 0.104,
  "EchoTrainLength": 90,
  "EffectiveEchoSpacing": 0.00105995,
  "FlipAngle": 90,
  "ImageOrientationPatientDICOM": [
    0.998463,
    -0.0112814,
    -0.0542646,
    1.64492e-08,
    0.979066,
    -0.203543
  ],
  "ImageType": [
    "ORIGINAL",
    "PRIMARY",
    "DIFFUSION",
    "NONE",
    "ND",
    "NORM"
  ],
  "ImagingFrequency": 123.225,
  "InPlanePhaseEncodingDirectionDICOM": "COL",
  "InstitutionAddress": "Kopernikusstr._26_Graz_Graz_AT_8010",
  "InstitutionName": "KFU",
  "InstitutionalDepartmentName": "Department",
  "MRAcquisitionType": "2D",
  "MagneticFieldStrength": 3,
  "Manufacturer": "Siemens",
  "ManufacturersModelName": "Skyra",
  "Modality": "MR",
  "MultibandAccelerationFactor": 4,
  "PartialFourier": 0.75,
  "PatientPosition": "HFS",
  "PercentPhaseFOV": 100,
  "PhaseEncodingDirection": "j",
  "PhaseEncodingSteps": 90,
  "PhaseResolution": 1,
  "PixelBandwidth": 1070,
  "ProcedureStepDescription": "KFU_MRI_Lab",
  "ProtocolName": "SMS_MS_b1000_20d_PA",
  "PulseSequenceDetails": "%SiemensSeq%_ep2d_diff",
  "ReceiveCoilActiveElements": "HEA;HEP",
  "ReceiveCoilName": "Head_32",
  "ReconMatrixPE": 120,
  "RefLinesPE": 20,
  "RepetitionTime": 3.5,
  "SAR": 0.149045,
  "ScanOptions": "PFP_FS",
  "ScanningSequence": "EP",
  "SequenceName": "_ep_b0",
  "SequenceVariant": "SK_SP",
  "SeriesDescription": "SMS_MS_b1000_20d_PA",
  "SeriesNumber": 7,
  "ShimSetting": [
    -981,
    -2624,
    -4262,
    759,
    768,
    737,
    541,
    -932
  ],
  "SliceThickness": 2,
  "SoftwareVersions": "syngo_MR_E11",
  "SpacingBetweenSlices": 2,
  "StationName": "FBMTMR1",
  "TotalReadoutTime": 0.126134,
  "TxRefAmp": 320.456,
  "dcmmeta_affine": [
    [
      -1.996925711631775,
      3.28983702502228e-08,
      -0.11084985733032227,
      120.60821533203125
    ],
    [
      0.022562744095921516,
      1.9581319093704224,
      -0.4064598083496094,
      -126.32289123535156
    ],
    [
      -0.10852915048599243,
      0.4070866107940674,
      1.9551162719726562,
      -72.2116470336914
    ],
    [
      0,
      0,
      0,
      1
    ]
  ],
  "dcmmeta_reorient_transform": [
    [
      0,
      -1,
      0,
      119
    ],
    [
      1,
      0,
      0,
      0
    ],
    [
      0,
      0,
      -1,
      67
    ],
    [
      0,
      0,
      0,
      1
    ]
  ],
  "dcmmeta_shape": [
    120,
    120,
    68
  ],
  "dcmmeta_slice_dim": 2,
  "dcmmeta_version": 0.6,
  "global": {
    "const": {
      "AcquisitionMatrix": [
        120,
        0,
        0,
        120
      ],
      "AcquisitionNumber": 1,
      "AngioFlag": "N",
      "BitsAllocated": 16,
      "BitsStored": 12,
      "BodyPartExamined": "BRAIN",
      "Columns": 120,
      "EchoNumbers": 1,
      "EchoTime": 104,
      "EchoTrainLength": 90,
      "FlipAngle": 90,
      "HighBit": 11,
      "ImageOrientationPatient": [
        0.99846286194903,
        -0.0112813716911,
        -0.0542645737228,
        1.6449186e-08,
        0.97906594516779,
        -0.2035433000929
      ],
      "ImageType": [
        "ORIGINAL",
        "PRIMARY",
        "DIFFUSION",
        "NONE",
        "ND",
        "NORM"
      ],
      "ImagedNucleus": "1H",
      "ImagingFrequency": 123.224538,
      "InPlanePhaseEncodingDirection": "COL",
      "MRAcquisitionType": "2D",
      "MagneticFieldStrength": 3,
      "Manufacturer": "SIEMENS",
      "ManufacturerModelName": "Skyra",
      "Modality": "MR",
      "NumberOfAverages": 1,
      "NumberOfPhaseEncodingSteps": 90,
      "PercentPhaseFieldOfView": 100,
      "PercentSampling": 100,
      "PerformedProcedureStepStartTime": "131559.599000",
      "PhotometricInterpretation": "MONOCHROME2",
      "PixelBandwidth": 1070,
      "PixelRepresentation": 0,
      "PixelSpacing": [
        2,
        2
      ],
      "ProtocolName": "SMS_MS_b1000_20d_PA",
      "RepetitionTime": 3500,
      "Rows": 120,
      "SAR": 0.14904544541565,
      "SamplesPerPixel": 1,
      "ScanOptions": [
        "PFP",
        "FS"
      ],
      "ScanningSequence": "EP",
      "SequenceName": "*ep_b0",
      "SequenceVariant": [
        "SK",
        "SP"
      ],
      "SeriesDescription": "SMS_MS_b1000_20d_PA",
      "SeriesNumber": 7,
      "SeriesTime": "132707.263000",
      "SliceThickness": 2,
      "SmallestImagePixelValue": 0,
      "SoftwareVersions": "syngo MR E11",
      "SpacingBetweenSlices": 2,
      "SpecificCharacterSet": "ISO_IR 100",
      "StudyID": "1",
      "StudyTime": "131559.522000",
      "TransmitCoilName": "Body",
      "VariableFlipAngleFlag": "N",
      "WindowCenterWidthExplanation": "Algo1",
      "dBdt": 0
    },
