{
  "AcquisitionMatrixPE": 120,
  "AcquisitionNumber": 1,
  "AcquisitionTime": "08:13:26.427500",
  "BandwidthPerPixelPhaseEncode": 7.862,
  "BaseResolution": 120,
  "BodyPartExamined": "HEAD",
  "ConsistencyInfo": "N4_VE11C_LATEST_20160120",
  "ConversionSoftware": "dcm2niix",
  "ConversionSoftwareVersion": "v1.0.20190410  GCC6.3.0",
  "DerivedVendorReportedEchoSpacing": 0.00105995,
  "DeviceSerialNumber": "45250",
  "DiffusionScheme": "Monopolar",
  "DwellTime": 3.9e-06,
  "EchoTime": 0.113,
  "EchoTrainLength": 90,
  "EffectiveEchoSpacing": 0.00105995,
  "FlipAngle": 90,
  "ImageOrientationPatientDICOM": [0.996011, -0.0835503, -0.0313348, 0.0766389, 0.980824, -0.179193],
  "ImageType": [
    "ORIGINAL",
    "PRIMARY",
    "DIFFUSION",
    "NONE",
    "ND",
    "NORM",
    "MOSAIC"
],
  "ImagingFrequency": 123.224,
  "InPlanePhaseEncodingDirectionDICOM": "COL",
  "InstitutionAddress": "Kopernikusstr._26_Graz_Graz_AT_8010",
  "InstitutionName": "KFU",
  "InstitutionalDepartmentName": "Department",
  "MRAcquisitionType": "2D",
  "MagneticFieldStrength": 3,
  "Manufacturer": "Siemens",
  "ManufacturersModelName": "Skyra",
  "Modality": "MR",
  "MultibandAccelerationFactor": 4,
  "PartialFourier": 0.75,
  "PatientPosition": "HFS",
  "PercentPhaseFOV": 100,
  "PhaseEncodingDirection": "j-",
  "PhaseEncodingSteps": 90,
  "PhaseResolution": 1,
  "PixelBandwidth": 1070,
  "ProcedureStepDescription": "KFU_KlinischePsy",
  "ProtocolName": "SMS_MS_b2000_30d",
  "PulseSequenceDetails": "%SiemensSeq%_ep2d_diff",
  "ReceiveCoilActiveElements": "HEA;HEP",
  "ReceiveCoilName": "Head_32",
  "ReconMatrixPE": 120,
  "RefLinesPE": 20,
  "RepetitionTime": 3.5,
  "SAR": 0.187293,
  "ScanOptions": "PFP_FS",
  "ScanningSequence": "EP",
  "SequenceName": "_ep_b0",
  "SequenceVariant": "SK_SP",
  "SeriesDescription": "SMS_MS_b2000_30d",
  "SeriesNumber": 12,
  "ShimSetting": [-955, -2585, -4223, 582, 772, 648, 250, -987],
  "SliceThickness": 2,
  "SliceTiming": [1.6375, 0, 1.8425, 0.205, 2.0475, 0.41, 2.25, 0.6125, 2.455, 0.8175, 2.66, 1.0225, 2.865, 1.2275, 3.07, 1.4325, 3.275, 1.6375, 0, 1.8425, 0.205, 2.0475, 0.41, 2.25, 0.6125, 2.455, 0.8175, 2.66, 1.0225, 2.865, 1.2275, 3.07, 1.4325, 3.275, 1.6375, 0, 1.8425, 0.205, 2.0475, 0.41, 2.25, 0.6125, 2.455, 0.8175, 2.66, 1.0225, 2.865, 1.2275, 3.07, 1.4325, 3.275, 1.6375, 0, 1.8425, 0.205, 2.0475, 0.41, 2.25, 0.6125, 2.455, 0.8175, 2.66, 1.0225, 2.865, 1.2275, 3.07, 1.4325, 3.275],
  "SoftwareVersions": "syngo_MR_E11",
  "SpacingBetweenSlices": 2,
  "StationName": "FBMTMR1",
  "TotalReadoutTime": 0.126134,
  "TxRefAmp": 336.925,
  "dcmmeta_affine": [
    [-1.9920215606689453, 0.15327785909175873, -0.09141116589307785, 111.60198974609375],
    [0.16710063815116882, 1.9616485834121704, -0.3521539568901062, -140.55885314941406],
    [-0.06266959011554718, 0.3583865463733673, 1.9666295051574707, -53.89748764038086],
    [0.0, 0.0, 0.0, 1.0]
],
  "dcmmeta_reorient_transform": [
    [0.0, -1.0, 0.0, 119.0],
    [1.0, 0.0, 0.0, 0.0],
    [0.0, 0.0, 1.0, 0.0],
    [0.0, 0.0, 0.0, 1.0]
],
  "dcmmeta_shape": [120, 120, 68, 31],
  "dcmmeta_slice_dim": 2,
  "dcmmeta_version": 0.6,
  "global": {
    "const": {
      "AcquisitionMatrix": [120, 0, 0, 120],
      "AngioFlag": "N",
      "BitsAllocated": 16,
      "BitsStored": 12,
      "BodyPartExamined": "HEAD",
      "Columns": 1080,
      "EchoNumbers": 1,
      "EchoTime": 113.0,
      "EchoTrainLength": 90,
      "FlipAngle": 90.0,
      "HighBit": 11,
      "ImageOrientationPatient": [0.99601078037233, -0.0835503205616, -0.031334794018, 0.07663892694454, 0.98082426729879, -0.1791932798812],
      "ImagePositionPatient": [-1159.5857756466, -954.26030640774, 190.85746428136],
      "ImageType": [
        "ORIGINAL",
        "PRIMARY",
        "DIFFUSION",
        "NONE",
        "ND",
        "NORM",
        "MOSAIC"
],
      "ImagedNucleus": "1H",
      "ImagingFrequency": 123.224409,
      "InPlanePhaseEncodingDirection": "COL",
      "MRAcquisitionType": "2D",
      "MagneticFieldStrength": 3.0,
      "Manufacturer": "SIEMENS",
      "ManufacturerModelName": "Skyra",
      "Modality": "MR",
      "NumberOfAverages": 1.0,
      "NumberOfPhaseEncodingSteps": 90,
      "PercentPhaseFieldOfView": 100.0,
      "PercentSampling": 100.0,
      "PerformedProcedureStepStartTime": "075921.317000",
      "PhotometricInterpretation": "MONOCHROME2",
      "PixelBandwidth": 1070.0,
      "PixelRepresentation": 0,
      "PixelSpacing": [2.0, 2.0],
      "ProtocolName": "SMS_MS_b2000_30d",
      "RepetitionTime": 3500.0,
      "Rows": 1080,
      "SAR": 0.18729310018821,
      "SamplesPerPixel": 1,
      "ScanOptions": [
        "PFP",
        "FS"
],
      "ScanningSequence": "EP",
      "SequenceVariant": [
        "SK",
        "SP"
],
      "SeriesDescription": "SMS_MS_b2000_30d",
      "SeriesNumber": 12,
      "SeriesTime": "081439.500000",
      "SliceLocation": -33.349849969452,
      "SliceThickness": 2.0,
      "SmallestImagePixelValue": 0,
      "SoftwareVersions": "syngo MR E11",
      "SpacingBetweenSlices": 1.9999999797031,
      "SpecificCharacterSet": "ISO_IR 100",
      "StudyID": "1",
      "StudyTime": "075921.210000",
      "TransmitCoilName": "Body",
      "VariableFlipAngleFlag": "N",
      "WindowCenterWidthExplanation": "Algo1",
      "dBdt": 0.0},
    "slices": {}
  },
  "time": {
    "samples": {
      "AcquisitionNumber": [1, 2, 3, 4, 5, 6, 7, 8, 9, 10, 11, 12, 13, 14, 15, 16, 17, 18, 19, 20, 21, 22, 23, 24, 25, 26, 27, 28, 29, 30, 31],
      "AcquisitionTime": ["081326.427500", "081329.927500", "081333.427500", "081336.927500", "081340.427500", "081343.927500", "081347.427500", "081350.927500", "081354.427500", "081357.927500", "081401.427500", "081404.927500", "081408.427500", "081411.927500", "081415.427500", "081418.927500", "081422.427500", "081425.927500", "081429.427500", "081432.927500", "081436.427500", "081439.927500", "081443.427500", "081446.927500", "081450.427500", "081453.927500", "081457.427500", "081500.927500", "081504.427500", "081507.927500", "081511.427500"],
      "ContentTime": ["081439.504000", "081439.508000", "081439.512000", "081439.515000", "081439.518000", "081439.528000", "081439.531000", "081439.534000", "081439.541000", "081439.545000", "081439.548000", "081439.551000", "081439.554000", "081439.558000", "081439.561000", "081439.565000", "081439.568000", "081439.571000", "081439.575000", "081439.578000", "081514.676000", "081514.679000", "081514.683000", "081514.719000", "081514.723000", "081514.726000", "081514.729000", "081514.733000", "081514.736000", "081514.739000", "081514.743000"],
      "InstanceCreationTime": ["081439.504000", "081439.508000", "081439.512000", "081439.515000", "081439.518000", "081439.528000", "081439.531000", "081439.534000", "081439.541000", "081439.545000", "081439.548000", "081439.551000", "081439.554000", "081439.558000", "081439.561000", "081439.565000", "081439.568000", "081439.571000", "081439.575000", "081439.578000", "081514.676000", "081514.679000", "081514.683000", "081514.719000", "081514.723000", "081514.726000", "081514.729000", "081514.733000", "081514.736000", "081514.739000", "081514.743000"],
      "InstanceNumber": [1, 2, 3, 4, 5, 6, 7, 8, 9, 10, 11, 12, 13, 14, 15, 16, 17, 18, 19, 20, 21, 22, 23, 24, 25, 26, 27, 28, 29, 30, 31],
      "LargestImagePixelValue": [2153, 152, 153, 160, 167, 144, 176, 161, 144, 179, 170, 154, 165, 167, 164, 177, 151, 162, 192, 188, 155, 149, 196, 159, 163, 173, 169, 167, 185, 162, 171],
      "SequenceName": [
        "*ep_b0",
        "*ep_b2000#1",
        "*ep_b2000#2",
        "*ep_b2000#3",
        "*ep_b2000#4",
        "*ep_b2000#5",
        "*ep_b2000#6",
        "*ep_b2000#7",
        "*ep_b2000#8",
        "*ep_b2000#9",
        "*ep_b2000#10",
        "*ep_b2000#11",
        "*ep_b2000#12",
        "*ep_b2000#13",
        "*ep_b2000#14",
        "*ep_b2000#15",
        "*ep_b2000#16",
        "*ep_b2000#17",
        "*ep_b2000#18",
        "*ep_b2000#19",
        "*ep_b2000#20",
        "*ep_b2000#21",
        "*ep_b2000#22",
        "*ep_b2000#23",
        "*ep_b2000#24",
        "*ep_b2000#25",
        "*ep_b2000#26",
        "*ep_b2000#27",
        "*ep_b2000#28",
        "*ep_b2000#29",
        "*ep_b2000#30"
],
      "WindowCenter": [252.0, 53.0, 53.0, 54.0, 53.0, 52.0, 54.0, 54.0, 52.0, 54.0, 55.0, 54.0, 54.0, 54.0, 54.0, 54.0, 54.0, 54.0, 55.0, 54.0, 53.0, 52.0, 55.0, 54.0, 53.0, 54.0, 53.0, 54.0, 54.0, 54.0, 54.0],
      "WindowWidth": [571.0, 145.0, 145.0, 146.0, 145.0, 142.0, 147.0, 146.0, 142.0, 147.0, 148.0, 147.0, 148.0, 146.0, 146.0, 148.0, 148.0, 147.0, 149.0, 147.0, 145.0, 142.0, 149.0, 146.0, 145.0, 147.0, 143.0, 146.0, 148.0, 146.0, 148.0]
    },
    "slices": {}
  }
}