{
  "AcquisitionMatrixPE": 288,
  "AcquisitionNumber": 1,
  "AcquisitionTime": "18:14:54.117500",
  "BaseResolution": 288,
  "BodyPartExamined": "BRAIN",
  "ConsistencyInfo": "N4_VE11C_LATEST_20160120",
  "ConversionSoftware": "dcm2niix",
  "ConversionSoftwareVersion": "v1.0.20190410  GCC6.3.0",
  "DeviceSerialNumber": "45250",
  "DwellTime": 8.2e-06,
  "EchoTime": 0.00226,
  "FlipAngle": 8,
  "ImageOrientationPatientDICOM": [-0.0301923, 0.992484, 0.118595, 0.0479275, 0.11995, -0.991622],
  "ImageType": [
    "ORIGINAL",
    "PRIMARY",
    "M",
    "NORM",
    "DIS3D",
    "DIS2D"
],
  "ImagingFrequency": 123.225,
  "InPlanePhaseEncodingDirectionDICOM": "ROW",
  "InstitutionAddress": "Kopernikusstr._26_Graz_Graz_AT_8010",
  "InstitutionName": "KFU",
  "InstitutionalDepartmentName": "Department",
  "InversionTime": 1,
  "MRAcquisitionType": "3D",
  "MagneticFieldStrength": 3,
  "Manufacturer": "Siemens",
  "ManufacturersModelName": "Skyra",
  "Modality": "MR",
  "PartialFourier": 1,
  "PatientPosition": "HFS",
  "PercentPhaseFOV": 100,
  "PhaseEncodingSteps": 331,
  "PhaseOversampling": 0.15,
  "PhaseResolution": 1,
  "PixelBandwidth": 210,
  "ProcedureStepDescription": "KFU_MRI_Lab",
  "ProtocolName": "T1_Pat4_08mm_Pat2_224Sl",
  "PulseSequenceDetails": "%SiemensSeq%_tfl",
  "ReceiveCoilActiveElements": "HEA;HEP",
  "ReceiveCoilName": "Head_32",
  "ReconMatrixPE": 288,
  "RefLinesPE": 24,
  "RepetitionTime": 2.4,
  "SAR": 0.0518025,
  "ScanOptions": "IR_WE",
  "ScanningSequence": "GR_IR",
  "SequenceName": "_tfl3d1_16ns",
  "SequenceVariant": "SK_SP_MP_OSP",
  "SeriesDescription": "T1_Pat4_08mm_Pat2_224Sl",
  "SeriesNumber": 5,
  "ShimSetting": [-907, -2644, -4502, 513, 674, 149, 700, -975],
  "SliceThickness": 0.8,
  "SoftwareVersions": "syngo_MR_E11",
  "StationName": "FBMTMR1",
  "TxRefAmp": 318.75,
  "dcmmeta_affine": [
    [0.7987155318260193, -0.0234829094260931, 0.03727695718407631, -96.7960433959961],
    [0.019404329359531403, 0.7719317078590393, 0.0932944267988205, -138.12937927246094],
    [-0.040951069444417953, -0.09224046766757965, 0.7712618708610535, -118.55778503417969],
    [0.0, 0.0, 0.0, 1.0]
],
  "dcmmeta_reorient_transform": [
    [0.0, 0.0, -1.0, 287.0],
    [0.0, -1.0, 0.0, 287.0],
    [-1.0, 0.0, 0.0, 223.0],
    [0.0, 0.0, 0.0, 1.0]
],
  "dcmmeta_shape": [224, 288, 288],
  "dcmmeta_slice_dim": 0,
  "dcmmeta_version": 0.6,
  "global": {
    "const": {
      "AcquisitionMatrix": [0, 288, 288, 0],
      "AcquisitionNumber": 1,
      "AcquisitionTime": "181454.117500",
      "AngioFlag": "N",
      "BitsAllocated": 16,
      "BitsStored": 12,
      "BodyPartExamined": "BRAIN",
      "Columns": 288,
      "EchoNumbers": 1,
      "EchoTime": 2.26,
      "EchoTrainLength": 1,
      "FlipAngle": 8.0,
      "HighBit": 11,
      "ImageOrientationPatient": [-0.0301923105909, 0.99248359060676, 0.11859488503935, 0.04792751560178, 0.11994997842215, -0.9916223857521],
      "ImageType": [
        "ORIGINAL",
        "PRIMARY",
        "M",
        "NORM",
        "DIS3D",
        "DIS2D"
],
      "ImagedNucleus": "1H",
      "ImagingFrequency": 123.224836,
      "InPlanePhaseEncodingDirection": "ROW",
      "InversionTime": 1000.0,
      "MRAcquisitionType": "3D",
      "MagneticFieldStrength": 3.0,
      "Manufacturer": "SIEMENS",
      "ManufacturerModelName": "Skyra",
      "Modality": "MR",
      "NumberOfAverages": 1.0,
      "NumberOfPhaseEncodingSteps": 331,
      "PercentPhaseFieldOfView": 100.0,
      "PercentSampling": 100.0,
      "PerformedProcedureStepStartTime": "181311.518000",
      "PhotometricInterpretation": "MONOCHROME2",
      "PixelBandwidth": 210.0,
      "PixelRepresentation": 0,
      "PixelSpacing": [0.77777779102325, 0.77777779102325],
      "ProtocolName": "T1_Pat4_08mm_Pat2_224Sl",
      "RepetitionTime": 2400.0,
      "Rows": 288,
      "SAR": 0.05180246824057,
      "SamplesPerPixel": 1,
      "ScanOptions": [
        "IR",
        "WE"
],
      "ScanningSequence": [
        "GR",
        "IR"
],
      "SequenceName": "*tfl3d1_16ns",
      "SequenceVariant": [
        "SK",
        "SP",
        "MP",
        "OSP"
],
      "SeriesDescription": "T1_Pat4_08mm_Pat2_224Sl",
      "SeriesNumber": 5,
      "SeriesTime": "182217.875000",
      "SliceThickness": 0.80000001192093,
      "SmallestImagePixelValue": 0,
      "SoftwareVersions": "syngo MR E11",
      "SpecificCharacterSet": "ISO_IR 100",
      "StudyID": "1",
      "StudyTime": "181311.454000",
      "TransmitCoilName": "Body",
      "VariableFlipAngleFlag": "N",
      "WindowCenterWidthExplanation": "Algo1",
      "dBdt": 0.0},
