{
  "AcquisitionMatrixPE": 288,
  "AcquisitionNumber": 1,
  "AcquisitionTime": "13:59:2.100000",
  "BaseResolution": 288,
  "BodyPartExamined": "HEAD",
  "ConsistencyInfo": "N4_VE11C_LATEST_20160120",
  "ConversionSoftware": "dcm2niix",
  "ConversionSoftwareVersion": "v1.0.20190410  GCC6.3.0",
  "DeviceSerialNumber": "45250",
  "DwellTime": 8.2e-06,
  "EchoTime": 0.00226,
  "FlipAngle": 8,
  "ImageOrientationPatientDICOM": [-0.0667406, 0.967147, 0.2453, -0.0250237, 0.244148, -0.969415],
  "ImageType": [
    "ORIGINAL",
    "PRIMARY",
    "M",
    "NORM",
    "DIS3D",
    "DIS2D"
],
  "ImagingFrequency": 123.224,
  "InPlanePhaseEncodingDirectionDICOM": "ROW",
  "InstitutionAddress": "Kopernikusstr._26_Graz_Graz_AT_8010",
  "InstitutionName": "KFU",
  "InstitutionalDepartmentName": "Department",
  "InversionTime": 1,
  "MRAcquisitionType": "3D",
  "MagneticFieldStrength": 3,
  "Manufacturer": "Siemens",
  "ManufacturersModelName": "Skyra",
  "Modality": "MR",
  "PartialFourier": 1,
  "PatientPosition": "HFS",
  "PercentPhaseFOV": 100,
  "PhaseEncodingSteps": 331,
  "PhaseOversampling": 0.15,
  "PhaseResolution": 1,
  "PixelBandwidth": 210,
  "ProcedureStepDescription": "KFU_MRI_Lab",
  "ProtocolName": "T1_Pat4_08mm_Pat2_224Sl",
  "PulseSequenceDetails": "%SiemensSeq%_tfl",
  "ReceiveCoilActiveElements": "HEA;HEP",
  "ReceiveCoilName": "Head_32",
  "ReconMatrixPE": 288,
  "RefLinesPE": 24,
  "RepetitionTime": 2.4,
  "SAR": 0.0582916,
  "ScanOptions": "IR_WE",
  "ScanningSequence": "GR_IR",
  "SequenceName": "_tfl3d1_16ns",
  "SequenceVariant": "SK_SP_MP_OSP",
  "SeriesDescription": "T1_Pat4_08mm_Pat2_224Sl",
  "SeriesNumber": 5,
  "ShimSetting": [-962, -2646, -4293, 498, 721, 504, 704, -960],
  "SliceThickness": 0.8,
  "SoftwareVersions": "syngo_MR_E11",
  "StationName": "FBMTMR1",
  "TxRefAmp": 323.602,
  "dcmmeta_affine": [
    [0.7979652285575867, -0.05190937593579292, -0.019462915137410164, -79.19480895996094],
    [0.05667014792561531, 0.7522256374359131, 0.1898929476737976, -152.85760498046875],
    [0.006325641181319952, -0.19078867137432098, 0.7539895176887512, -70.52485656738281],
    [0.0, 0.0, 0.0, 1.0]
],
  "dcmmeta_reorient_transform": [
    [0.0, 0.0, -1.0, 287.0],
    [0.0, -1.0, 0.0, 287.0],
    [-1.0, 0.0, 0.0, 223.0],
    [0.0, 0.0, 0.0, 1.0]
],
  "dcmmeta_shape": [224, 288, 288],
  "dcmmeta_slice_dim": 0,
  "dcmmeta_version": 0.6,
  "global": {
    "const": {
      "AcquisitionMatrix": [0, 288, 288, 0],
      "AcquisitionNumber": 1,
      "AcquisitionTime": "135902.100000",
      "AngioFlag": "N",
      "BitsAllocated": 16,
      "BitsStored": 12,
      "BodyPartExamined": "HEAD",
      "Columns": 288,
      "EchoNumbers": 1,
      "EchoTime": 2.26,
      "EchoTrainLength": 1,
      "FlipAngle": 8.0,
      "HighBit": 11,
      "ImageOrientationPatient": [-0.0667406274402, 0.96714721818984, 0.24529970851294, -0.0250237465135, 0.24414807099082, -0.9694150460674],
      "ImageType": [
        "ORIGINAL",
        "PRIMARY",
        "M",
        "NORM",
        "DIS3D",
        "DIS2D"
],
      "ImagedNucleus": "1H",
      "ImagingFrequency": 123.224148,
      "InPlanePhaseEncodingDirection": "ROW",
      "InversionTime": 1000.0,
      "MRAcquisitionType": "3D",
      "MagneticFieldStrength": 3.0,
      "Manufacturer": "SIEMENS",
      "ManufacturerModelName": "Skyra",
      "Modality": "MR",
      "NumberOfAverages": 1.0,
      "NumberOfPhaseEncodingSteps": 331,
      "PercentPhaseFieldOfView": 100.0,
      "PercentSampling": 100.0,
      "PerformedProcedureStepStartTime": "135237.769000",
      "PhotometricInterpretation": "MONOCHROME2",
      "PixelBandwidth": 210.0,
      "PixelRepresentation": 0,
      "PixelSpacing": [0.77777779102325, 0.77777779102325],
      "ProtocolName": "T1_Pat4_08mm_Pat2_224Sl",
      "RepetitionTime": 2400.0,
      "Rows": 288,
      "SAR": 0.05829163652042,
      "SamplesPerPixel": 1,
      "ScanOptions": [
        "IR",
        "WE"
],
      "ScanningSequence": [
        "GR",
        "IR"
],
      "SequenceName": "*tfl3d1_16ns",
      "SequenceVariant": [
        "SK",
        "SP",
        "MP",
        "OSP"
],
      "SeriesDescription": "T1_Pat4_08mm_Pat2_224Sl",
      "SeriesNumber": 5,
      "SeriesTime": "140626.030000",
      "SliceThickness": 0.80000001192093,
      "SmallestImagePixelValue": 0,
      "SoftwareVersions": "syngo MR E11",
      "SpecificCharacterSet": "ISO_IR 100",
      "StudyID": "1",
      "StudyTime": "135237.708000",
      "TransmitCoilName": "Body",
      "VariableFlipAngleFlag": "N",
      "WindowCenterWidthExplanation": "Algo1",
      "dBdt": 0.0},
