{
  "AcquisitionMatrixPE": 120,
  "AcquisitionNumber": 1,
  "AcquisitionTime": "12:04:15.365000",
  "BandwidthPerPixelPhaseEncode": 7.862,
  "BaseResolution": 120,
  "BodyPartExamined": "BRAIN",
  "ConsistencyInfo": "N4_VE11C_LATEST_20160120",
  "ConversionSoftware": "dcm2niix",
  "ConversionSoftwareVersion": "v1.0.20190410  GCC6.3.0",
  "DerivedVendorReportedEchoSpacing": 0.00105995,
  "DeviceSerialNumber": "45250",
  "DiffusionScheme": "Monopolar",
  "DwellTime": 3.9e-06,
  "EchoTime": 0.125,
  "EchoTrainLength": 90,
  "EffectiveEchoSpacing": 0.00105995,
  "FlipAngle": 90,
  "ImageOrientationPatientDICOM": [
    0.998578,
    -0.0136817,
    -0.0515307,
    -4.34022e-08,
    0.966513,
    -0.256616
  ],
  "ImageType": [
    "ORIGINAL",
    "PRIMARY",
    "DIFFUSION",
    "NONE",
    "ND",
    "NORM"
  ],
  "ImagingFrequency": 123.224,
  "InPlanePhaseEncodingDirectionDICOM": "COL",
  "InstitutionAddress": "Kopernikusstr._26_Graz_Graz_AT_8010",
  "InstitutionName": "KFU",
  "InstitutionalDepartmentName": "Department",
  "MRAcquisitionType": "2D",
  "MagneticFieldStrength": 3,
  "Manufacturer": "Siemens",
  "ManufacturersModelName": "Skyra",
  "Modality": "MR",
  "MultibandAccelerationFactor": 4,
  "PartialFourier": 0.75,
  "PatientPosition": "HFS",
  "PercentPhaseFOV": 100,
  "PhaseEncodingDirection": "j",
  "PhaseEncodingSteps": 90,
  "PhaseResolution": 1,
  "PixelBandwidth": 1070,
  "ProcedureStepDescription": "KFU_MRI_Lab",
  "ProtocolName": "SMS_MS_b3000_64d_PA",
  "PulseSequenceDetails": "%SiemensSeq%_ep2d_diff",
  "ReceiveCoilActiveElements": "HEA;HEP",
  "ReceiveCoilName": "Head_32",
  "ReconMatrixPE": 120,
  "RefLinesPE": 20,
  "RepetitionTime": 3.5,
  "SAR": 0.15344,
  "ScanOptions": "PFP_FS",
  "ScanningSequence": "EP",
  "SequenceName": "_ep_b0",
  "SequenceVariant": "SK_SP",
  "SeriesDescription": "SMS_MS_b3000_64d_PA",
  "SeriesNumber": 11,
  "ShimSetting": [
    -962,
    -2583,
    -4188,
    524,
    732,
    836,
    415,
    -1035
  ],
  "SliceThickness": 2,
  "SoftwareVersions": "syngo_MR_E11",
  "SpacingBetweenSlices": 2,
  "StationName": "FBMTMR1",
  "TotalReadoutTime": 0.126134,
  "TxRefAmp": 329.808,
  "dcmmeta_affine": [
    [
      -1.9971554279327393,
      -8.680431307084291e-08,
      -0.10663223266601562,
      120.45317077636719
    ],
    [
      0.027363449335098267,
      1.933026671409607,
      -0.5125007629394531,
      -123.45198059082031
    ],
    [
      -0.10306132584810257,
      0.5132327675819397,
      1.9302749633789062,
      -69.93184661865234
    ],
    [
      0,
      0,
      0,
      1
    ]
  ],
  "dcmmeta_reorient_transform": [
    [
      0,
      -1,
      0,
      119
    ],
    [
      1,
      0,
      0,
      0
    ],
    [
      0,
      0,
      -1,
      67
    ],
    [
      0,
      0,
      0,
      1
    ]
  ],
  "dcmmeta_shape": [
    120,
    120,
    68
  ],
  "dcmmeta_slice_dim": 2,
  "dcmmeta_version": 0.6,
  "global": {
    "const": {
      "AcquisitionMatrix": [
        120,
        0,
        0,
        120
      ],
      "AcquisitionNumber": 1,
      "AngioFlag": "N",
      "BitsAllocated": 16,
      "BitsStored": 12,
      "BodyPartExamined": "BRAIN",
      "Columns": 120,
      "EchoNumbers": 1,
      "EchoTime": 125,
      "EchoTrainLength": 90,
      "FlipAngle": 90,
      "HighBit": 11,
      "ImageOrientationPatient": [
        0.99857768914236,
        -0.0136817245211,
        -0.0515306623404,
        -4.3402155e-08,
        0.96651333583745,
        -0.2566163900618
      ],
      "ImageType": [
        "ORIGINAL",
        "PRIMARY",
        "DIFFUSION",
        "NONE",
        "ND",
        "NORM"
      ],
      "ImagedNucleus": "1H",
      "ImagingFrequency": 123.224443,
      "InPlanePhaseEncodingDirection": "COL",
      "MRAcquisitionType": "2D",
      "MagneticFieldStrength": 3,
      "Manufacturer": "SIEMENS",
      "ManufacturerModelName": "Skyra",
      "Modality": "MR",
      "NumberOfAverages": 1,
      "NumberOfPhaseEncodingSteps": 90,
      "PercentPhaseFieldOfView": 100,
      "PercentSampling": 100,
      "PerformedProcedureStepStartTime": "114554.068000",
      "PhotometricInterpretation": "MONOCHROME2",
      "PixelBandwidth": 1070,
      "PixelRepresentation": 0,
      "PixelSpacing": [
        2,
        2
      ],
      "ProtocolName": "SMS_MS_b3000_64d_PA",
      "RepetitionTime": 3500,
      "Rows": 120,
      "SAR": 0.15344025114246,
      "SamplesPerPixel": 1,
      "ScanOptions": [
        "PFP",
        "FS"
      ],
      "ScanningSequence": "EP",
      "SequenceName": "*ep_b0",
      "SequenceVariant": [
        "SK",
        "SP"
      ],
      "SeriesDescription": "SMS_MS_b3000_64d_PA",
      "SeriesNumber": 11,
      "SeriesTime": "120420.710000",
      "SliceThickness": 2,
      "SmallestImagePixelValue": 0,
      "SoftwareVersions": "syngo MR E11",
      "SpacingBetweenSlices": 2,
      "SpecificCharacterSet": "ISO_IR 100",
      "StudyID": "1",
      "StudyTime": "114553.883000",
      "TransmitCoilName": "Body",
      "VariableFlipAngleFlag": "N",
      "WindowCenterWidthExplanation": "Algo1",
      "dBdt": 0
    },
